

GROUP Build
REDIRECTS: ON
RESTRICTION: >= portable-net45+win8+wp8+wpa81
NUGET
  remote: https://www.nuget.org/api/v2
    FAKE (4.63)
    FSharp.Compiler.Service (2.0.0.6)
    FSharp.Core (4.0.0.1)
    FSharp.Formatting (2.14.4)
      FSharp.Compiler.Service (2.0.0.6)
      FSharpVSPowerTools.Core (>= 2.3 < 2.4)
    FSharpVSPowerTools.Core (2.3)
      FSharp.Compiler.Service (>= 2.0.0.3)
    FsXaml.Wpf (3.1.6)
    Microsoft.NETCore.Platforms (2.0) - restriction: || (&& (< net45) (>= net451) (< netstandard1.3)) (&& (< net45) (>= net46) (< netstandard1.4)) (&& (< net45) (>= net461)) (&& (< net45) (>= netstandard1.1) (< portable-net451+win81+wpa81)) (&& (< net45) (>= netstandard1.2) (< netstandard1.3) (< monoandroid) (< wpa81)) (&& (< net45) (>= netstandard1.2) (< win8) (< portable-net451+win81+wpa81)) (&& (< net45) (< netstandard1.2) (>= netstandard1.3) (< monoandroid) (< win8)) (&& (< net45) (< netstandard1.2) (>= netstandard1.4) (< monoandroid) (< win8)) (&& (< net45) (>= netstandard1.3) (< netstandard1.4) (< monoandroid) (< wpa81)) (&& (< net45) (>= netstandard1.3) (< win8) (< portable-net451+win81+wpa81)) (&& (< net45) (< netstandard1.3) (>= netstandard1.4) (< monoandroid) (< win8) (< wpa81)) (&& (< net45) (>= netstandard1.4) (< netstandard1.5) (< monoandroid) (< wpa81)) (&& (< net45) (>= netstandard1.5) (< monoandroid)) (&& (< net45) (>= netstandard1.5) (< portable-net451+win81+wpa81)) (&& (>= net46) (>= dnxcore50)) (>= uap10.0) (&& (>= dnxcore50) (>= netstandard1.1)) (&& (>= dnxcore50) (>= netstandard1.2)) (&& (>= dnxcore50) (>= netstandard1.3)) (&& (>= dnxcore50) (>= netstandard1.4)) (&& (>= dnxcore50) (>= netstandard1.5)) (&& (< netstandard1.0) (>= netstandard1.1) (>= monoandroid)) (&& (< netstandard1.0) (>= netstandard1.1) (< monoandroid) (>= portable-net451+win81+wpa81)) (&& (< netstandard1.0) (>= netstandard1.1) (< portable-net451+win81+wpa81)) (&& (>= netstandard1.1) (< portable-net45+win8+wpa81)) (&& (< netstandard1.1) (>= netstandard1.2) (< monoandroid) (< win8)) (&& (< netstandard1.1) (>= netstandard1.3) (< monoandroid) (< win8)) (&& (< netstandard1.1) (>= netstandard1.4) (< monoandroid) (< win8)) (&& (< netstandard1.1) (>= netstandard1.5) (< monoandroid)) (&& (>= netstandard1.2) (< portable-net45+win8+wpa81)) (&& (>= netstandard1.3) (< portable-net45+win8+wpa81)) (&& (< netstandard1.3) (>= netcoreapp1.1)) (&& (< netstandard1.3) (>= wpa81)) (&& (< netstandard1.4) (>= netcoreapp1.1)) (&& (>= netstandard1.5) (< portable-net45+win8+wpa81)) (&& (< netstandard1.5) (>= netcoreapp1.1)) (>= netstandard1.6) (&& (< netstandard2.0) (>= netcoreapp1.1)) (&& (>= netcoreapp1.1) (< portable-net451+win81+wpa81))
    Microsoft.NETCore.Targets (2.0) - restriction: || (&& (< net45) (>= net451) (< netstandard1.3)) (&& (< net45) (>= net46) (< netstandard1.4)) (&& (< net45) (>= netstandard1.1) (< win8) (< portable-net451+win81+wpa81)) (&& (< net45) (>= netstandard1.2) (< netstandard1.3) (< monoandroid) (< win8) (< wpa81)) (&& (< net45) (>= netstandard1.2) (< netstandard1.3) (< monoandroid) (< win81) (< wpa81)) (&& (< net45) (>= netstandard1.2) (< win8) (< portable-net451+win81+wpa81)) (&& (< net45) (< netstandard1.2) (>= netstandard1.3) (< monoandroid) (< win8)) (&& (< net45) (< netstandard1.2) (>= netstandard1.4) (< monoandroid) (< win8)) (&& (< net45) (< netstandard1.2) (>= netstandard1.5) (< monoandroid)) (&& (< net45) (>= netstandard1.3) (< netstandard1.4) (< monoandroid) (< wpa81)) (&& (< net45) (>= netstandard1.3) (< win8) (< portable-net451+win81+wpa81)) (&& (< net45) (< netstandard1.3) (>= netstandard1.4) (< monoandroid) (< win8) (< wpa81)) (&& (< net45) (< netstandard1.3) (>= netstandard1.5) (< monoandroid)) (&& (< net45) (>= netstandard1.4) (< netstandard1.5) (< monoandroid) (< wpa81)) (&& (< net45) (< netstandard1.4) (>= netstandard1.5) (< monoandroid)) (&& (< net45) (>= netstandard1.5) (< netstandard1.6) (< monoandroid)) (&& (< net45) (>= netstandard1.5) (< portable-net451+win81+wpa81)) (&& (>= net46) (>= dnxcore50)) (&& (>= net46) (< netstandard1.4) (>= netstandard1.6)) (&& (>= uap10.0) (< uap10.1)) (&& (>= uap10.0) (>= dnxcore50)) (&& (>= uap10.0) (< netstandard1.1) (< win8)) (&& (>= uap10.0) (< netstandard1.2) (< win8)) (&& (>= uap10.0) (>= netstandard1.5)) (&& (>= uap10.0) (>= netstandard1.6)) (&& (>= uap10.0) (>= netcoreapp1.1)) (&& (>= uap10.0) (< win8) (< wpa81)) (&& (>= uap10.0) (< win81) (< wpa81)) (&& (>= dnxcore50) (>= netstandard1.1)) (&& (>= dnxcore50) (>= netstandard1.2)) (&& (>= dnxcore50) (>= netstandard1.3)) (&& (>= dnxcore50) (>= netstandard1.4)) (&& (>= dnxcore50) (>= netstandard1.5)) (&& (>= dnxcore50) (>= netstandard1.6)) (&& (< netstandard1.0) (>= netstandard1.1) (< monoandroid) (< win8) (>= portable-net451+win81+wpa81)) (&& (< netstandard1.0) (>= netstandard1.1) (< win8) (< portable-net451+win81+wpa81)) (&& (>= netstandard1.1) (< portable-net45+win8+wpa81)) (&& (< netstandard1.1) (>= netstandard1.2) (< monoandroid) (< win8)) (&& (< netstandard1.1) (>= netstandard1.3) (< monoandroid) (< win8)) (&& (< netstandard1.1) (>= netstandard1.4) (< monoandroid) (< win8)) (&& (< netstandard1.1) (>= netstandard1.5) (< monoandroid)) (&& (< netstandard1.1) (>= netstandard1.6) (< monoandroid)) (&& (>= netstandard1.2) (< portable-net45+win8+wpa81)) (&& (< netstandard1.2) (>= netstandard1.6) (< monoandroid)) (&& (>= netstandard1.3) (< portable-net45+win8+wpa81)) (&& (< netstandard1.3) (>= netstandard1.6) (< monoandroid)) (&& (< netstandard1.3) (>= netcoreapp1.1)) (&& (< netstandard1.4) (>= netstandard1.6) (< monoandroid)) (&& (< netstandard1.4) (>= netcoreapp1.1)) (&& (>= netstandard1.5) (< portable-net45+win8+wpa81)) (&& (< netstandard1.5) (>= netstandard1.6) (< monoandroid)) (&& (< netstandard1.5) (>= netcoreapp1.1)) (&& (>= netstandard1.6) (< netstandard2.0) (< monotouch) (< xamarintvos) (< xamarinwatchos) (< xamarinios) (< xamarinmac)) (&& (>= netstandard1.6) (< portable-net451+win81+wpa81)) (&& (< netstandard1.6) (>= netcoreapp1.1)) (&& (< netstandard2.0) (>= netcoreapp1.1)) (&& (>= netcoreapp1.1) (< portable-net451+win81+wpa81))
    Microsoft.Win32.Primitives (4.3) - restriction: || (&& (< net45) (>= net46) (< netstandard1.4)) (&& (< net45) (>= netstandard1.3) (< netstandard1.4) (< monoandroid) (< wpa81)) (&& (< net45) (>= netstandard1.3) (< win8) (< portable-net451+win81+wpa81)) (&& (< net45) (>= netstandard1.4) (< netstandard1.5) (< monoandroid) (< wpa81)) (&& (< net45) (>= netstandard1.5) (< netstandard1.6) (< monoandroid)) (&& (>= uap10.0) (< uap10.1)) (&& (>= uap10.0) (< win8) (< wpa81)) (&& (>= netstandard1.6) (< netstandard2.0) (< monotouch) (< xamarintvos) (< xamarinwatchos) (< xamarinios) (< xamarinmac))
      Microsoft.NETCore.Platforms (>= 1.1) - restriction: && (< net46) (>= netstandard1.3) (< monotouch) (< xamarintvos) (< xamarinwatchos) (< xamarinios) (< xamarinmac)
      Microsoft.NETCore.Targets (>= 1.1) - restriction: && (< net46) (>= netstandard1.3) (< monotouch) (< xamarintvos) (< xamarinwatchos) (< xamarinios) (< xamarinmac)
      System.Runtime (>= 4.3) - restriction: && (< net46) (>= netstandard1.3) (< monotouch) (< xamarintvos) (< xamarinwatchos) (< xamarinios) (< xamarinmac)
    NETStandard.Library (2.0) - restriction: && (< net45) (>= netstandard1.1)
      Microsoft.NETCore.Platforms (>= 1.1)
      Microsoft.Win32.Primitives (>= 4.3) - restriction: || (&& (< net45) (>= netstandard1.3) (< netstandard1.4) (< monoandroid) (< wpa81)) (&& (< net45) (>= netstandard1.4) (< netstandard1.5) (< monoandroid) (< wpa81)) (&& (< net45) (>= netstandard1.5) (< netstandard1.6) (< monoandroid)) (&& (>= net46) (< netstandard1.4)) (&& (>= uap10.0) (< uap10.1)) (&& (>= netstandard1.6) (< netstandard2.0) (< monotouch) (< xamarintvos) (< xamarinwatchos) (< xamarinios) (< xamarinmac))
      System.AppContext (>= 4.3) - restriction: || (&& (< net45) (>= netstandard1.3) (< netstandard1.4) (< monoandroid) (< wpa81)) (&& (< net45) (>= netstandard1.4) (< netstandard1.5) (< monoandroid) (< wpa81)) (&& (< net45) (>= netstandard1.5) (< netstandard1.6) (< monoandroid)) (&& (>= net46) (< netstandard1.4)) (&& (>= uap10.0) (< uap10.1)) (&& (>= netstandard1.6) (< netstandard2.0) (< monotouch) (< xamarintvos) (< xamarinwatchos) (< xamarinios) (< xamarinmac))
      System.Collections (>= 4.3) - restriction: || (&& (< net45) (>= netstandard1.1) (< portable-net451+win81+wpa81)) (&& (< net45) (>= netstandard1.2) (< netstandard1.3) (< monoandroid) (< wpa81)) (&& (< net45) (>= netstandard1.3) (< netstandard1.4) (< monoandroid) (< wpa81)) (&& (< net45) (>= netstandard1.4) (< netstandard1.5) (< monoandroid) (< wpa81)) (&& (< net45) (>= netstandard1.5) (< netstandard1.6) (< monoandroid)) (&& (>= uap10.0) (< uap10.1)) (&& (>= netstandard1.0) (< portable-net45+win8+wpa81)) (&& (>= netstandard1.6) (< netstandard2.0) (< monotouch) (< xamarintvos) (< xamarinwatchos) (< xamarinios) (< xamarinmac))
      System.Collections.Concurrent (>= 4.3) - restriction: || (&& (< net45) (>= netstandard1.1) (< portable-net451+win81+wpa81)) (&& (< net45) (>= netstandard1.2) (< netstandard1.3) (< monoandroid) (< wpa81)) (&& (< net45) (>= netstandard1.3) (< netstandard1.4) (< monoandroid) (< wpa81)) (&& (< net45) (>= netstandard1.4) (< netstandard1.5) (< monoandroid) (< wpa81)) (&& (< net45) (>= netstandard1.5) (< netstandard1.6) (< monoandroid)) (&& (>= uap10.0) (< uap10.1)) (&& (>= netstandard1.6) (< netstandard2.0) (< monotouch) (< xamarintvos) (< xamarinwatchos) (< xamarinios) (< xamarinmac))
      System.Console (>= 4.3) - restriction: || (&& (< net45) (>= netstandard1.3) (< netstandard1.4) (< monoandroid) (< wpa81)) (&& (< net45) (>= netstandard1.4) (< netstandard1.5) (< monoandroid) (< wpa81)) (&& (< net45) (>= netstandard1.5) (< netstandard1.6) (< monoandroid)) (&& (>= net46) (< netstandard1.4)) (&& (>= uap10.0) (< uap10.1)) (&& (>= netstandard1.6) (< netstandard2.0) (< monotouch) (< xamarintvos) (< xamarinwatchos) (< xamarinios) (< xamarinmac))
      System.Diagnostics.Debug (>= 4.3) - restriction: || (&& (< net45) (>= netstandard1.1) (< portable-net451+win81+wpa81)) (&& (< net45) (>= netstandard1.2) (< netstandard1.3) (< monoandroid) (< wpa81)) (&& (< net45) (>= netstandard1.3) (< netstandard1.4) (< monoandroid) (< wpa81)) (&& (< net45) (>= netstandard1.4) (< netstandard1.5) (< monoandroid) (< wpa81)) (&& (< net45) (>= netstandard1.5) (< netstandard1.6) (< monoandroid)) (&& (>= uap10.0) (< uap10.1)) (&& (>= netstandard1.0) (< portable-net45+win8+wpa81)) (&& (>= netstandard1.6) (< netstandard2.0) (< monotouch) (< xamarintvos) (< xamarinwatchos) (< xamarinios) (< xamarinmac))
      System.Diagnostics.Tools (>= 4.3) - restriction: || (&& (< net45) (>= netstandard1.1) (< portable-net451+win81+wpa81)) (&& (< net45) (>= netstandard1.2) (< netstandard1.3) (< monoandroid) (< wpa81)) (&& (< net45) (>= netstandard1.3) (< netstandard1.4) (< monoandroid) (< wpa81)) (&& (< net45) (>= netstandard1.4) (< netstandard1.5) (< monoandroid) (< wpa81)) (&& (< net45) (>= netstandard1.5) (< netstandard1.6) (< monoandroid)) (&& (>= uap10.0) (< uap10.1)) (&& (>= netstandard1.0) (< portable-net45+win8+wpa81)) (&& (>= netstandard1.6) (< netstandard2.0) (< monotouch) (< xamarintvos) (< xamarinwatchos) (< xamarinios) (< xamarinmac))
      System.Diagnostics.Tracing (>= 4.3) - restriction: || (&& (< net45) (>= netstandard1.1) (< portable-net451+win81+wpa81)) (&& (< net45) (>= netstandard1.2) (< netstandard1.3) (< monoandroid) (< wpa81)) (&& (< net45) (>= netstandard1.3) (< netstandard1.4) (< monoandroid) (< wpa81)) (&& (< net45) (>= netstandard1.4) (< netstandard1.5) (< monoandroid) (< wpa81)) (&& (< net45) (>= netstandard1.5) (< netstandard1.6) (< monoandroid)) (&& (>= uap10.0) (< uap10.1)) (&& (>= netstandard1.6) (< netstandard2.0) (< monotouch) (< xamarintvos) (< xamarinwatchos) (< xamarinios) (< xamarinmac))
      System.Globalization (>= 4.3) - restriction: || (&& (< net45) (>= netstandard1.1) (< portable-net451+win81+wpa81)) (&& (< net45) (>= netstandard1.2) (< netstandard1.3) (< monoandroid) (< wpa81)) (&& (< net45) (>= netstandard1.3) (< netstandard1.4) (< monoandroid) (< wpa81)) (&& (< net45) (>= netstandard1.4) (< netstandard1.5) (< monoandroid) (< wpa81)) (&& (< net45) (>= netstandard1.5) (< netstandard1.6) (< monoandroid)) (&& (>= uap10.0) (< uap10.1)) (&& (>= netstandard1.0) (< portable-net45+win8+wpa81)) (&& (>= netstandard1.6) (< netstandard2.0) (< monotouch) (< xamarintvos) (< xamarinwatchos) (< xamarinios) (< xamarinmac))
      System.Globalization.Calendars (>= 4.3) - restriction: || (&& (< net45) (>= netstandard1.3) (< netstandard1.4) (< monoandroid) (< wpa81)) (&& (< net45) (>= netstandard1.4) (< netstandard1.5) (< monoandroid) (< wpa81)) (&& (< net45) (>= netstandard1.5) (< netstandard1.6) (< monoandroid)) (&& (>= net46) (< netstandard1.4)) (&& (>= uap10.0) (< uap10.1)) (&& (>= netstandard1.6) (< netstandard2.0) (< monotouch) (< xamarintvos) (< xamarinwatchos) (< xamarinios) (< xamarinmac))
      System.IO (>= 4.3) - restriction: || (&& (< net45) (>= netstandard1.1) (< portable-net451+win81+wpa81)) (&& (< net45) (>= netstandard1.2) (< netstandard1.3) (< monoandroid) (< wpa81)) (&& (< net45) (>= netstandard1.3) (< netstandard1.4) (< monoandroid) (< wpa81)) (&& (< net45) (>= netstandard1.4) (< netstandard1.5) (< monoandroid) (< wpa81)) (&& (< net45) (>= netstandard1.5) (< netstandard1.6) (< monoandroid)) (&& (>= uap10.0) (< uap10.1)) (&& (>= netstandard1.0) (< portable-net45+win8+wpa81)) (&& (>= netstandard1.6) (< netstandard2.0) (< monotouch) (< xamarintvos) (< xamarinwatchos) (< xamarinios) (< xamarinmac))
      System.IO.Compression (>= 4.3) - restriction: || (&& (< net45) (>= netstandard1.1) (< portable-net451+win81+wpa81)) (&& (< net45) (>= netstandard1.2) (< netstandard1.3) (< monoandroid) (< wpa81)) (&& (< net45) (>= netstandard1.3) (< netstandard1.4) (< monoandroid) (< wpa81)) (&& (< net45) (>= netstandard1.4) (< netstandard1.5) (< monoandroid) (< wpa81)) (&& (< net45) (>= netstandard1.5) (< netstandard1.6) (< monoandroid)) (&& (>= net46) (< netstandard1.4)) (&& (>= uap10.0) (< uap10.1)) (&& (>= netstandard1.6) (< netstandard2.0) (< monotouch) (< xamarintvos) (< xamarinwatchos) (< xamarinios) (< xamarinmac))
      System.IO.Compression.ZipFile (>= 4.3) - restriction: || (&& (< net45) (>= netstandard1.3) (< netstandard1.4) (< monoandroid) (< wpa81)) (&& (< net45) (>= netstandard1.4) (< netstandard1.5) (< monoandroid) (< wpa81)) (&& (< net45) (>= netstandard1.5) (< netstandard1.6) (< monoandroid)) (&& (>= net46) (< netstandard1.4)) (&& (>= uap10.0) (< uap10.1)) (&& (>= netstandard1.6) (< netstandard2.0) (< monotouch) (< xamarintvos) (< xamarinwatchos) (< xamarinios) (< xamarinmac))
      System.IO.FileSystem (>= 4.3) - restriction: || (&& (< net45) (>= netstandard1.3) (< netstandard1.4) (< monoandroid) (< wpa81)) (&& (< net45) (>= netstandard1.4) (< netstandard1.5) (< monoandroid) (< wpa81)) (&& (< net45) (>= netstandard1.5) (< netstandard1.6) (< monoandroid)) (&& (>= net46) (< netstandard1.4)) (&& (>= uap10.0) (< uap10.1)) (&& (>= netstandard1.6) (< netstandard2.0) (< monotouch) (< xamarintvos) (< xamarinwatchos) (< xamarinios) (< xamarinmac))
      System.IO.FileSystem.Primitives (>= 4.3) - restriction: || (&& (< net45) (>= netstandard1.3) (< netstandard1.4) (< monoandroid) (< wpa81)) (&& (< net45) (>= netstandard1.4) (< netstandard1.5) (< monoandroid) (< wpa81)) (&& (< net45) (>= netstandard1.5) (< netstandard1.6) (< monoandroid)) (&& (>= net46) (< netstandard1.4)) (&& (>= uap10.0) (< uap10.1)) (&& (>= netstandard1.6) (< netstandard2.0) (< monotouch) (< xamarintvos) (< xamarinwatchos) (< xamarinios) (< xamarinmac))
      System.Linq (>= 4.3) - restriction: || (&& (< net45) (>= netstandard1.1) (< portable-net451+win81+wpa81)) (&& (< net45) (>= netstandard1.2) (< netstandard1.3) (< monoandroid) (< wpa81)) (&& (< net45) (>= netstandard1.3) (< netstandard1.4) (< monoandroid) (< wpa81)) (&& (< net45) (>= netstandard1.4) (< netstandard1.5) (< monoandroid) (< wpa81)) (&& (< net45) (>= netstandard1.5) (< netstandard1.6) (< monoandroid)) (&& (>= uap10.0) (< uap10.1)) (&& (>= netstandard1.0) (< portable-net45+win8+wpa81)) (&& (>= netstandard1.6) (< netstandard2.0) (< monotouch) (< xamarintvos) (< xamarinwatchos) (< xamarinios) (< xamarinmac))
      System.Linq.Expressions (>= 4.3) - restriction: || (&& (< net45) (>= netstandard1.1) (< portable-net451+win81+wpa81)) (&& (< net45) (>= netstandard1.2) (< netstandard1.3) (< monoandroid) (< wpa81)) (&& (< net45) (>= netstandard1.3) (< netstandard1.4) (< monoandroid) (< wpa81)) (&& (< net45) (>= netstandard1.4) (< netstandard1.5) (< monoandroid) (< wpa81)) (&& (< net45) (>= netstandard1.5) (< netstandard1.6) (< monoandroid)) (&& (>= uap10.0) (< uap10.1)) (&& (>= netstandard1.0) (< portable-net45+win8+wpa81)) (&& (>= netstandard1.6) (< netstandard2.0) (< monotouch) (< xamarintvos) (< xamarinwatchos) (< xamarinios) (< xamarinmac))
      System.Net.Http (>= 4.3.2) - restriction: || (&& (< net45) (>= netstandard1.1) (< portable-net451+win81+wpa81)) (&& (< net45) (>= netstandard1.2) (< netstandard1.3) (< monoandroid) (< wpa81)) (&& (< net45) (>= netstandard1.3) (< netstandard1.4) (< monoandroid) (< wpa81)) (&& (< net45) (>= netstandard1.4) (< netstandard1.5) (< monoandroid) (< wpa81)) (&& (< net45) (>= netstandard1.5) (< netstandard1.6) (< monoandroid)) (&& (>= net46) (< netstandard1.4)) (&& (>= uap10.0) (< uap10.1)) (&& (>= netstandard1.6) (< netstandard2.0) (< monotouch) (< xamarintvos) (< xamarinwatchos) (< xamarinios) (< xamarinmac))
      System.Net.Primitives (>= 4.3) - restriction: || (&& (< net45) (>= netstandard1.1) (< portable-net451+win81+wpa81)) (&& (< net45) (>= netstandard1.2) (< netstandard1.3) (< monoandroid) (< wpa81)) (&& (< net45) (>= netstandard1.3) (< netstandard1.4) (< monoandroid) (< wpa81)) (&& (< net45) (>= netstandard1.4) (< netstandard1.5) (< monoandroid) (< wpa81)) (&& (< net45) (>= netstandard1.5) (< netstandard1.6) (< monoandroid)) (&& (>= uap10.0) (< uap10.1)) (&& (>= netstandard1.0) (< portable-net45+win8+wpa81)) (&& (>= netstandard1.6) (< netstandard2.0) (< monotouch) (< xamarintvos) (< xamarinwatchos) (< xamarinios) (< xamarinmac))
      System.Net.Sockets (>= 4.3) - restriction: || (&& (< net45) (>= netstandard1.3) (< netstandard1.4) (< monoandroid) (< wpa81)) (&& (< net45) (>= netstandard1.4) (< netstandard1.5) (< monoandroid) (< wpa81)) (&& (< net45) (>= netstandard1.5) (< netstandard1.6) (< monoandroid)) (&& (>= net46) (< netstandard1.4)) (&& (>= uap10.0) (< uap10.1)) (&& (>= netstandard1.6) (< netstandard2.0) (< monotouch) (< xamarintvos) (< xamarinwatchos) (< xamarinios) (< xamarinmac))
      System.ObjectModel (>= 4.3) - restriction: || (&& (< net45) (>= netstandard1.1) (< portable-net451+win81+wpa81)) (&& (< net45) (>= netstandard1.2) (< netstandard1.3) (< monoandroid) (< wpa81)) (&& (< net45) (>= netstandard1.3) (< netstandard1.4) (< monoandroid) (< wpa81)) (&& (< net45) (>= netstandard1.4) (< netstandard1.5) (< monoandroid) (< wpa81)) (&& (< net45) (>= netstandard1.5) (< netstandard1.6) (< monoandroid)) (&& (>= uap10.0) (< uap10.1)) (&& (>= netstandard1.0) (< portable-net45+win8+wpa81)) (&& (>= netstandard1.6) (< netstandard2.0) (< monotouch) (< xamarintvos) (< xamarinwatchos) (< xamarinios) (< xamarinmac))
      System.Reflection (>= 4.3) - restriction: || (&& (< net45) (>= netstandard1.1) (< portable-net451+win81+wpa81)) (&& (< net45) (>= netstandard1.2) (< netstandard1.3) (< monoandroid) (< wpa81)) (&& (< net45) (>= netstandard1.3) (< netstandard1.4) (< monoandroid) (< wpa81)) (&& (< net45) (>= netstandard1.4) (< netstandard1.5) (< monoandroid) (< wpa81)) (&& (< net45) (>= netstandard1.5) (< netstandard1.6) (< monoandroid)) (&& (>= uap10.0) (< uap10.1)) (&& (>= netstandard1.0) (< portable-net45+win8+wpa81)) (&& (>= netstandard1.6) (< netstandard2.0) (< monotouch) (< xamarintvos) (< xamarinwatchos) (< xamarinios) (< xamarinmac))
      System.Reflection.Extensions (>= 4.3) - restriction: || (&& (< net45) (>= netstandard1.1) (< portable-net451+win81+wpa81)) (&& (< net45) (>= netstandard1.2) (< netstandard1.3) (< monoandroid) (< wpa81)) (&& (< net45) (>= netstandard1.3) (< netstandard1.4) (< monoandroid) (< wpa81)) (&& (< net45) (>= netstandard1.4) (< netstandard1.5) (< monoandroid) (< wpa81)) (&& (< net45) (>= netstandard1.5) (< netstandard1.6) (< monoandroid)) (&& (>= uap10.0) (< uap10.1)) (&& (>= netstandard1.0) (< portable-net45+win8+wpa81)) (&& (>= netstandard1.6) (< netstandard2.0) (< monotouch) (< xamarintvos) (< xamarinwatchos) (< xamarinios) (< xamarinmac))
      System.Reflection.Primitives (>= 4.3) - restriction: || (&& (< net45) (>= netstandard1.1) (< portable-net451+win81+wpa81)) (&& (< net45) (>= netstandard1.2) (< netstandard1.3) (< monoandroid) (< wpa81)) (&& (< net45) (>= netstandard1.3) (< netstandard1.4) (< monoandroid) (< wpa81)) (&& (< net45) (>= netstandard1.4) (< netstandard1.5) (< monoandroid) (< wpa81)) (&& (< net45) (>= netstandard1.5) (< netstandard1.6) (< monoandroid)) (&& (>= uap10.0) (< uap10.1)) (&& (>= netstandard1.0) (< portable-net45+win8+wpa81)) (&& (>= netstandard1.6) (< netstandard2.0) (< monotouch) (< xamarintvos) (< xamarinwatchos) (< xamarinios) (< xamarinmac))
      System.Resources.ResourceManager (>= 4.3) - restriction: || (&& (< net45) (>= netstandard1.1) (< portable-net451+win81+wpa81)) (&& (< net45) (>= netstandard1.2) (< netstandard1.3) (< monoandroid) (< wpa81)) (&& (< net45) (>= netstandard1.3) (< netstandard1.4) (< monoandroid) (< wpa81)) (&& (< net45) (>= netstandard1.4) (< netstandard1.5) (< monoandroid) (< wpa81)) (&& (< net45) (>= netstandard1.5) (< netstandard1.6) (< monoandroid)) (&& (>= uap10.0) (< uap10.1)) (&& (>= netstandard1.0) (< portable-net45+win8+wpa81)) (&& (>= netstandard1.6) (< netstandard2.0) (< monotouch) (< xamarintvos) (< xamarinwatchos) (< xamarinios) (< xamarinmac))
      System.Runtime (>= 4.3) - restriction: || (&& (< net45) (>= netstandard1.1) (< portable-net451+win81+wpa81)) (&& (< net45) (>= netstandard1.2) (< netstandard1.3) (< monoandroid) (< wpa81)) (&& (< net45) (>= netstandard1.3) (< netstandard1.4) (< monoandroid) (< wpa81)) (&& (< net45) (>= netstandard1.4) (< netstandard1.5) (< monoandroid) (< wpa81)) (&& (< net45) (>= netstandard1.5) (< netstandard1.6) (< monoandroid)) (&& (>= uap10.0) (< uap10.1)) (&& (>= netstandard1.0) (< portable-net45+win8+wpa81)) (&& (>= netstandard1.6) (< netstandard2.0) (< monotouch) (< xamarintvos) (< xamarinwatchos) (< xamarinios) (< xamarinmac))
      System.Runtime.Extensions (>= 4.3) - restriction: || (&& (< net45) (>= netstandard1.1) (< portable-net451+win81+wpa81)) (&& (< net45) (>= netstandard1.2) (< netstandard1.3) (< monoandroid) (< wpa81)) (&& (< net45) (>= netstandard1.3) (< netstandard1.4) (< monoandroid) (< wpa81)) (&& (< net45) (>= netstandard1.4) (< netstandard1.5) (< monoandroid) (< wpa81)) (&& (< net45) (>= netstandard1.5) (< netstandard1.6) (< monoandroid)) (&& (>= uap10.0) (< uap10.1)) (&& (>= netstandard1.0) (< portable-net45+win8+wpa81)) (&& (>= netstandard1.6) (< netstandard2.0) (< monotouch) (< xamarintvos) (< xamarinwatchos) (< xamarinios) (< xamarinmac))
      System.Runtime.Handles (>= 4.3) - restriction: || (&& (< net45) (>= netstandard1.3) (< netstandard1.4) (< monoandroid) (< wpa81)) (&& (< net45) (>= netstandard1.4) (< netstandard1.5) (< monoandroid) (< wpa81)) (&& (< net45) (>= netstandard1.5) (< netstandard1.6) (< monoandroid)) (&& (>= uap10.0) (< uap10.1)) (&& (>= netstandard1.6) (< netstandard2.0) (< monotouch) (< xamarintvos) (< xamarinwatchos) (< xamarinios) (< xamarinmac))
      System.Runtime.InteropServices (>= 4.3) - restriction: || (&& (< net45) (>= netstandard1.1) (< portable-net451+win81+wpa81)) (&& (< net45) (>= netstandard1.2) (< netstandard1.3) (< monoandroid) (< wpa81)) (&& (< net45) (>= netstandard1.3) (< netstandard1.4) (< monoandroid) (< wpa81)) (&& (< net45) (>= netstandard1.4) (< netstandard1.5) (< monoandroid) (< wpa81)) (&& (< net45) (>= netstandard1.5) (< netstandard1.6) (< monoandroid)) (&& (>= uap10.0) (< uap10.1)) (&& (>= netstandard1.6) (< netstandard2.0) (< monotouch) (< xamarintvos) (< xamarinwatchos) (< xamarinios) (< xamarinmac))
      System.Runtime.InteropServices.RuntimeInformation (>= 4.3) - restriction: || (&& (>= net45) (< portable-net451+win81+wpa81)) (&& (< net45) (>= netstandard1.1) (< portable-net451+win81+wpa81)) (&& (< net45) (>= netstandard1.2) (< netstandard1.3) (< monoandroid) (< wpa81)) (&& (< net45) (>= netstandard1.3) (< netstandard1.4) (< monoandroid) (< wpa81)) (&& (< net45) (>= netstandard1.4) (< netstandard1.5) (< monoandroid) (< wpa81)) (&& (< net45) (>= netstandard1.5) (< netstandard1.6) (< monoandroid)) (&& (>= net451) (< netstandard1.3)) (&& (>= net46) (< netstandard1.4)) (&& (>= uap10.0) (< uap10.1)) (&& (< netstandard1.0) (< monoandroid) (>= portable-net451+win81+wpa81)) (&& (< netstandard1.0) (>= portable-net45+win8+wpa81) (< portable-net451+win81+wpa81)) (&& (< netstandard1.3) (>= wpa81)) (&& (>= netstandard1.6) (< netstandard2.0) (< monotouch) (< xamarintvos) (< xamarinwatchos) (< xamarinios) (< xamarinmac))
      System.Runtime.Numerics (>= 4.3) - restriction: || (&& (< net45) (>= netstandard1.1) (< portable-net451+win81+wpa81)) (&& (< net45) (>= netstandard1.2) (< netstandard1.3) (< monoandroid) (< wpa81)) (&& (< net45) (>= netstandard1.3) (< netstandard1.4) (< monoandroid) (< wpa81)) (&& (< net45) (>= netstandard1.4) (< netstandard1.5) (< monoandroid) (< wpa81)) (&& (< net45) (>= netstandard1.5) (< netstandard1.6) (< monoandroid)) (&& (>= uap10.0) (< uap10.1)) (&& (>= netstandard1.6) (< netstandard2.0) (< monotouch) (< xamarintvos) (< xamarinwatchos) (< xamarinios) (< xamarinmac))
      System.Security.Cryptography.Algorithms (>= 4.3) - restriction: || (&& (< net45) (>= netstandard1.3) (< netstandard1.4) (< monoandroid) (< wpa81)) (&& (< net45) (>= netstandard1.4) (< netstandard1.5) (< monoandroid) (< wpa81)) (&& (< net45) (>= netstandard1.5) (< netstandard1.6) (< monoandroid)) (&& (>= net46) (< netstandard1.4)) (&& (>= uap10.0) (< uap10.1)) (&& (>= netstandard1.6) (< netstandard2.0) (< monotouch) (< xamarintvos) (< xamarinwatchos) (< xamarinios) (< xamarinmac))
      System.Security.Cryptography.Encoding (>= 4.3) - restriction: || (&& (< net45) (>= netstandard1.3) (< netstandard1.4) (< monoandroid) (< wpa81)) (&& (< net45) (>= netstandard1.4) (< netstandard1.5) (< monoandroid) (< wpa81)) (&& (< net45) (>= netstandard1.5) (< netstandard1.6) (< monoandroid)) (&& (>= net46) (< netstandard1.4)) (&& (>= uap10.0) (< uap10.1)) (&& (>= netstandard1.6) (< netstandard2.0) (< monotouch) (< xamarintvos) (< xamarinwatchos) (< xamarinios) (< xamarinmac))
      System.Security.Cryptography.Primitives (>= 4.3) - restriction: || (&& (< net45) (>= netstandard1.3) (< netstandard1.4) (< monoandroid) (< wpa81)) (&& (< net45) (>= netstandard1.4) (< netstandard1.5) (< monoandroid) (< wpa81)) (&& (< net45) (>= netstandard1.5) (< netstandard1.6) (< monoandroid)) (&& (>= net46) (< netstandard1.4)) (&& (>= uap10.0) (< uap10.1)) (&& (>= netstandard1.6) (< netstandard2.0) (< monotouch) (< xamarintvos) (< xamarinwatchos) (< xamarinios) (< xamarinmac))
      System.Security.Cryptography.X509Certificates (>= 4.3) - restriction: || (&& (< net45) (>= netstandard1.3) (< netstandard1.4) (< monoandroid) (< wpa81)) (&& (< net45) (>= netstandard1.4) (< netstandard1.5) (< monoandroid) (< wpa81)) (&& (< net45) (>= netstandard1.5) (< netstandard1.6) (< monoandroid)) (&& (>= net46) (< netstandard1.4)) (&& (>= uap10.0) (< uap10.1)) (&& (>= netstandard1.6) (< netstandard2.0) (< monotouch) (< xamarintvos) (< xamarinwatchos) (< xamarinios) (< xamarinmac))
      System.Text.Encoding (>= 4.3) - restriction: || (&& (< net45) (>= netstandard1.1) (< portable-net451+win81+wpa81)) (&& (< net45) (>= netstandard1.2) (< netstandard1.3) (< monoandroid) (< wpa81)) (&& (< net45) (>= netstandard1.3) (< netstandard1.4) (< monoandroid) (< wpa81)) (&& (< net45) (>= netstandard1.4) (< netstandard1.5) (< monoandroid) (< wpa81)) (&& (< net45) (>= netstandard1.5) (< netstandard1.6) (< monoandroid)) (&& (>= uap10.0) (< uap10.1)) (&& (>= netstandard1.0) (< portable-net45+win8+wpa81)) (&& (>= netstandard1.6) (< netstandard2.0) (< monotouch) (< xamarintvos) (< xamarinwatchos) (< xamarinios) (< xamarinmac))
      System.Text.Encoding.Extensions (>= 4.3) - restriction: || (&& (< net45) (>= netstandard1.1) (< portable-net451+win81+wpa81)) (&& (< net45) (>= netstandard1.2) (< netstandard1.3) (< monoandroid) (< wpa81)) (&& (< net45) (>= netstandard1.3) (< netstandard1.4) (< monoandroid) (< wpa81)) (&& (< net45) (>= netstandard1.4) (< netstandard1.5) (< monoandroid) (< wpa81)) (&& (< net45) (>= netstandard1.5) (< netstandard1.6) (< monoandroid)) (&& (>= uap10.0) (< uap10.1)) (&& (>= netstandard1.0) (< portable-net45+win8+wpa81)) (&& (>= netstandard1.6) (< netstandard2.0) (< monotouch) (< xamarintvos) (< xamarinwatchos) (< xamarinios) (< xamarinmac))
      System.Text.RegularExpressions (>= 4.3) - restriction: || (&& (< net45) (>= netstandard1.1) (< portable-net451+win81+wpa81)) (&& (< net45) (>= netstandard1.2) (< netstandard1.3) (< monoandroid) (< wpa81)) (&& (< net45) (>= netstandard1.3) (< netstandard1.4) (< monoandroid) (< wpa81)) (&& (< net45) (>= netstandard1.4) (< netstandard1.5) (< monoandroid) (< wpa81)) (&& (< net45) (>= netstandard1.5) (< netstandard1.6) (< monoandroid)) (&& (>= uap10.0) (< uap10.1)) (&& (>= netstandard1.0) (< portable-net45+win8+wpa81)) (&& (>= netstandard1.6) (< netstandard2.0) (< monotouch) (< xamarintvos) (< xamarinwatchos) (< xamarinios) (< xamarinmac))
      System.Threading (>= 4.3) - restriction: || (&& (< net45) (>= netstandard1.1) (< portable-net451+win81+wpa81)) (&& (< net45) (>= netstandard1.2) (< netstandard1.3) (< monoandroid) (< wpa81)) (&& (< net45) (>= netstandard1.3) (< netstandard1.4) (< monoandroid) (< wpa81)) (&& (< net45) (>= netstandard1.4) (< netstandard1.5) (< monoandroid) (< wpa81)) (&& (< net45) (>= netstandard1.5) (< netstandard1.6) (< monoandroid)) (&& (>= uap10.0) (< uap10.1)) (&& (>= netstandard1.0) (< portable-net45+win8+wpa81)) (&& (>= netstandard1.6) (< netstandard2.0) (< monotouch) (< xamarintvos) (< xamarinwatchos) (< xamarinios) (< xamarinmac))
      System.Threading.Tasks (>= 4.3) - restriction: || (&& (< net45) (>= netstandard1.1) (< portable-net451+win81+wpa81)) (&& (< net45) (>= netstandard1.2) (< netstandard1.3) (< monoandroid) (< wpa81)) (&& (< net45) (>= netstandard1.3) (< netstandard1.4) (< monoandroid) (< wpa81)) (&& (< net45) (>= netstandard1.4) (< netstandard1.5) (< monoandroid) (< wpa81)) (&& (< net45) (>= netstandard1.5) (< netstandard1.6) (< monoandroid)) (&& (>= uap10.0) (< uap10.1)) (&& (>= netstandard1.0) (< portable-net45+win8+wpa81)) (&& (>= netstandard1.6) (< netstandard2.0) (< monotouch) (< xamarintvos) (< xamarinwatchos) (< xamarinios) (< xamarinmac))
      System.Threading.Timer (>= 4.3) - restriction: || (&& (< net45) (>= netstandard1.2) (< netstandard1.3) (< monoandroid) (< wpa81)) (&& (< net45) (>= netstandard1.3) (< netstandard1.4) (< monoandroid) (< wpa81)) (&& (< net45) (>= netstandard1.4) (< netstandard1.5) (< monoandroid) (< wpa81)) (&& (< net45) (>= netstandard1.5) (< netstandard1.6) (< monoandroid)) (&& (>= uap10.0) (< uap10.1)) (&& (>= netstandard1.6) (< netstandard2.0) (< monotouch) (< xamarintvos) (< xamarinwatchos) (< xamarinios) (< xamarinmac))
      System.Xml.ReaderWriter (>= 4.3) - restriction: || (&& (< net45) (>= netstandard1.1) (< portable-net451+win81+wpa81)) (&& (< net45) (>= netstandard1.2) (< netstandard1.3) (< monoandroid) (< wpa81)) (&& (< net45) (>= netstandard1.3) (< netstandard1.4) (< monoandroid) (< wpa81)) (&& (< net45) (>= netstandard1.4) (< netstandard1.5) (< monoandroid) (< wpa81)) (&& (< net45) (>= netstandard1.5) (< netstandard1.6) (< monoandroid)) (&& (>= net46) (< netstandard1.4)) (&& (>= uap10.0) (< uap10.1)) (&& (>= netstandard1.0) (< portable-net45+win8+wpa81)) (&& (>= netstandard1.6) (< netstandard2.0) (< monotouch) (< xamarintvos) (< xamarinwatchos) (< xamarinios) (< xamarinmac))
      System.Xml.XDocument (>= 4.3) - restriction: || (&& (< net45) (>= netstandard1.1) (< portable-net451+win81+wpa81)) (&& (< net45) (>= netstandard1.2) (< netstandard1.3) (< monoandroid) (< wpa81)) (&& (< net45) (>= netstandard1.3) (< netstandard1.4) (< monoandroid) (< wpa81)) (&& (< net45) (>= netstandard1.4) (< netstandard1.5) (< monoandroid) (< wpa81)) (&& (< net45) (>= netstandard1.5) (< netstandard1.6) (< monoandroid)) (&& (>= uap10.0) (< uap10.1)) (&& (>= netstandard1.0) (< portable-net45+win8+wpa81)) (&& (>= netstandard1.6) (< netstandard2.0) (< monotouch) (< xamarintvos) (< xamarinwatchos) (< xamarinios) (< xamarinmac))
    Octokit (0.25)
      NETStandard.Library (>= 1.6.1) - restriction: && (< net45) (>= netstandard1.1)
    runtime.debian.8-x64.runtime.native.System.Security.Cryptography.OpenSsl (4.3.1) - restriction: || (&& (< net45) (>= net46) (< netstandard1.4)) (&& (< net45) (>= netstandard1.3) (< netstandard1.4) (< monoandroid) (< wpa81)) (&& (< net45) (>= netstandard1.4) (< netstandard1.5) (< monoandroid) (< wpa81)) (&& (< net45) (>= netstandard1.5) (< netstandard1.6) (< monoandroid)) (&& (>= net46) (< netstandard1.4) (>= netstandard1.6)) (&& (>= uap10.0) (< uap10.1)) (&& (>= uap10.0) (>= netstandard1.6)) (&& (< netstandard1.3) (>= netstandard1.6) (< monoandroid)) (&& (< netstandard1.4) (>= netstandard1.6) (< monoandroid)) (&& (< netstandard1.5) (>= netstandard1.6) (< monoandroid)) (&& (>= netstandard1.6) (< netstandard2.0) (< monotouch) (< xamarintvos) (< xamarinwatchos) (< xamarinios) (< xamarinmac)) (&& (>= netstandard1.6) (< portable-net451+win81+wpa81))
    runtime.fedora.23-x64.runtime.native.System.Security.Cryptography.OpenSsl (4.3.1) - restriction: || (&& (< net45) (>= net46) (< netstandard1.4)) (&& (< net45) (>= netstandard1.3) (< netstandard1.4) (< monoandroid) (< wpa81)) (&& (< net45) (>= netstandard1.4) (< netstandard1.5) (< monoandroid) (< wpa81)) (&& (< net45) (>= netstandard1.5) (< netstandard1.6) (< monoandroid)) (&& (>= net46) (< netstandard1.4) (>= netstandard1.6)) (&& (>= uap10.0) (< uap10.1)) (&& (>= uap10.0) (>= netstandard1.6)) (&& (< netstandard1.3) (>= netstandard1.6) (< monoandroid)) (&& (< netstandard1.4) (>= netstandard1.6) (< monoandroid)) (&& (< netstandard1.5) (>= netstandard1.6) (< monoandroid)) (&& (>= netstandard1.6) (< netstandard2.0) (< monotouch) (< xamarintvos) (< xamarinwatchos) (< xamarinios) (< xamarinmac)) (&& (>= netstandard1.6) (< portable-net451+win81+wpa81))
    runtime.fedora.24-x64.runtime.native.System.Security.Cryptography.OpenSsl (4.3.1) - restriction: || (&& (< net45) (>= net46) (< netstandard1.4)) (&& (< net45) (>= netstandard1.3) (< netstandard1.4) (< monoandroid) (< wpa81)) (&& (< net45) (>= netstandard1.4) (< netstandard1.5) (< monoandroid) (< wpa81)) (&& (< net45) (>= netstandard1.5) (< netstandard1.6) (< monoandroid)) (&& (>= net46) (< netstandard1.4) (>= netstandard1.6)) (&& (>= uap10.0) (< uap10.1)) (&& (>= uap10.0) (>= netstandard1.6)) (&& (< netstandard1.3) (>= netstandard1.6) (< monoandroid)) (&& (< netstandard1.4) (>= netstandard1.6) (< monoandroid)) (&& (< netstandard1.5) (>= netstandard1.6) (< monoandroid)) (&& (>= netstandard1.6) (< netstandard2.0) (< monotouch) (< xamarintvos) (< xamarinwatchos) (< xamarinios) (< xamarinmac)) (&& (>= netstandard1.6) (< portable-net451+win81+wpa81))
    runtime.native.System (4.3) - restriction: || (&& (< net45) (>= net451) (< netstandard1.3)) (&& (< net45) (>= net46) (< netstandard1.4)) (&& (< net45) (>= netstandard1.1) (< win8) (< portable-net451+win81+wpa81)) (&& (< net45) (>= netstandard1.2) (< netstandard1.3) (< monoandroid) (< win8) (< wpa81)) (&& (< net45) (>= netstandard1.3) (< netstandard1.4) (< monoandroid) (< win8) (< wpa81)) (&& (< net45) (>= netstandard1.3) (< win8) (< portable-net451+win81+wpa81)) (&& (< net45) (>= netstandard1.4) (< netstandard1.5) (< monoandroid) (< win8) (< wpa81)) (&& (< net45) (>= netstandard1.5) (< netstandard1.6) (< monoandroid)) (&& (>= net46) (< netstandard1.4) (>= netstandard1.6)) (&& (>= uap10.0) (>= netstandard1.6)) (&& (>= uap10.0) (< win8) (< wpa81)) (&& (< netstandard1.0) (>= netstandard1.1) (< monoandroid) (< win8) (>= portable-net451+win81+wpa81)) (&& (< netstandard1.0) (>= netstandard1.1) (< win8) (< portable-net451+win81+wpa81)) (&& (< netstandard1.3) (>= netstandard1.6) (< monoandroid)) (&& (< netstandard1.4) (>= netstandard1.6) (< monoandroid)) (&& (< netstandard1.5) (>= netstandard1.6) (< monoandroid)) (&& (>= netstandard1.6) (< netstandard2.0) (< monotouch) (< xamarintvos) (< xamarinwatchos) (< xamarinios) (< xamarinmac)) (&& (>= netstandard1.6) (< portable-net451+win81+wpa81))
      Microsoft.NETCore.Platforms (>= 1.1)
      Microsoft.NETCore.Targets (>= 1.1)
    runtime.native.System.IO.Compression (4.3) - restriction: || (&& (< net45) (>= net46) (< netstandard1.4)) (&& (< net45) (>= netstandard1.3) (< netstandard1.4) (< monoandroid) (< win8) (< wpa81)) (&& (< net45) (>= netstandard1.3) (< win8) (< portable-net451+win81+wpa81)) (&& (< net45) (>= netstandard1.4) (< netstandard1.5) (< monoandroid) (< win8) (< wpa81)) (&& (< net45) (>= netstandard1.5) (< netstandard1.6) (< monoandroid)) (&& (>= net46) (>= dnxcore50)) (&& (>= uap10.0) (>= dnxcore50)) (&& (>= uap10.0) (< win8) (< wpa81)) (&& (>= dnxcore50) (>= netstandard1.1)) (&& (>= dnxcore50) (>= netstandard1.2)) (&& (>= dnxcore50) (>= netstandard1.3)) (&& (>= dnxcore50) (>= netstandard1.4)) (&& (>= dnxcore50) (>= netstandard1.5)) (&& (>= dnxcore50) (>= netstandard1.6)) (&& (>= netstandard1.6) (< netstandard2.0) (< monotouch) (< xamarintvos) (< xamarinwatchos) (< xamarinios) (< xamarinmac))
      Microsoft.NETCore.Platforms (>= 1.1)
      Microsoft.NETCore.Targets (>= 1.1)
    runtime.native.System.Net.Http (4.3) - restriction: || (&& (>= net46) (< netstandard1.4) (>= netstandard1.6)) (&& (>= uap10.0) (>= netstandard1.6)) (&& (< netstandard1.3) (>= netstandard1.6) (< monoandroid)) (&& (< netstandard1.4) (>= netstandard1.6) (< monoandroid)) (&& (< netstandard1.5) (>= netstandard1.6) (< monoandroid)) (&& (>= netstandard1.6) (< netstandard2.0) (< monotouch) (< xamarintvos) (< xamarinwatchos) (< xamarinios) (< xamarinmac)) (&& (>= netstandard1.6) (< portable-net451+win81+wpa81))
      Microsoft.NETCore.Platforms (>= 1.1)
      Microsoft.NETCore.Targets (>= 1.1)
    runtime.native.System.Security.Cryptography.Apple (4.3) - restriction: || (&& (>= net46) (< netstandard1.4) (>= netstandard1.6)) (&& (>= uap10.0) (>= netstandard1.6)) (&& (< netstandard1.4) (>= netstandard1.6) (< monoandroid)) (&& (< netstandard1.5) (>= netstandard1.6) (< monoandroid)) (&& (>= netstandard1.6) (< netstandard2.0) (< monotouch) (< xamarintvos) (< xamarinwatchos) (< xamarinios) (< xamarinmac))
      runtime.osx.10.10-x64.runtime.native.System.Security.Cryptography.Apple (>= 4.3)
    runtime.native.System.Security.Cryptography.OpenSsl (4.3.1) - restriction: || (&& (< net45) (>= net46) (< netstandard1.4)) (&& (< net45) (>= netstandard1.3) (< netstandard1.4) (< monoandroid) (< wpa81)) (&& (< net45) (>= netstandard1.4) (< netstandard1.5) (< monoandroid) (< wpa81)) (&& (< net45) (>= netstandard1.5) (< netstandard1.6) (< monoandroid)) (&& (>= net46) (< netstandard1.4) (>= netstandard1.6)) (&& (>= uap10.0) (< uap10.1)) (&& (>= uap10.0) (>= netstandard1.6)) (&& (< netstandard1.3) (>= netstandard1.6) (< monoandroid)) (&& (< netstandard1.4) (>= netstandard1.6) (< monoandroid)) (&& (< netstandard1.5) (>= netstandard1.6) (< monoandroid)) (&& (>= netstandard1.6) (< netstandard2.0) (< monotouch) (< xamarintvos) (< xamarinwatchos) (< xamarinios) (< xamarinmac)) (&& (>= netstandard1.6) (< portable-net451+win81+wpa81))
      runtime.debian.8-x64.runtime.native.System.Security.Cryptography.OpenSsl (>= 4.3.1)
      runtime.fedora.23-x64.runtime.native.System.Security.Cryptography.OpenSsl (>= 4.3.1)
      runtime.fedora.24-x64.runtime.native.System.Security.Cryptography.OpenSsl (>= 4.3.1)
      runtime.opensuse.13.2-x64.runtime.native.System.Security.Cryptography.OpenSsl (>= 4.3.1)
      runtime.opensuse.42.1-x64.runtime.native.System.Security.Cryptography.OpenSsl (>= 4.3.1)
      runtime.osx.10.10-x64.runtime.native.System.Security.Cryptography.OpenSsl (>= 4.3.1)
      runtime.rhel.7-x64.runtime.native.System.Security.Cryptography.OpenSsl (>= 4.3.1)
      runtime.ubuntu.14.04-x64.runtime.native.System.Security.Cryptography.OpenSsl (>= 4.3.1)
      runtime.ubuntu.16.04-x64.runtime.native.System.Security.Cryptography.OpenSsl (>= 4.3.1)
      runtime.ubuntu.16.10-x64.runtime.native.System.Security.Cryptography.OpenSsl (>= 4.3.1)
    runtime.opensuse.13.2-x64.runtime.native.System.Security.Cryptography.OpenSsl (4.3.1) - restriction: || (&& (< net45) (>= net46) (< netstandard1.4)) (&& (< net45) (>= netstandard1.3) (< netstandard1.4) (< monoandroid) (< wpa81)) (&& (< net45) (>= netstandard1.4) (< netstandard1.5) (< monoandroid) (< wpa81)) (&& (< net45) (>= netstandard1.5) (< netstandard1.6) (< monoandroid)) (&& (>= net46) (< netstandard1.4) (>= netstandard1.6)) (&& (>= uap10.0) (< uap10.1)) (&& (>= uap10.0) (>= netstandard1.6)) (&& (< netstandard1.3) (>= netstandard1.6) (< monoandroid)) (&& (< netstandard1.4) (>= netstandard1.6) (< monoandroid)) (&& (< netstandard1.5) (>= netstandard1.6) (< monoandroid)) (&& (>= netstandard1.6) (< netstandard2.0) (< monotouch) (< xamarintvos) (< xamarinwatchos) (< xamarinios) (< xamarinmac)) (&& (>= netstandard1.6) (< portable-net451+win81+wpa81))
    runtime.opensuse.42.1-x64.runtime.native.System.Security.Cryptography.OpenSsl (4.3.1) - restriction: || (&& (< net45) (>= net46) (< netstandard1.4)) (&& (< net45) (>= netstandard1.3) (< netstandard1.4) (< monoandroid) (< wpa81)) (&& (< net45) (>= netstandard1.4) (< netstandard1.5) (< monoandroid) (< wpa81)) (&& (< net45) (>= netstandard1.5) (< netstandard1.6) (< monoandroid)) (&& (>= net46) (< netstandard1.4) (>= netstandard1.6)) (&& (>= uap10.0) (< uap10.1)) (&& (>= uap10.0) (>= netstandard1.6)) (&& (< netstandard1.3) (>= netstandard1.6) (< monoandroid)) (&& (< netstandard1.4) (>= netstandard1.6) (< monoandroid)) (&& (< netstandard1.5) (>= netstandard1.6) (< monoandroid)) (&& (>= netstandard1.6) (< netstandard2.0) (< monotouch) (< xamarintvos) (< xamarinwatchos) (< xamarinios) (< xamarinmac)) (&& (>= netstandard1.6) (< portable-net451+win81+wpa81))
    runtime.osx.10.10-x64.runtime.native.System.Security.Cryptography.Apple (4.3) - restriction: || (&& (>= net46) (< netstandard1.4) (>= netstandard1.6)) (&& (>= uap10.0) (>= netstandard1.6)) (&& (< netstandard1.4) (>= netstandard1.6) (< monoandroid)) (&& (< netstandard1.5) (>= netstandard1.6) (< monoandroid)) (&& (>= netstandard1.6) (< netstandard2.0) (< monotouch) (< xamarintvos) (< xamarinwatchos) (< xamarinios) (< xamarinmac))
    runtime.osx.10.10-x64.runtime.native.System.Security.Cryptography.OpenSsl (4.3.1) - restriction: || (&& (< net45) (>= net46) (< netstandard1.4)) (&& (< net45) (>= netstandard1.3) (< netstandard1.4) (< monoandroid) (< wpa81)) (&& (< net45) (>= netstandard1.4) (< netstandard1.5) (< monoandroid) (< wpa81)) (&& (< net45) (>= netstandard1.5) (< netstandard1.6) (< monoandroid)) (&& (>= net46) (< netstandard1.4) (>= netstandard1.6)) (&& (>= uap10.0) (< uap10.1)) (&& (>= uap10.0) (>= netstandard1.6)) (&& (< netstandard1.3) (>= netstandard1.6) (< monoandroid)) (&& (< netstandard1.4) (>= netstandard1.6) (< monoandroid)) (&& (< netstandard1.5) (>= netstandard1.6) (< monoandroid)) (&& (>= netstandard1.6) (< netstandard2.0) (< monotouch) (< xamarintvos) (< xamarinwatchos) (< xamarinios) (< xamarinmac)) (&& (>= netstandard1.6) (< portable-net451+win81+wpa81))
    runtime.rhel.7-x64.runtime.native.System.Security.Cryptography.OpenSsl (4.3.1) - restriction: || (&& (< net45) (>= net46) (< netstandard1.4)) (&& (< net45) (>= netstandard1.3) (< netstandard1.4) (< monoandroid) (< wpa81)) (&& (< net45) (>= netstandard1.4) (< netstandard1.5) (< monoandroid) (< wpa81)) (&& (< net45) (>= netstandard1.5) (< netstandard1.6) (< monoandroid)) (&& (>= net46) (< netstandard1.4) (>= netstandard1.6)) (&& (>= uap10.0) (< uap10.1)) (&& (>= uap10.0) (>= netstandard1.6)) (&& (< netstandard1.3) (>= netstandard1.6) (< monoandroid)) (&& (< netstandard1.4) (>= netstandard1.6) (< monoandroid)) (&& (< netstandard1.5) (>= netstandard1.6) (< monoandroid)) (&& (>= netstandard1.6) (< netstandard2.0) (< monotouch) (< xamarintvos) (< xamarinwatchos) (< xamarinios) (< xamarinmac)) (&& (>= netstandard1.6) (< portable-net451+win81+wpa81))
    runtime.ubuntu.14.04-x64.runtime.native.System.Security.Cryptography.OpenSsl (4.3.1) - restriction: || (&& (< net45) (>= net46) (< netstandard1.4)) (&& (< net45) (>= netstandard1.3) (< netstandard1.4) (< monoandroid) (< wpa81)) (&& (< net45) (>= netstandard1.4) (< netstandard1.5) (< monoandroid) (< wpa81)) (&& (< net45) (>= netstandard1.5) (< netstandard1.6) (< monoandroid)) (&& (>= net46) (< netstandard1.4) (>= netstandard1.6)) (&& (>= uap10.0) (< uap10.1)) (&& (>= uap10.0) (>= netstandard1.6)) (&& (< netstandard1.3) (>= netstandard1.6) (< monoandroid)) (&& (< netstandard1.4) (>= netstandard1.6) (< monoandroid)) (&& (< netstandard1.5) (>= netstandard1.6) (< monoandroid)) (&& (>= netstandard1.6) (< netstandard2.0) (< monotouch) (< xamarintvos) (< xamarinwatchos) (< xamarinios) (< xamarinmac)) (&& (>= netstandard1.6) (< portable-net451+win81+wpa81))
    runtime.ubuntu.16.04-x64.runtime.native.System.Security.Cryptography.OpenSsl (4.3.1) - restriction: || (&& (< net45) (>= net46) (< netstandard1.4)) (&& (< net45) (>= netstandard1.3) (< netstandard1.4) (< monoandroid) (< wpa81)) (&& (< net45) (>= netstandard1.4) (< netstandard1.5) (< monoandroid) (< wpa81)) (&& (< net45) (>= netstandard1.5) (< netstandard1.6) (< monoandroid)) (&& (>= net46) (< netstandard1.4) (>= netstandard1.6)) (&& (>= uap10.0) (< uap10.1)) (&& (>= uap10.0) (>= netstandard1.6)) (&& (< netstandard1.3) (>= netstandard1.6) (< monoandroid)) (&& (< netstandard1.4) (>= netstandard1.6) (< monoandroid)) (&& (< netstandard1.5) (>= netstandard1.6) (< monoandroid)) (&& (>= netstandard1.6) (< netstandard2.0) (< monotouch) (< xamarintvos) (< xamarinwatchos) (< xamarinios) (< xamarinmac)) (&& (>= netstandard1.6) (< portable-net451+win81+wpa81))
    runtime.ubuntu.16.10-x64.runtime.native.System.Security.Cryptography.OpenSsl (4.3.1) - restriction: || (&& (< net45) (>= net46) (< netstandard1.4)) (&& (< net45) (>= netstandard1.3) (< netstandard1.4) (< monoandroid) (< wpa81)) (&& (< net45) (>= netstandard1.4) (< netstandard1.5) (< monoandroid) (< wpa81)) (&& (< net45) (>= netstandard1.5) (< netstandard1.6) (< monoandroid)) (&& (>= net46) (< netstandard1.4) (>= netstandard1.6)) (&& (>= uap10.0) (< uap10.1)) (&& (>= uap10.0) (>= netstandard1.6)) (&& (< netstandard1.3) (>= netstandard1.6) (< monoandroid)) (&& (< netstandard1.4) (>= netstandard1.6) (< monoandroid)) (&& (< netstandard1.5) (>= netstandard1.6) (< monoandroid)) (&& (>= netstandard1.6) (< netstandard2.0) (< monotouch) (< xamarintvos) (< xamarinwatchos) (< xamarinios) (< xamarinmac)) (&& (>= netstandard1.6) (< portable-net451+win81+wpa81))
    SourceLink.Fake (1.1)
    System.AppContext (4.3) - restriction: || (&& (< net45) (>= net46) (< netstandard1.4)) (&& (< net45) (>= netstandard1.3) (< netstandard1.4) (< monoandroid) (< wpa81)) (&& (< net45) (>= netstandard1.4) (< netstandard1.5) (< monoandroid) (< wpa81)) (&& (< net45) (>= netstandard1.5) (< netstandard1.6) (< monoandroid)) (&& (>= uap10.0) (< uap10.1)) (&& (>= netstandard1.6) (< netstandard2.0) (< monotouch) (< xamarintvos) (< xamarinwatchos) (< xamarinios) (< xamarinmac))
      System.Runtime (>= 4.3) - restriction: || (&& (< net46) (>= netstandard1.3) (< netstandard1.6) (< monoandroid)) (&& (>= dnxcore50) (>= portable-net45+win8+wp8+wpa81)) (&& (>= netstandard1.6) (< monotouch) (< xamarintvos) (< xamarinwatchos) (< xamarinios) (< xamarinmac))
    System.Buffers (4.4) - restriction: || (&& (< net45) (>= net46) (< netstandard1.4)) (&& (< net45) (>= netstandard1.3) (< netstandard1.4) (< monoandroid) (< wpa81)) (&& (< net45) (>= netstandard1.3) (< win8) (< portable-net451+win81+wpa81)) (&& (< net45) (>= netstandard1.4) (< netstandard1.5) (< monoandroid) (< wpa81)) (&& (< net45) (>= netstandard1.5) (< netstandard1.6) (< monoandroid)) (&& (>= net46) (>= dnxcore50)) (&& (>= uap10.0) (< uap10.1)) (&& (>= uap10.0) (>= dnxcore50)) (&& (>= uap10.0) (< win8) (< wpa81)) (&& (>= dnxcore50) (>= netstandard1.1)) (&& (>= dnxcore50) (>= netstandard1.2)) (&& (>= dnxcore50) (>= netstandard1.3)) (&& (>= dnxcore50) (>= netstandard1.4)) (&& (>= dnxcore50) (>= netstandard1.5)) (&& (>= dnxcore50) (>= netstandard1.6)) (&& (>= netstandard1.6) (< netstandard2.0) (< monotouch) (< xamarintvos) (< xamarinwatchos) (< xamarinios) (< xamarinmac))
      System.Diagnostics.Debug (>= 4.3) - restriction: && (>= netstandard1.1) (< netstandard2.0) (< xamarinmac)
      System.Diagnostics.Tracing (>= 4.3) - restriction: && (>= netstandard1.1) (< netstandard2.0) (< xamarinmac)
      System.Resources.ResourceManager (>= 4.3) - restriction: && (>= netstandard1.1) (< netstandard2.0) (< xamarinmac)
      System.Runtime (>= 4.3) - restriction: && (>= netstandard1.1) (< netstandard2.0) (< xamarinmac)
      System.Threading (>= 4.3) - restriction: && (>= netstandard1.1) (< netstandard2.0) (< xamarinmac)
    System.Collections (4.3) - restriction: || (&& (< net45) (>= net46) (< netstandard1.4)) (&& (< net45) (>= netstandard1.1) (< portable-net451+win81+wpa81)) (&& (< net45) (>= netstandard1.2) (< netstandard1.3) (< monoandroid) (< wpa81)) (&& (< net45) (>= netstandard1.3) (< netstandard1.4) (< monoandroid) (< wpa81)) (&& (< net45) (>= netstandard1.3) (< win8) (< portable-net451+win81+wpa81)) (&& (< net45) (>= netstandard1.4) (< netstandard1.5) (< monoandroid) (< wpa81)) (&& (< net45) (>= netstandard1.5) (< netstandard1.6) (< monoandroid)) (&& (>= net46) (>= dnxcore50)) (&& (>= net46) (< netstandard1.4) (>= netstandard1.6)) (&& (>= uap10.0) (< uap10.1)) (&& (>= uap10.0) (>= dnxcore50)) (&& (>= uap10.0) (>= netstandard1.6)) (&& (>= uap10.0) (< win8) (< wpa81)) (&& (>= dnxcore50) (>= netstandard1.1)) (&& (>= dnxcore50) (>= netstandard1.2)) (&& (>= dnxcore50) (>= netstandard1.3)) (&& (>= dnxcore50) (>= netstandard1.4)) (&& (>= dnxcore50) (>= netstandard1.5)) (&& (>= dnxcore50) (>= netstandard1.6)) (&& (>= netstandard1.1) (< portable-net45+win8+wpa81)) (&& (>= netstandard1.3) (< portable-net45+win8+wpa81)) (&& (< netstandard1.3) (>= netstandard1.6) (< monoandroid)) (&& (< netstandard1.4) (>= netstandard1.6) (< monoandroid)) (&& (< netstandard1.5) (>= netstandard1.6) (< monoandroid)) (&& (>= netstandard1.6) (< netstandard2.0) (< monotouch) (< xamarintvos) (< xamarinwatchos) (< xamarinios) (< xamarinmac)) (&& (>= netstandard1.6) (< portable-net45+win8+wpa81)) (&& (>= netstandard1.6) (< portable-net451+win81+wpa81))
      Microsoft.NETCore.Platforms (>= 1.1) - restriction: || (&& (< net45) (>= netstandard1.0) (< netstandard1.3) (< monoandroid) (< win8) (< wp8) (< wpa81)) (&& (< net45) (>= netstandard1.3) (< monotouch) (< xamarintvos) (< xamarinwatchos) (< xamarinios) (< xamarinmac) (< win8) (< wpa81)) (&& (>= dnxcore50) (>= portable-net45+win8+wp8+wpa81))
      Microsoft.NETCore.Targets (>= 1.1) - restriction: || (&& (< net45) (>= netstandard1.0) (< netstandard1.3) (< monoandroid) (< win8) (< wp8) (< wpa81)) (&& (< net45) (>= netstandard1.3) (< monotouch) (< xamarintvos) (< xamarinwatchos) (< xamarinios) (< xamarinmac) (< win8) (< wpa81)) (&& (>= dnxcore50) (>= portable-net45+win8+wp8+wpa81))
      System.Runtime (>= 4.3) - restriction: || (&& (< net45) (>= netstandard1.0) (< netstandard1.3) (< monoandroid) (< win8) (< wp8) (< wpa81)) (&& (< net45) (>= netstandard1.3) (< monotouch) (< xamarintvos) (< xamarinwatchos) (< xamarinios) (< xamarinmac) (< win8) (< wpa81)) (&& (>= dnxcore50) (>= portable-net45+win8+wp8+wpa81))
    System.Collections.Concurrent (4.3) - restriction: || (&& (< net45) (>= net46) (< netstandard1.4)) (&& (< net45) (>= netstandard1.1) (< portable-net451+win81+wpa81)) (&& (< net45) (>= netstandard1.2) (< netstandard1.3) (< monoandroid) (< wpa81)) (&& (< net45) (>= netstandard1.3) (< netstandard1.4) (< monoandroid) (< wpa81)) (&& (< net45) (>= netstandard1.4) (< netstandard1.5) (< monoandroid) (< wpa81)) (&& (< net45) (>= netstandard1.5) (< netstandard1.6) (< monoandroid)) (&& (>= uap10.0) (< uap10.1)) (&& (>= netstandard1.6) (< netstandard2.0) (< monotouch) (< xamarintvos) (< xamarinwatchos) (< xamarinios) (< xamarinmac))
      System.Collections (>= 4.3) - restriction: || (&& (< net45) (>= netstandard1.3) (< monotouch) (< xamarintvos) (< xamarinwatchos) (< xamarinios) (< xamarinmac) (< win8) (< wpa81)) (&& (>= dnxcore50) (>= portable-net45+win8+wp8+wpa81))
      System.Diagnostics.Debug (>= 4.3) - restriction: || (&& (< net45) (>= netstandard1.3) (< monotouch) (< xamarintvos) (< xamarinwatchos) (< xamarinios) (< xamarinmac) (< win8) (< wpa81)) (&& (>= dnxcore50) (>= portable-net45+win8+wp8+wpa81))
      System.Diagnostics.Tracing (>= 4.3) - restriction: || (&& (< net45) (>= netstandard1.3) (< monotouch) (< xamarintvos) (< xamarinwatchos) (< xamarinios) (< xamarinmac) (< win8) (< wpa81)) (&& (>= dnxcore50) (>= portable-net45+win8+wp8+wpa81))
      System.Globalization (>= 4.3) - restriction: || (&& (< net45) (>= netstandard1.3) (< monotouch) (< xamarintvos) (< xamarinwatchos) (< xamarinios) (< xamarinmac) (< win8) (< wpa81)) (&& (>= dnxcore50) (>= portable-net45+win8+wp8+wpa81))
      System.Reflection (>= 4.3) - restriction: && (< net45) (>= netstandard1.3) (< monotouch) (< xamarintvos) (< xamarinwatchos) (< xamarinios) (< xamarinmac) (< win8) (< wpa81)
      System.Resources.ResourceManager (>= 4.3) - restriction: || (&& (< net45) (>= netstandard1.3) (< monotouch) (< xamarintvos) (< xamarinwatchos) (< xamarinios) (< xamarinmac) (< win8) (< wpa81)) (&& (>= dnxcore50) (>= portable-net45+win8+wp8+wpa81))
      System.Runtime (>= 4.3) - restriction: || (&& (< net45) (>= netstandard1.1) (< netstandard1.3) (< monoandroid) (< win8) (< wpa81)) (&& (< net45) (>= netstandard1.3) (< monotouch) (< xamarintvos) (< xamarinwatchos) (< xamarinios) (< xamarinmac) (< win8) (< wpa81)) (&& (>= dnxcore50) (>= portable-net45+win8+wp8+wpa81))
      System.Runtime.Extensions (>= 4.3) - restriction: || (&& (< net45) (>= netstandard1.3) (< monotouch) (< xamarintvos) (< xamarinwatchos) (< xamarinios) (< xamarinmac) (< win8) (< wpa81)) (&& (>= dnxcore50) (>= portable-net45+win8+wp8+wpa81))
      System.Threading (>= 4.3) - restriction: || (&& (< net45) (>= netstandard1.3) (< monotouch) (< xamarintvos) (< xamarinwatchos) (< xamarinios) (< xamarinmac) (< win8) (< wpa81)) (&& (>= dnxcore50) (>= portable-net45+win8+wp8+wpa81))
      System.Threading.Tasks (>= 4.3) - restriction: || (&& (< net45) (>= netstandard1.1) (< netstandard1.3) (< monoandroid) (< win8) (< wpa81)) (&& (< net45) (>= netstandard1.3) (< monotouch) (< xamarintvos) (< xamarinwatchos) (< xamarinios) (< xamarinmac) (< win8) (< wpa81)) (&& (>= dnxcore50) (>= portable-net45+win8+wp8+wpa81))
    System.Console (4.3) - restriction: || (&& (< net45) (>= net46) (< netstandard1.4)) (&& (< net45) (>= netstandard1.3) (< netstandard1.4) (< monoandroid) (< wpa81)) (&& (< net45) (>= netstandard1.4) (< netstandard1.5) (< monoandroid) (< wpa81)) (&& (< net45) (>= netstandard1.5) (< netstandard1.6) (< monoandroid)) (&& (>= uap10.0) (< uap10.1)) (&& (>= netstandard1.6) (< netstandard2.0) (< monotouch) (< xamarintvos) (< xamarinwatchos) (< xamarinios) (< xamarinmac))
      Microsoft.NETCore.Platforms (>= 1.1) - restriction: && (< net46) (>= netstandard1.3) (< monotouch) (< xamarintvos) (< xamarinwatchos) (< xamarinios) (< xamarinmac)
      Microsoft.NETCore.Targets (>= 1.1) - restriction: && (< net46) (>= netstandard1.3) (< monotouch) (< xamarintvos) (< xamarinwatchos) (< xamarinios) (< xamarinmac)
      System.IO (>= 4.3) - restriction: && (< net46) (>= netstandard1.3) (< monotouch) (< xamarintvos) (< xamarinwatchos) (< xamarinios) (< xamarinmac)
      System.Runtime (>= 4.3) - restriction: && (< net46) (>= netstandard1.3) (< monotouch) (< xamarintvos) (< xamarinwatchos) (< xamarinios) (< xamarinmac)
      System.Text.Encoding (>= 4.3) - restriction: && (< net46) (>= netstandard1.3) (< monotouch) (< xamarintvos) (< xamarinwatchos) (< xamarinios) (< xamarinmac)
    System.Diagnostics.Debug (4.3) - restriction: || (&& (< net45) (>= net46) (< netstandard1.4)) (&& (< net45) (>= netstandard1.1) (< portable-net451+win81+wpa81)) (&& (< net45) (>= netstandard1.2) (< netstandard1.3) (< monoandroid) (< wpa81)) (&& (< net45) (>= netstandard1.3) (< netstandard1.4) (< monoandroid) (< wpa81)) (&& (< net45) (>= netstandard1.3) (< win8) (< portable-net451+win81+wpa81)) (&& (< net45) (>= netstandard1.4) (< netstandard1.5) (< monoandroid) (< wpa81)) (&& (< net45) (>= netstandard1.5) (< netstandard1.6) (< monoandroid)) (&& (>= net46) (>= dnxcore50)) (&& (>= net46) (< netstandard1.4) (>= netstandard1.6)) (&& (>= uap10.0) (< uap10.1)) (&& (>= uap10.0) (>= dnxcore50)) (&& (>= uap10.0) (>= netstandard1.6)) (&& (>= uap10.0) (< win8) (< wpa81)) (&& (>= dnxcore50) (>= netstandard1.1)) (&& (>= dnxcore50) (>= netstandard1.2)) (&& (>= dnxcore50) (>= netstandard1.3)) (&& (>= dnxcore50) (>= netstandard1.4)) (&& (>= dnxcore50) (>= netstandard1.5)) (&& (>= dnxcore50) (>= netstandard1.6)) (&& (>= netstandard1.1) (< portable-net45+win8+wpa81)) (&& (>= netstandard1.3) (< portable-net45+win8+wpa81)) (&& (< netstandard1.3) (>= netstandard1.6) (< monoandroid)) (&& (< netstandard1.4) (>= netstandard1.6) (< monoandroid)) (&& (< netstandard1.5) (>= netstandard1.6) (< monoandroid)) (&& (>= netstandard1.6) (< netstandard2.0) (< monotouch) (< xamarintvos) (< xamarinwatchos) (< xamarinios) (< xamarinmac)) (&& (>= netstandard1.6) (< portable-net45+win8+wpa81)) (&& (>= netstandard1.6) (< portable-net451+win81+wpa81))
      Microsoft.NETCore.Platforms (>= 1.1) - restriction: || (&& (< net45) (>= netstandard1.0) (< netstandard1.3) (< monoandroid) (< win8) (< wp8) (< wpa81)) (&& (< net45) (>= netstandard1.3) (< monotouch) (< xamarintvos) (< xamarinwatchos) (< xamarinios) (< xamarinmac) (< win8) (< wpa81)) (&& (>= dnxcore50) (>= portable-net45+win8+wp8+wpa81))
      Microsoft.NETCore.Targets (>= 1.1) - restriction: || (&& (< net45) (>= netstandard1.0) (< netstandard1.3) (< monoandroid) (< win8) (< wp8) (< wpa81)) (&& (< net45) (>= netstandard1.3) (< monotouch) (< xamarintvos) (< xamarinwatchos) (< xamarinios) (< xamarinmac) (< win8) (< wpa81)) (&& (>= dnxcore50) (>= portable-net45+win8+wp8+wpa81))
      System.Runtime (>= 4.3) - restriction: || (&& (< net45) (>= netstandard1.0) (< netstandard1.3) (< monoandroid) (< win8) (< wp8) (< wpa81)) (&& (< net45) (>= netstandard1.3) (< monotouch) (< xamarintvos) (< xamarinwatchos) (< xamarinios) (< xamarinmac) (< win8) (< wpa81)) (&& (>= dnxcore50) (>= portable-net45+win8+wp8+wpa81))
    System.Diagnostics.DiagnosticSource (4.4.1) - restriction: || (&& (< net45) (>= net46) (< netstandard1.4)) (&& (< net45) (>= netstandard1.3) (< netstandard1.4) (< monoandroid) (< win8) (< wpa81)) (&& (< net45) (>= netstandard1.3) (< win8) (< portable-net451+win81+wpa81)) (&& (< net45) (>= netstandard1.4) (< netstandard1.5) (< monoandroid) (< win8) (< wpa81)) (&& (< net45) (>= netstandard1.5) (< netstandard1.6) (< monoandroid)) (&& (>= net46) (>= dnxcore50)) (&& (>= net46) (< netstandard1.4) (>= netstandard1.6)) (&& (>= uap10.0) (>= dnxcore50)) (&& (>= uap10.0) (>= netstandard1.6)) (&& (>= uap10.0) (< win8) (< wpa81)) (&& (>= dnxcore50) (>= netstandard1.1)) (&& (>= dnxcore50) (>= netstandard1.2)) (&& (>= dnxcore50) (>= netstandard1.3)) (&& (>= dnxcore50) (>= netstandard1.4)) (&& (>= dnxcore50) (>= netstandard1.5)) (&& (>= dnxcore50) (>= netstandard1.6)) (&& (< netstandard1.3) (>= netstandard1.6) (< monoandroid)) (&& (< netstandard1.4) (>= netstandard1.6) (< monoandroid)) (&& (< netstandard1.5) (>= netstandard1.6) (< monoandroid)) (&& (>= netstandard1.6) (< netstandard2.0) (< monotouch) (< xamarintvos) (< xamarinwatchos) (< xamarinios) (< xamarinmac)) (&& (>= netstandard1.6) (< portable-net451+win81+wpa81))
      System.Collections (>= 4.3) - restriction: || (&& (< net45) (>= netstandard1.1) (< netstandard1.3)) (&& (< net45) (>= netstandard1.3) (< netcoreapp2.0) (< xamarinmac))
      System.Diagnostics.Debug (>= 4.3) - restriction: && (< net45) (>= netstandard1.3) (< netcoreapp2.0) (< xamarinmac)
      System.Diagnostics.Tracing (>= 4.3) - restriction: || (&& (< net45) (>= netstandard1.1) (< netstandard1.3)) (&& (< net45) (>= netstandard1.3) (< netcoreapp2.0) (< xamarinmac))
      System.Reflection (>= 4.3) - restriction: || (&& (< net45) (>= netstandard1.1) (< netstandard1.3)) (&& (< net45) (>= netstandard1.3) (< netcoreapp2.0) (< xamarinmac))
      System.Runtime (>= 4.3) - restriction: || (&& (< net45) (>= netstandard1.1) (< netstandard1.3)) (&& (< net45) (>= netstandard1.3) (< netcoreapp2.0) (< xamarinmac))
      System.Runtime.Extensions (>= 4.3) - restriction: && (< net45) (>= netstandard1.3) (< netcoreapp2.0) (< xamarinmac)
      System.Threading (>= 4.3) - restriction: || (&& (< net45) (>= netstandard1.1) (< netstandard1.3)) (&& (< net45) (>= netstandard1.3) (< netcoreapp2.0) (< xamarinmac))
    System.Diagnostics.Tools (4.3) - restriction: || (&& (< net45) (>= netstandard1.1) (< portable-net451+win81+wpa81)) (&& (< net45) (>= netstandard1.2) (< netstandard1.3) (< monoandroid) (< wpa81)) (&& (< net45) (>= netstandard1.3) (< netstandard1.4) (< monoandroid) (< wpa81)) (&& (< net45) (>= netstandard1.3) (< win8) (< portable-net451+win81+wpa81)) (&& (< net45) (>= netstandard1.4) (< netstandard1.5) (< monoandroid) (< wpa81)) (&& (< net45) (>= netstandard1.5) (< netstandard1.6) (< monoandroid)) (&& (>= uap10.0) (< uap10.1)) (&& (>= uap10.0) (>= dnxcore50)) (&& (>= uap10.0) (< win8) (< wpa81)) (&& (>= dnxcore50) (>= netstandard1.1)) (&& (>= dnxcore50) (>= netstandard1.2)) (&& (>= dnxcore50) (>= netstandard1.3)) (&& (>= dnxcore50) (>= netstandard1.4)) (&& (>= dnxcore50) (>= netstandard1.5)) (&& (>= dnxcore50) (>= netstandard1.6)) (&& (>= netstandard1.1) (< portable-net45+win8+wpa81)) (&& (>= netstandard1.3) (< portable-net45+win8+wpa81)) (&& (>= netstandard1.6) (< netstandard2.0) (< monotouch) (< xamarintvos) (< xamarinwatchos) (< xamarinios) (< xamarinmac))
      Microsoft.NETCore.Platforms (>= 1.1) - restriction: || (&& (< net45) (>= netstandard1.0) (< monotouch) (< xamarintvos) (< xamarinwatchos) (< xamarinios) (< xamarinmac) (< win8) (< wp8) (< wpa81)) (&& (>= dnxcore50) (>= portable-net45+win8+wp8+wpa81))
      Microsoft.NETCore.Targets (>= 1.1) - restriction: || (&& (< net45) (>= netstandard1.0) (< monotouch) (< xamarintvos) (< xamarinwatchos) (< xamarinios) (< xamarinmac) (< win8) (< wp8) (< wpa81)) (&& (>= dnxcore50) (>= portable-net45+win8+wp8+wpa81))
      System.Runtime (>= 4.3) - restriction: || (&& (< net45) (>= netstandard1.0) (< monotouch) (< xamarintvos) (< xamarinwatchos) (< xamarinios) (< xamarinmac) (< win8) (< wp8) (< wpa81)) (&& (>= dnxcore50) (>= portable-net45+win8+wp8+wpa81))
    System.Diagnostics.Tracing (4.3) - restriction: || (&& (< net45) (>= net46) (< netstandard1.4)) (&& (< net45) (>= netstandard1.1) (< portable-net451+win81+wpa81)) (&& (< net45) (>= netstandard1.2) (< netstandard1.3) (< monoandroid) (< wpa81)) (&& (< net45) (>= netstandard1.3) (< netstandard1.4) (< monoandroid) (< wpa81)) (&& (< net45) (>= netstandard1.3) (< win8) (< portable-net451+win81+wpa81)) (&& (< net45) (>= netstandard1.4) (< netstandard1.5) (< monoandroid) (< wpa81)) (&& (< net45) (>= netstandard1.5) (< netstandard1.6) (< monoandroid)) (&& (>= net46) (>= dnxcore50)) (&& (>= net46) (< netstandard1.4) (>= netstandard1.6)) (&& (>= uap10.0) (< uap10.1)) (&& (>= uap10.0) (>= dnxcore50)) (&& (>= uap10.0) (>= netstandard1.6)) (&& (>= uap10.0) (< win8) (< wpa81)) (&& (>= dnxcore50) (>= netstandard1.1)) (&& (>= dnxcore50) (>= netstandard1.2)) (&& (>= dnxcore50) (>= netstandard1.3)) (&& (>= dnxcore50) (>= netstandard1.4)) (&& (>= dnxcore50) (>= netstandard1.5)) (&& (>= dnxcore50) (>= netstandard1.6)) (&& (< netstandard1.3) (>= netstandard1.6) (< monoandroid)) (&& (< netstandard1.4) (>= netstandard1.6) (< monoandroid)) (&& (< netstandard1.5) (>= netstandard1.6) (< monoandroid)) (&& (>= netstandard1.6) (< netstandard2.0) (< monotouch) (< xamarintvos) (< xamarinwatchos) (< xamarinios) (< xamarinmac)) (&& (>= netstandard1.6) (< portable-net451+win81+wpa81))
      Microsoft.NETCore.Platforms (>= 1.1) - restriction: || (&& (< net45) (>= netstandard1.1) (< netstandard1.2) (< monoandroid) (< win8)) (&& (< net45) (>= netstandard1.2) (< netstandard1.3) (< monoandroid) (< win8) (< wpa81)) (&& (< net45) (>= netstandard1.3) (< netstandard1.5) (< monoandroid) (< win8) (< wpa81)) (&& (< net45) (>= netstandard1.5) (< monotouch) (< xamarintvos) (< xamarinwatchos) (< xamarinios) (< xamarinmac)) (&& (>= dnxcore50) (>= portable-net45+win8+wp8+wpa81))
      Microsoft.NETCore.Targets (>= 1.1) - restriction: || (&& (< net45) (>= netstandard1.1) (< netstandard1.2) (< monoandroid) (< win8)) (&& (< net45) (>= netstandard1.2) (< netstandard1.3) (< monoandroid) (< win8) (< wpa81)) (&& (< net45) (>= netstandard1.3) (< netstandard1.5) (< monoandroid) (< win8) (< wpa81)) (&& (< net45) (>= netstandard1.5) (< monotouch) (< xamarintvos) (< xamarinwatchos) (< xamarinios) (< xamarinmac)) (&& (>= dnxcore50) (>= portable-net45+win8+wp8+wpa81))
      System.Runtime (>= 4.3) - restriction: || (&& (< net45) (>= netstandard1.1) (< netstandard1.2) (< monoandroid) (< win8)) (&& (< net45) (>= netstandard1.2) (< netstandard1.3) (< monoandroid) (< win8) (< wpa81)) (&& (< net45) (>= netstandard1.3) (< netstandard1.5) (< monoandroid) (< win8) (< wpa81)) (&& (< net45) (>= netstandard1.5) (< monotouch) (< xamarintvos) (< xamarinwatchos) (< xamarinios) (< xamarinmac)) (&& (>= dnxcore50) (>= portable-net45+win8+wp8+wpa81))
    System.Globalization (4.3) - restriction: || (&& (< net45) (>= net46) (< netstandard1.4)) (&& (< net45) (>= netstandard1.1) (< portable-net451+win81+wpa81)) (&& (< net45) (>= netstandard1.2) (< netstandard1.3) (< monoandroid) (< wpa81)) (&& (< net45) (>= netstandard1.3) (< netstandard1.4) (< monoandroid) (< wpa81)) (&& (< net45) (>= netstandard1.3) (< win8) (< portable-net451+win81+wpa81)) (&& (< net45) (>= netstandard1.4) (< netstandard1.5) (< monoandroid) (< wpa81)) (&& (< net45) (>= netstandard1.5) (< netstandard1.6) (< monoandroid)) (&& (>= net46) (>= dnxcore50)) (&& (>= net46) (< netstandard1.4) (>= netstandard1.6)) (&& (>= uap10.0) (< uap10.1)) (&& (>= uap10.0) (>= dnxcore50)) (&& (>= uap10.0) (>= netstandard1.6)) (&& (>= uap10.0) (< win8) (< wpa81)) (&& (>= dnxcore50) (>= netstandard1.1)) (&& (>= dnxcore50) (>= netstandard1.2)) (&& (>= dnxcore50) (>= netstandard1.3)) (&& (>= dnxcore50) (>= netstandard1.4)) (&& (>= dnxcore50) (>= netstandard1.5)) (&& (>= dnxcore50) (>= netstandard1.6)) (&& (>= netstandard1.1) (< portable-net45+win8+wpa81)) (&& (>= netstandard1.3) (< portable-net45+win8+wpa81)) (&& (< netstandard1.3) (>= netstandard1.6) (< monoandroid)) (&& (< netstandard1.4) (>= netstandard1.6) (< monoandroid)) (&& (< netstandard1.5) (>= netstandard1.6) (< monoandroid)) (&& (>= netstandard1.6) (< netstandard2.0) (< monotouch) (< xamarintvos) (< xamarinwatchos) (< xamarinios) (< xamarinmac)) (&& (>= netstandard1.6) (< portable-net45+win8+wpa81)) (&& (>= netstandard1.6) (< portable-net451+win81+wpa81))
      Microsoft.NETCore.Platforms (>= 1.1) - restriction: || (&& (< net45) (>= netstandard1.0) (< netstandard1.3) (< monoandroid) (< win8) (< wp8) (< wpa81)) (&& (< net45) (>= netstandard1.3) (< monotouch) (< xamarintvos) (< xamarinwatchos) (< xamarinios) (< xamarinmac) (< win8) (< wpa81)) (&& (>= dnxcore50) (>= portable-net45+win8+wp8+wpa81))
      Microsoft.NETCore.Targets (>= 1.1) - restriction: || (&& (< net45) (>= netstandard1.0) (< netstandard1.3) (< monoandroid) (< win8) (< wp8) (< wpa81)) (&& (< net45) (>= netstandard1.3) (< monotouch) (< xamarintvos) (< xamarinwatchos) (< xamarinios) (< xamarinmac) (< win8) (< wpa81)) (&& (>= dnxcore50) (>= portable-net45+win8+wp8+wpa81))
      System.Runtime (>= 4.3) - restriction: || (&& (< net45) (>= netstandard1.0) (< netstandard1.3) (< monoandroid) (< win8) (< wp8) (< wpa81)) (&& (< net45) (>= netstandard1.3) (< monotouch) (< xamarintvos) (< xamarinwatchos) (< xamarinios) (< xamarinmac) (< win8) (< wpa81)) (&& (>= dnxcore50) (>= portable-net45+win8+wp8+wpa81))
    System.Globalization.Calendars (4.3) - restriction: || (&& (< net45) (>= net46) (< netstandard1.4)) (&& (< net45) (>= netstandard1.3) (< netstandard1.4) (< monoandroid) (< wpa81)) (&& (< net45) (>= netstandard1.4) (< netstandard1.5) (< monoandroid) (< wpa81)) (&& (< net45) (>= netstandard1.5) (< netstandard1.6) (< monoandroid)) (&& (>= net46) (>= dnxcore50)) (&& (>= net46) (< netstandard1.4) (>= netstandard1.6)) (&& (>= uap10.0) (< uap10.1)) (&& (>= uap10.0) (>= dnxcore50)) (&& (>= uap10.0) (>= netstandard1.6)) (&& (>= dnxcore50) (>= netstandard1.3)) (&& (>= dnxcore50) (>= netstandard1.4)) (&& (>= dnxcore50) (>= netstandard1.5)) (&& (>= dnxcore50) (>= netstandard1.6)) (&& (< netstandard1.4) (>= netstandard1.6) (< monoandroid)) (&& (< netstandard1.5) (>= netstandard1.6) (< monoandroid)) (&& (>= netstandard1.6) (< netstandard2.0) (< monotouch) (< xamarintvos) (< xamarinwatchos) (< xamarinios) (< xamarinmac))
      Microsoft.NETCore.Platforms (>= 1.1) - restriction: && (< net46) (>= netstandard1.3) (< monotouch) (< xamarintvos) (< xamarinwatchos) (< xamarinios) (< xamarinmac)
      Microsoft.NETCore.Targets (>= 1.1) - restriction: && (< net46) (>= netstandard1.3) (< monotouch) (< xamarintvos) (< xamarinwatchos) (< xamarinios) (< xamarinmac)
      System.Globalization (>= 4.3) - restriction: && (< net46) (>= netstandard1.3) (< monotouch) (< xamarintvos) (< xamarinwatchos) (< xamarinios) (< xamarinmac)
      System.Runtime (>= 4.3) - restriction: && (< net46) (>= netstandard1.3) (< monotouch) (< xamarintvos) (< xamarinwatchos) (< xamarinios) (< xamarinmac)
    System.Globalization.Extensions (4.3) - restriction: || (&& (>= net46) (< netstandard1.4) (>= netstandard1.6)) (&& (>= uap10.0) (>= netstandard1.6)) (&& (< netstandard1.3) (>= netstandard1.6) (< monoandroid)) (&& (< netstandard1.4) (>= netstandard1.6) (< monoandroid)) (&& (< netstandard1.5) (>= netstandard1.6) (< monoandroid)) (&& (>= netstandard1.6) (< netstandard2.0) (< monotouch) (< xamarintvos) (< xamarinwatchos) (< xamarinios) (< xamarinmac)) (&& (>= netstandard1.6) (< portable-net451+win81+wpa81))
      Microsoft.NETCore.Platforms (>= 1.1) - restriction: && (< net46) (>= netstandard1.3) (< monotouch) (< xamarintvos) (< xamarinwatchos) (< xamarinios) (< xamarinmac)
      System.Globalization (>= 4.3) - restriction: && (< net46) (>= netstandard1.3) (< monotouch) (< xamarintvos) (< xamarinwatchos) (< xamarinios) (< xamarinmac)
      System.Resources.ResourceManager (>= 4.3) - restriction: && (< net46) (>= netstandard1.3) (< monotouch) (< xamarintvos) (< xamarinwatchos) (< xamarinios) (< xamarinmac)
      System.Runtime (>= 4.3) - restriction: && (< net46) (>= netstandard1.3) (< monotouch) (< xamarintvos) (< xamarinwatchos) (< xamarinios) (< xamarinmac)
      System.Runtime.Extensions (>= 4.3) - restriction: && (< net46) (>= netstandard1.3) (< monotouch) (< xamarintvos) (< xamarinwatchos) (< xamarinios) (< xamarinmac)
      System.Runtime.InteropServices (>= 4.3) - restriction: && (< net46) (>= netstandard1.3) (< monotouch) (< xamarintvos) (< xamarinwatchos) (< xamarinios) (< xamarinmac)
    System.IO (4.3) - restriction: || (&& (< net45) (>= net46) (< netstandard1.3)) (&& (< net45) (>= net46) (< netstandard1.4)) (&& (< net45) (>= net463)) (&& (< net45) (>= netstandard1.1) (< portable-net451+win81+wpa81)) (&& (< net45) (>= netstandard1.2) (< netstandard1.3) (< monoandroid) (< wpa81)) (&& (< net45) (>= netstandard1.3) (< netstandard1.4) (< monoandroid) (< wpa81)) (&& (< net45) (>= netstandard1.3) (< win8) (< portable-net451+win81+wpa81)) (&& (< net45) (< netstandard1.3) (>= netstandard1.4) (< monoandroid) (< win8) (< wpa81)) (&& (< net45) (< netstandard1.3) (>= netstandard1.5) (< monoandroid)) (&& (< net45) (>= netstandard1.4) (< netstandard1.5) (< monoandroid) (< wpa81)) (&& (< net45) (< netstandard1.4) (>= netstandard1.5) (< monoandroid)) (&& (< net45) (>= netstandard1.5) (< netstandard1.6) (< monoandroid)) (&& (< net45) (>= netstandard1.5) (< portable-net451+win81+wpa81)) (&& (>= net46) (>= dnxcore50)) (&& (>= net46) (< netstandard1.4) (>= netstandard1.6)) (&& (>= net463) (>= uap10.0)) (&& (>= net463) (>= netstandard1.6)) (&& (>= uap10.0) (< uap10.1)) (&& (>= uap10.0) (>= dnxcore50)) (&& (>= uap10.0) (< netstandard1.4)) (&& (>= uap10.0) (>= netstandard1.5)) (&& (>= uap10.0) (>= netstandard1.6)) (&& (>= uap10.0) (< win8) (< wpa81)) (&& (>= dnxcore50) (>= netstandard1.1)) (&& (>= dnxcore50) (>= netstandard1.2)) (&& (>= dnxcore50) (>= netstandard1.3)) (&& (>= dnxcore50) (>= netstandard1.4)) (&& (>= dnxcore50) (>= netstandard1.5)) (&& (>= dnxcore50) (>= netstandard1.6)) (&& (>= netstandard1.1) (< portable-net45+win8+wpa81)) (&& (>= netstandard1.3) (< portable-net45+win8+wpa81)) (&& (< netstandard1.3) (>= netstandard1.6) (< monoandroid)) (&& (< netstandard1.4) (>= netstandard1.6) (< monoandroid)) (&& (>= netstandard1.5) (< portable-net45+win8+wpa81)) (&& (< netstandard1.5) (>= netstandard1.6) (< monoandroid)) (&& (>= netstandard1.6) (< netstandard2.0) (< monotouch) (< xamarintvos) (< xamarinwatchos) (< xamarinios) (< xamarinmac)) (&& (>= netstandard1.6) (< portable-net45+win8+wpa81)) (&& (>= netstandard1.6) (< portable-net451+win81+wpa81))
      Microsoft.NETCore.Platforms (>= 1.1) - restriction: || (&& (< net45) (>= netstandard1.0) (< netstandard1.3) (< monoandroid) (< win8) (< wp8) (< wpa81)) (&& (< net45) (>= netstandard1.3) (< netstandard1.5) (< monoandroid) (< win8) (< wpa81)) (&& (< net45) (>= netstandard1.5) (< monotouch) (< xamarintvos) (< xamarinwatchos) (< xamarinios) (< xamarinmac)) (&& (>= dnxcore50) (>= portable-net45+win8+wp8+wpa81))
      Microsoft.NETCore.Targets (>= 1.1) - restriction: || (&& (< net45) (>= netstandard1.0) (< netstandard1.3) (< monoandroid) (< win8) (< wp8) (< wpa81)) (&& (< net45) (>= netstandard1.3) (< netstandard1.5) (< monoandroid) (< win8) (< wpa81)) (&& (< net45) (>= netstandard1.5) (< monotouch) (< xamarintvos) (< xamarinwatchos) (< xamarinios) (< xamarinmac)) (&& (>= dnxcore50) (>= portable-net45+win8+wp8+wpa81))
      System.Runtime (>= 4.3) - restriction: || (&& (< net45) (>= netstandard1.0) (< netstandard1.3) (< monoandroid) (< win8) (< wp8) (< wpa81)) (&& (< net45) (>= netstandard1.3) (< netstandard1.5) (< monoandroid) (< win8) (< wpa81)) (&& (< net45) (>= netstandard1.5) (< monotouch) (< xamarintvos) (< xamarinwatchos) (< xamarinios) (< xamarinmac)) (&& (>= dnxcore50) (>= portable-net45+win8+wp8+wpa81))
      System.Text.Encoding (>= 4.3) - restriction: || (&& (< net45) (>= netstandard1.0) (< netstandard1.3) (< monoandroid) (< win8) (< wp8) (< wpa81)) (&& (< net45) (>= netstandard1.3) (< netstandard1.5) (< monoandroid) (< win8) (< wpa81)) (&& (< net45) (>= netstandard1.5) (< monotouch) (< xamarintvos) (< xamarinwatchos) (< xamarinios) (< xamarinmac)) (&& (>= dnxcore50) (>= portable-net45+win8+wp8+wpa81))
      System.Threading.Tasks (>= 4.3) - restriction: || (&& (< net45) (>= netstandard1.0) (< netstandard1.3) (< monoandroid) (< win8) (< wp8) (< wpa81)) (&& (< net45) (>= netstandard1.3) (< netstandard1.5) (< monoandroid) (< win8) (< wpa81)) (&& (< net45) (>= netstandard1.5) (< monotouch) (< xamarintvos) (< xamarinwatchos) (< xamarinios) (< xamarinmac)) (&& (>= dnxcore50) (>= portable-net45+win8+wp8+wpa81))
    System.IO.Compression (4.3) - restriction: || (&& (< net45) (>= net46) (< netstandard1.4)) (&& (< net45) (>= netstandard1.1) (< portable-net451+win81+wpa81)) (&& (< net45) (>= netstandard1.2) (< netstandard1.3) (< monoandroid) (< wpa81)) (&& (< net45) (>= netstandard1.3) (< netstandard1.4) (< monoandroid) (< wpa81)) (&& (< net45) (>= netstandard1.3) (< win8) (< portable-net451+win81+wpa81)) (&& (< net45) (>= netstandard1.4) (< netstandard1.5) (< monoandroid) (< wpa81)) (&& (< net45) (>= netstandard1.5) (< netstandard1.6) (< monoandroid)) (&& (>= uap10.0) (< uap10.1)) (&& (>= uap10.0) (< win8) (< wpa81)) (&& (>= netstandard1.6) (< netstandard2.0) (< monotouch) (< xamarintvos) (< xamarinwatchos) (< xamarinios) (< xamarinmac))
      Microsoft.NETCore.Platforms (>= 1.1) - restriction: && (< net45) (>= netstandard1.3) (< monotouch) (< xamarintvos) (< xamarinwatchos) (< xamarinios) (< xamarinmac) (< win8) (< wpa81)
      runtime.native.System (>= 4.3) - restriction: && (< net45) (>= netstandard1.3) (< monotouch) (< xamarintvos) (< xamarinwatchos) (< xamarinios) (< xamarinmac) (< win8) (< wpa81)
      runtime.native.System.IO.Compression (>= 4.3) - restriction: || (&& (< net45) (>= netstandard1.3) (< monotouch) (< xamarintvos) (< xamarinwatchos) (< xamarinios) (< xamarinmac) (< win8) (< wpa81)) (&& (>= dnxcore50) (>= portable-net45+win8+wp8+wpa81))
      System.Buffers (>= 4.3) - restriction: || (&& (< net45) (>= netstandard1.3) (< monotouch) (< xamarintvos) (< xamarinwatchos) (< xamarinios) (< xamarinmac) (< win8) (< wpa81)) (&& (>= dnxcore50) (>= portable-net45+win8+wp8+wpa81))
      System.Collections (>= 4.3) - restriction: || (&& (< net45) (>= netstandard1.3) (< monotouch) (< xamarintvos) (< xamarinwatchos) (< xamarinios) (< xamarinmac) (< win8) (< wpa81)) (&& (>= dnxcore50) (>= portable-net45+win8+wp8+wpa81))
      System.Diagnostics.Debug (>= 4.3) - restriction: || (&& (< net45) (>= netstandard1.3) (< monotouch) (< xamarintvos) (< xamarinwatchos) (< xamarinios) (< xamarinmac) (< win8) (< wpa81)) (&& (>= dnxcore50) (>= portable-net45+win8+wp8+wpa81))
      System.IO (>= 4.3) - restriction: || (&& (< net45) (>= netstandard1.1) (< netstandard1.3) (< monoandroid) (< win8) (< wpa81)) (&& (< net45) (>= netstandard1.3) (< monotouch) (< xamarintvos) (< xamarinwatchos) (< xamarinios) (< xamarinmac) (< win8) (< wpa81)) (&& (>= dnxcore50) (>= portable-net45+win8+wp8+wpa81))
      System.Resources.ResourceManager (>= 4.3) - restriction: || (&& (< net45) (>= netstandard1.3) (< monotouch) (< xamarintvos) (< xamarinwatchos) (< xamarinios) (< xamarinmac) (< win8) (< wpa81)) (&& (>= dnxcore50) (>= portable-net45+win8+wp8+wpa81))
      System.Runtime (>= 4.3) - restriction: || (&& (< net45) (>= netstandard1.1) (< netstandard1.3) (< monoandroid) (< win8) (< wpa81)) (&& (< net45) (>= netstandard1.3) (< monotouch) (< xamarintvos) (< xamarinwatchos) (< xamarinios) (< xamarinmac) (< win8) (< wpa81)) (&& (>= dnxcore50) (>= portable-net45+win8+wp8+wpa81))
      System.Runtime.Extensions (>= 4.3) - restriction: || (&& (< net45) (>= netstandard1.3) (< monotouch) (< xamarintvos) (< xamarinwatchos) (< xamarinios) (< xamarinmac) (< win8) (< wpa81)) (&& (>= dnxcore50) (>= portable-net45+win8+wp8+wpa81))
      System.Runtime.Handles (>= 4.3) - restriction: || (&& (< net45) (>= netstandard1.3) (< monotouch) (< xamarintvos) (< xamarinwatchos) (< xamarinios) (< xamarinmac) (< win8) (< wpa81)) (&& (>= dnxcore50) (>= portable-net45+win8+wp8+wpa81))
      System.Runtime.InteropServices (>= 4.3) - restriction: || (&& (< net45) (>= netstandard1.3) (< monotouch) (< xamarintvos) (< xamarinwatchos) (< xamarinios) (< xamarinmac) (< win8) (< wpa81)) (&& (>= dnxcore50) (>= portable-net45+win8+wp8+wpa81))
      System.Text.Encoding (>= 4.3) - restriction: || (&& (< net45) (>= netstandard1.1) (< netstandard1.3) (< monoandroid) (< win8) (< wpa81)) (&& (< net45) (>= netstandard1.3) (< monotouch) (< xamarintvos) (< xamarinwatchos) (< xamarinios) (< xamarinmac) (< win8) (< wpa81)) (&& (>= dnxcore50) (>= portable-net45+win8+wp8+wpa81))
      System.Threading (>= 4.3) - restriction: || (&& (< net45) (>= netstandard1.3) (< monotouch) (< xamarintvos) (< xamarinwatchos) (< xamarinios) (< xamarinmac) (< win8) (< wpa81)) (&& (>= dnxcore50) (>= portable-net45+win8+wp8+wpa81))
      System.Threading.Tasks (>= 4.3) - restriction: || (&& (< net45) (>= netstandard1.3) (< monotouch) (< xamarintvos) (< xamarinwatchos) (< xamarinios) (< xamarinmac) (< win8) (< wpa81)) (&& (>= dnxcore50) (>= portable-net45+win8+wp8+wpa81))
    System.IO.Compression.ZipFile (4.3) - restriction: || (&& (< net45) (>= net46) (< netstandard1.4)) (&& (< net45) (>= netstandard1.3) (< netstandard1.4) (< monoandroid) (< wpa81)) (&& (< net45) (>= netstandard1.4) (< netstandard1.5) (< monoandroid) (< wpa81)) (&& (< net45) (>= netstandard1.5) (< netstandard1.6) (< monoandroid)) (&& (>= uap10.0) (< uap10.1)) (&& (>= netstandard1.6) (< netstandard2.0) (< monotouch) (< xamarintvos) (< xamarinwatchos) (< xamarinios) (< xamarinmac))
      System.Buffers (>= 4.3) - restriction: && (< net46) (>= netstandard1.3) (< monotouch) (< xamarintvos) (< xamarinwatchos) (< xamarinios) (< xamarinmac)
      System.IO (>= 4.3) - restriction: && (< net46) (>= netstandard1.3) (< monotouch) (< xamarintvos) (< xamarinwatchos) (< xamarinios) (< xamarinmac)
      System.IO.Compression (>= 4.3) - restriction: && (< net46) (>= netstandard1.3) (< monotouch) (< xamarintvos) (< xamarinwatchos) (< xamarinios) (< xamarinmac)
      System.IO.FileSystem (>= 4.3) - restriction: && (< net46) (>= netstandard1.3) (< monotouch) (< xamarintvos) (< xamarinwatchos) (< xamarinios) (< xamarinmac)
      System.IO.FileSystem.Primitives (>= 4.3) - restriction: && (< net46) (>= netstandard1.3) (< monotouch) (< xamarintvos) (< xamarinwatchos) (< xamarinios) (< xamarinmac)
      System.Resources.ResourceManager (>= 4.3) - restriction: && (< net46) (>= netstandard1.3) (< monotouch) (< xamarintvos) (< xamarinwatchos) (< xamarinios) (< xamarinmac)
      System.Runtime (>= 4.3) - restriction: && (< net46) (>= netstandard1.3) (< monotouch) (< xamarintvos) (< xamarinwatchos) (< xamarinios) (< xamarinmac)
      System.Runtime.Extensions (>= 4.3) - restriction: && (< net46) (>= netstandard1.3) (< monotouch) (< xamarintvos) (< xamarinwatchos) (< xamarinios) (< xamarinmac)
      System.Text.Encoding (>= 4.3) - restriction: && (< net46) (>= netstandard1.3) (< monotouch) (< xamarintvos) (< xamarinwatchos) (< xamarinios) (< xamarinmac)
    System.IO.FileSystem (4.3) - restriction: || (&& (< net45) (>= net46) (< netstandard1.4)) (&& (< net45) (>= netstandard1.3) (< netstandard1.4) (< monoandroid) (< wpa81)) (&& (< net45) (>= netstandard1.3) (< win8) (< portable-net451+win81+wpa81)) (&& (< net45) (>= netstandard1.4) (< netstandard1.5) (< monoandroid) (< wpa81)) (&& (< net45) (>= netstandard1.5) (< netstandard1.6) (< monoandroid)) (&& (>= net46) (>= dnxcore50)) (&& (>= net46) (< netstandard1.4) (>= netstandard1.6)) (&& (>= uap10.0) (< uap10.1)) (&& (>= uap10.0) (>= dnxcore50)) (&& (>= uap10.0) (>= netstandard1.6)) (&& (>= uap10.0) (< win8) (< wpa81)) (&& (>= dnxcore50) (>= netstandard1.1)) (&& (>= dnxcore50) (>= netstandard1.2)) (&& (>= dnxcore50) (>= netstandard1.3)) (&& (>= dnxcore50) (>= netstandard1.4)) (&& (>= dnxcore50) (>= netstandard1.5)) (&& (>= dnxcore50) (>= netstandard1.6)) (&& (>= netstandard1.3) (< portable-net45+win8+wpa81)) (&& (< netstandard1.3) (>= netstandard1.6) (< monoandroid)) (&& (< netstandard1.4) (>= netstandard1.6) (< monoandroid)) (&& (< netstandard1.5) (>= netstandard1.6) (< monoandroid)) (&& (>= netstandard1.6) (< netstandard2.0) (< monotouch) (< xamarintvos) (< xamarinwatchos) (< xamarinios) (< xamarinmac)) (&& (>= netstandard1.6) (< portable-net451+win81+wpa81))
      Microsoft.NETCore.Platforms (>= 1.1) - restriction: && (< net46) (>= netstandard1.3) (< monotouch) (< xamarintvos) (< xamarinwatchos) (< xamarinios) (< xamarinmac)
      Microsoft.NETCore.Targets (>= 1.1) - restriction: && (< net46) (>= netstandard1.3) (< monotouch) (< xamarintvos) (< xamarinwatchos) (< xamarinios) (< xamarinmac)
      System.IO (>= 4.3) - restriction: && (< net46) (>= netstandard1.3) (< monotouch) (< xamarintvos) (< xamarinwatchos) (< xamarinios) (< xamarinmac)
      System.IO.FileSystem.Primitives (>= 4.3) - restriction: || (>= net46) (&& (>= netstandard1.3) (< monotouch) (< xamarintvos) (< xamarinwatchos) (< xamarinios) (< xamarinmac))
      System.Runtime (>= 4.3) - restriction: && (< net46) (>= netstandard1.3) (< monotouch) (< xamarintvos) (< xamarinwatchos) (< xamarinios) (< xamarinmac)
      System.Runtime.Handles (>= 4.3) - restriction: && (< net46) (>= netstandard1.3) (< monotouch) (< xamarintvos) (< xamarinwatchos) (< xamarinios) (< xamarinmac)
      System.Text.Encoding (>= 4.3) - restriction: && (< net46) (>= netstandard1.3) (< monotouch) (< xamarintvos) (< xamarinwatchos) (< xamarinios) (< xamarinmac)
      System.Threading.Tasks (>= 4.3) - restriction: && (< net46) (>= netstandard1.3) (< monotouch) (< xamarintvos) (< xamarinwatchos) (< xamarinios) (< xamarinmac)
    System.IO.FileSystem.Primitives (4.3) - restriction: || (&& (< net45) (>= net46) (>= netstandard1.4) (< netstandard1.5)) (&& (< net45) (>= net46) (< netstandard1.4)) (&& (< net45) (>= net46) (>= netstandard1.5)) (&& (< net45) (>= netstandard1.3) (< netstandard1.4) (< monoandroid) (< wpa81)) (&& (< net45) (>= netstandard1.3) (< win8) (< portable-net451+win81+wpa81)) (&& (< net45) (>= netstandard1.4) (< netstandard1.5) (< monoandroid) (< wpa81)) (&& (< net45) (>= netstandard1.5) (< netstandard1.6) (< monoandroid)) (&& (>= net46) (>= uap10.0)) (&& (>= net46) (>= dnxcore50)) (&& (>= net46) (>= netstandard1.6)) (&& (>= uap10.0) (< uap10.1)) (&& (>= uap10.0) (>= dnxcore50)) (&& (>= uap10.0) (>= netstandard1.6)) (&& (>= uap10.0) (< win8) (< wpa81)) (&& (>= dnxcore50) (>= netstandard1.1)) (&& (>= dnxcore50) (>= netstandard1.2)) (&& (>= dnxcore50) (>= netstandard1.3)) (&& (>= dnxcore50) (>= netstandard1.4)) (&& (>= dnxcore50) (>= netstandard1.5)) (&& (>= dnxcore50) (>= netstandard1.6)) (&& (>= netstandard1.3) (< portable-net45+win8+wpa81)) (&& (< netstandard1.4) (>= netstandard1.6) (< monoandroid)) (&& (< netstandard1.5) (>= netstandard1.6) (< monoandroid)) (&& (>= netstandard1.6) (< netstandard2.0) (< monotouch) (< xamarintvos) (< xamarinwatchos) (< xamarinios) (< xamarinmac))
      System.Runtime (>= 4.3) - restriction: && (< net46) (>= netstandard1.3) (< monotouch) (< xamarintvos) (< xamarinwatchos) (< xamarinios) (< xamarinmac)
    System.Linq (4.3) - restriction: || (&& (< net45) (>= net46) (< netstandard1.4)) (&& (< net45) (>= netstandard1.1) (< portable-net451+win81+wpa81)) (&& (< net45) (>= netstandard1.2) (< netstandard1.3) (< monoandroid) (< wpa81)) (&& (< net45) (>= netstandard1.3) (< netstandard1.4) (< monoandroid) (< wpa81)) (&& (< net45) (>= netstandard1.4) (< netstandard1.5) (< monoandroid) (< wpa81)) (&& (< net45) (>= netstandard1.5) (< netstandard1.6) (< monoandroid)) (&& (>= uap10.0) (< uap10.1)) (&& (>= uap10.0) (>= dnxcore50)) (&& (>= uap10.0) (>= netstandard1.6)) (&& (>= dnxcore50) (>= netstandard1.1)) (&& (>= dnxcore50) (>= netstandard1.2)) (&& (>= dnxcore50) (>= netstandard1.3)) (&& (>= dnxcore50) (>= netstandard1.4)) (&& (>= dnxcore50) (>= netstandard1.5)) (&& (>= dnxcore50) (>= netstandard1.6)) (&& (>= netstandard1.1) (< portable-net45+win8+wpa81)) (&& (< netstandard1.3) (>= netstandard1.6) (< monoandroid)) (&& (< netstandard1.4) (>= netstandard1.6) (< monoandroid)) (&& (< netstandard1.5) (>= netstandard1.6) (< monoandroid)) (&& (>= netstandard1.6) (< netstandard2.0) (< monotouch) (< xamarintvos) (< xamarinwatchos) (< xamarinios) (< xamarinmac)) (&& (>= netstandard1.6) (< portable-net45+win8+wpa81)) (&& (>= netstandard1.6) (< portable-net451+win81+wpa81))
      System.Collections (>= 4.3) - restriction: || (&& (< net45) (>= netstandard1.0) (< netstandard1.6) (< monoandroid) (< win8) (< wp8) (< wpa81)) (&& (>= dnxcore50) (>= portable-net45+win8+wp8+wpa81)) (&& (>= netstandard1.6) (< monotouch) (< xamarintvos) (< xamarinwatchos) (< xamarinios) (< xamarinmac))
      System.Diagnostics.Debug (>= 4.3) - restriction: || (&& (>= dnxcore50) (>= portable-net45+win8+wp8+wpa81)) (&& (>= netstandard1.6) (< monotouch) (< xamarintvos) (< xamarinwatchos) (< xamarinios) (< xamarinmac))
      System.Resources.ResourceManager (>= 4.3) - restriction: || (&& (>= dnxcore50) (>= portable-net45+win8+wp8+wpa81)) (&& (>= netstandard1.6) (< monotouch) (< xamarintvos) (< xamarinwatchos) (< xamarinios) (< xamarinmac))
      System.Runtime (>= 4.3) - restriction: || (&& (< net45) (>= netstandard1.0) (< netstandard1.6) (< monoandroid) (< win8) (< wp8) (< wpa81)) (&& (>= dnxcore50) (>= portable-net45+win8+wp8+wpa81)) (&& (>= netstandard1.6) (< monotouch) (< xamarintvos) (< xamarinwatchos) (< xamarinios) (< xamarinmac))
      System.Runtime.Extensions (>= 4.3) - restriction: || (&& (>= dnxcore50) (>= portable-net45+win8+wp8+wpa81)) (&& (>= netstandard1.6) (< monotouch) (< xamarintvos) (< xamarinwatchos) (< xamarinios) (< xamarinmac))
    System.Linq.Expressions (4.3) - restriction: || (&& (< net45) (>= netstandard1.1) (< portable-net451+win81+wpa81)) (&& (< net45) (>= netstandard1.2) (< netstandard1.3) (< monoandroid) (< wpa81)) (&& (< net45) (>= netstandard1.3) (< netstandard1.4) (< monoandroid) (< wpa81)) (&& (< net45) (>= netstandard1.4) (< netstandard1.5) (< monoandroid) (< wpa81)) (&& (< net45) (>= netstandard1.5) (< netstandard1.6) (< monoandroid)) (&& (>= uap10.0) (< uap10.1)) (&& (>= netstandard1.1) (< portable-net45+win8+wpa81)) (&& (>= netstandard1.6) (< netstandard2.0) (< monotouch) (< xamarintvos) (< xamarinwatchos) (< xamarinios) (< xamarinmac))
      System.Collections (>= 4.3) - restriction: || (&& (>= dnxcore50) (>= portable-net45+win8+wp8+wpa81)) (&& (>= netstandard1.6) (< monotouch) (< xamarintvos) (< xamarinwatchos) (< xamarinios) (< xamarinmac))
      System.Diagnostics.Debug (>= 4.3) - restriction: || (&& (>= dnxcore50) (>= portable-net45+win8+wp8+wpa81)) (&& (>= netstandard1.6) (< monotouch) (< xamarintvos) (< xamarinwatchos) (< xamarinios) (< xamarinmac))
      System.Globalization (>= 4.3) - restriction: || (&& (>= dnxcore50) (>= portable-net45+win8+wp8+wpa81)) (&& (>= netstandard1.6) (< monotouch) (< xamarintvos) (< xamarinwatchos) (< xamarinios) (< xamarinmac))
      System.IO (>= 4.3) - restriction: || (&& (>= dnxcore50) (>= portable-net45+win8+wp8+wpa81)) (&& (>= netstandard1.6) (< monotouch) (< xamarintvos) (< xamarinwatchos) (< xamarinios) (< xamarinmac))
      System.Linq (>= 4.3) - restriction: || (&& (>= dnxcore50) (>= portable-net45+win8+wp8+wpa81)) (&& (>= netstandard1.6) (< monotouch) (< xamarintvos) (< xamarinwatchos) (< xamarinios) (< xamarinmac))
      System.ObjectModel (>= 4.3) - restriction: && (>= netstandard1.6) (< monotouch) (< xamarintvos) (< xamarinwatchos) (< xamarinios) (< xamarinmac)
      System.Reflection (>= 4.3) - restriction: || (&& (< net45) (>= netstandard1.0) (< netstandard1.3) (< monoandroid) (< win8) (< wp8) (< wpa81)) (&& (< net45) (>= netstandard1.3) (< netstandard1.6) (< monoandroid) (< win8) (< wpa81)) (&& (>= dnxcore50) (>= portable-net45+win8+wp8+wpa81)) (&& (>= netstandard1.6) (< monotouch) (< xamarintvos) (< xamarinwatchos) (< xamarinios) (< xamarinmac))
      System.Reflection.Emit (>= 4.3) - restriction: && (>= netstandard1.6) (< monotouch) (< xamarintvos) (< xamarinwatchos) (< xamarinios) (< xamarinmac)
      System.Reflection.Emit.ILGeneration (>= 4.3) - restriction: || (&& (>= dnxcore50) (>= portable-net45+win8+wp8+wpa81)) (&& (>= netstandard1.6) (< monotouch) (< xamarintvos) (< xamarinwatchos) (< xamarinios) (< xamarinmac))
      System.Reflection.Emit.Lightweight (>= 4.3) - restriction: || (&& (>= dnxcore50) (>= portable-net45+win8+wp8+wpa81)) (&& (>= netstandard1.6) (< monotouch) (< xamarintvos) (< xamarinwatchos) (< xamarinios) (< xamarinmac))
      System.Reflection.Extensions (>= 4.3) - restriction: || (&& (>= dnxcore50) (>= portable-net45+win8+wp8+wpa81)) (&& (>= netstandard1.6) (< monotouch) (< xamarintvos) (< xamarinwatchos) (< xamarinios) (< xamarinmac))
      System.Reflection.Primitives (>= 4.3) - restriction: || (&& (>= dnxcore50) (>= portable-net45+win8+wp8+wpa81)) (&& (>= netstandard1.6) (< monotouch) (< xamarintvos) (< xamarinwatchos) (< xamarinios) (< xamarinmac))
      System.Reflection.TypeExtensions (>= 4.3) - restriction: || (&& (>= dnxcore50) (>= portable-net45+win8+wp8+wpa81)) (&& (>= netstandard1.6) (< monotouch) (< xamarintvos) (< xamarinwatchos) (< xamarinios) (< xamarinmac))
      System.Resources.ResourceManager (>= 4.3) - restriction: || (&& (>= dnxcore50) (>= portable-net45+win8+wp8+wpa81)) (&& (>= netstandard1.6) (< monotouch) (< xamarintvos) (< xamarinwatchos) (< xamarinios) (< xamarinmac))
      System.Runtime (>= 4.3) - restriction: || (&& (< net45) (>= netstandard1.0) (< netstandard1.3) (< monoandroid) (< win8) (< wp8) (< wpa81)) (&& (< net45) (>= netstandard1.3) (< netstandard1.6) (< monoandroid) (< win8) (< wpa81)) (&& (>= dnxcore50) (>= portable-net45+win8+wp8+wpa81)) (&& (>= netstandard1.6) (< monotouch) (< xamarintvos) (< xamarinwatchos) (< xamarinios) (< xamarinmac))
      System.Runtime.Extensions (>= 4.3) - restriction: || (&& (>= dnxcore50) (>= portable-net45+win8+wp8+wpa81)) (&& (>= netstandard1.6) (< monotouch) (< xamarintvos) (< xamarinwatchos) (< xamarinios) (< xamarinmac))
      System.Threading (>= 4.3) - restriction: || (&& (>= dnxcore50) (>= portable-net45+win8+wp8+wpa81)) (&& (>= netstandard1.6) (< monotouch) (< xamarintvos) (< xamarinwatchos) (< xamarinios) (< xamarinmac))
    System.Net.Http (4.3.2) - restriction: || (&& (< net45) (>= net46) (< netstandard1.4)) (&& (< net45) (>= netstandard1.1) (< portable-net451+win81+wpa81)) (&& (< net45) (>= netstandard1.2) (< netstandard1.3) (< monoandroid) (< wpa81)) (&& (< net45) (>= netstandard1.3) (< netstandard1.4) (< monoandroid) (< wpa81)) (&& (< net45) (>= netstandard1.4) (< netstandard1.5) (< monoandroid) (< wpa81)) (&& (< net45) (>= netstandard1.5) (< netstandard1.6) (< monoandroid)) (&& (>= uap10.0) (< uap10.1)) (&& (>= netstandard1.6) (< netstandard2.0) (< monotouch) (< xamarintvos) (< xamarinwatchos) (< xamarinios) (< xamarinmac))
      Microsoft.NETCore.Platforms (>= 1.1) - restriction: || (&& (< net45) (>= netstandard1.3) (< netstandard1.6) (< monoandroid) (< win8) (< wpa81)) (&& (>= dnxcore50) (>= portable-net45+win8+wp8+wpa81)) (&& (>= netstandard1.6) (< monotouch) (< xamarintvos) (< xamarinwatchos) (< xamarinios) (< xamarinmac))
      Microsoft.Win32.Primitives (>= 4.3) - restriction: && (< net45) (>= netstandard1.3) (< netstandard1.6) (< monoandroid) (< win8) (< wpa81)
      runtime.native.System (>= 4.3) - restriction: && (>= netstandard1.6) (< monotouch) (< xamarintvos) (< xamarinwatchos) (< xamarinios) (< xamarinmac)
      runtime.native.System.Net.Http (>= 4.3) - restriction: && (>= netstandard1.6) (< monotouch) (< xamarintvos) (< xamarinwatchos) (< xamarinios) (< xamarinmac)
      runtime.native.System.Security.Cryptography.OpenSsl (>= 4.3) - restriction: && (>= netstandard1.6) (< monotouch) (< xamarintvos) (< xamarinwatchos) (< xamarinios) (< xamarinmac)
      System.Collections (>= 4.3) - restriction: || (&& (< net45) (>= netstandard1.3) (< netstandard1.6) (< monoandroid) (< win8) (< wpa81)) (&& (>= dnxcore50) (>= portable-net45+win8+wp8+wpa81)) (&& (>= netstandard1.6) (< monotouch) (< xamarintvos) (< xamarinwatchos) (< xamarinios) (< xamarinmac))
      System.Diagnostics.Debug (>= 4.3) - restriction: || (&& (< net45) (>= netstandard1.3) (< netstandard1.6) (< monoandroid) (< win8) (< wpa81)) (&& (>= dnxcore50) (>= portable-net45+win8+wp8+wpa81)) (&& (>= netstandard1.6) (< monotouch) (< xamarintvos) (< xamarinwatchos) (< xamarinios) (< xamarinmac))
      System.Diagnostics.DiagnosticSource (>= 4.3) - restriction: || (&& (< net45) (>= netstandard1.3) (< netstandard1.6) (< monoandroid) (< win8) (< wpa81)) (&& (>= dnxcore50) (>= portable-net45+win8+wp8+wpa81)) (&& (>= netstandard1.6) (< monotouch) (< xamarintvos) (< xamarinwatchos) (< xamarinios) (< xamarinmac))
      System.Diagnostics.Tracing (>= 4.3) - restriction: || (&& (< net45) (>= netstandard1.3) (< netstandard1.6) (< monoandroid) (< win8) (< wpa81)) (&& (>= dnxcore50) (>= portable-net45+win8+wp8+wpa81)) (&& (>= netstandard1.6) (< monotouch) (< xamarintvos) (< xamarinwatchos) (< xamarinios) (< xamarinmac))
      System.Globalization (>= 4.3) - restriction: || (&& (< net45) (>= netstandard1.3) (< netstandard1.6) (< monoandroid) (< win8) (< wpa81)) (&& (>= dnxcore50) (>= portable-net45+win8+wp8+wpa81)) (&& (>= netstandard1.6) (< monotouch) (< xamarintvos) (< xamarinwatchos) (< xamarinios) (< xamarinmac))
      System.Globalization.Extensions (>= 4.3) - restriction: && (>= netstandard1.6) (< monotouch) (< xamarintvos) (< xamarinwatchos) (< xamarinios) (< xamarinmac)
      System.IO (>= 4.3) - restriction: || (&& (< net45) (>= netstandard1.1) (< netstandard1.3) (< monoandroid) (< win8) (< wpa81)) (&& (< net45) (>= netstandard1.3) (< netstandard1.6) (< monoandroid) (< win8) (< wpa81)) (&& (>= dnxcore50) (>= portable-net45+win8+wp8+wpa81)) (&& (>= netstandard1.6) (< monotouch) (< xamarintvos) (< xamarinwatchos) (< xamarinios) (< xamarinmac))
      System.IO.Compression (>= 4.3) - restriction: && (< net45) (>= netstandard1.3) (< netstandard1.6) (< monoandroid) (< win8) (< wpa81)
      System.IO.FileSystem (>= 4.3) - restriction: && (>= netstandard1.6) (< monotouch) (< xamarintvos) (< xamarinwatchos) (< xamarinios) (< xamarinmac)
      System.Net.Primitives (>= 4.3) - restriction: || (&& (< net45) (>= netstandard1.1) (< netstandard1.3) (< monoandroid) (< win8) (< wpa81)) (&& (< net45) (>= netstandard1.3) (< netstandard1.6) (< monoandroid) (< win8) (< wpa81)) (&& (>= dnxcore50) (>= portable-net45+win8+wp8+wpa81)) (&& (>= netstandard1.6) (< monotouch) (< xamarintvos) (< xamarinwatchos) (< xamarinios) (< xamarinmac))
      System.Resources.ResourceManager (>= 4.3) - restriction: || (&& (< net45) (>= netstandard1.3) (< netstandard1.6) (< monoandroid) (< win8) (< wpa81)) (&& (>= dnxcore50) (>= portable-net45+win8+wp8+wpa81)) (&& (>= netstandard1.6) (< monotouch) (< xamarintvos) (< xamarinwatchos) (< xamarinios) (< xamarinmac))
      System.Runtime (>= 4.3) - restriction: || (&& (< net45) (>= netstandard1.1) (< netstandard1.3) (< monoandroid) (< win8) (< wpa81)) (&& (< net45) (>= netstandard1.3) (< netstandard1.6) (< monoandroid) (< win8) (< wpa81)) (&& (>= dnxcore50) (>= portable-net45+win8+wp8+wpa81)) (&& (>= netstandard1.6) (< monotouch) (< xamarintvos) (< xamarinwatchos) (< xamarinios) (< xamarinmac))
      System.Runtime.Extensions (>= 4.3) - restriction: || (&& (< net45) (>= netstandard1.3) (< netstandard1.6) (< monoandroid) (< win8) (< wpa81)) (&& (>= dnxcore50) (>= portable-net45+win8+wp8+wpa81)) (&& (>= netstandard1.6) (< monotouch) (< xamarintvos) (< xamarinwatchos) (< xamarinios) (< xamarinmac))
      System.Runtime.Handles (>= 4.3) - restriction: || (&& (< net45) (>= netstandard1.3) (< netstandard1.6) (< monoandroid) (< win8) (< wpa81)) (&& (>= netstandard1.6) (< monotouch) (< xamarintvos) (< xamarinwatchos) (< xamarinios) (< xamarinmac))
      System.Runtime.InteropServices (>= 4.3) - restriction: || (&& (< net45) (>= netstandard1.3) (< netstandard1.6) (< monoandroid) (< win8) (< wpa81)) (&& (>= dnxcore50) (>= portable-net45+win8+wp8+wpa81)) (&& (>= netstandard1.6) (< monotouch) (< xamarintvos) (< xamarinwatchos) (< xamarinios) (< xamarinmac))
      System.Security.Cryptography.Algorithms (>= 4.3) - restriction: && (>= netstandard1.6) (< monotouch) (< xamarintvos) (< xamarinwatchos) (< xamarinios) (< xamarinmac)
      System.Security.Cryptography.Encoding (>= 4.3) - restriction: || (&& (< net45) (>= netstandard1.3) (< netstandard1.6) (< monoandroid) (< win8) (< wpa81)) (&& (>= netstandard1.6) (< monotouch) (< xamarintvos) (< xamarinwatchos) (< xamarinios) (< xamarinmac))
      System.Security.Cryptography.OpenSsl (>= 4.3) - restriction: && (>= netstandard1.6) (< monotouch) (< xamarintvos) (< xamarinwatchos) (< xamarinios) (< xamarinmac)
      System.Security.Cryptography.Primitives (>= 4.3) - restriction: && (>= netstandard1.6) (< monotouch) (< xamarintvos) (< xamarinwatchos) (< xamarinios) (< xamarinmac)
      System.Security.Cryptography.X509Certificates (>= 4.3) - restriction: || (&& (< net45) (>= netstandard1.3) (< netstandard1.6) (< monoandroid) (< win8) (< wpa81)) (>= net46) (&& (>= dnxcore50) (>= portable-net45+win8+wp8+wpa81)) (&& (>= netstandard1.6) (< monotouch) (< xamarintvos) (< xamarinwatchos) (< xamarinios) (< xamarinmac))
      System.Text.Encoding (>= 4.3) - restriction: || (&& (< net45) (>= netstandard1.1) (< netstandard1.3) (< monoandroid) (< win8) (< wpa81)) (&& (< net45) (>= netstandard1.3) (< netstandard1.6) (< monoandroid) (< win8) (< wpa81)) (&& (>= dnxcore50) (>= portable-net45+win8+wp8+wpa81)) (&& (>= netstandard1.6) (< monotouch) (< xamarintvos) (< xamarinwatchos) (< xamarinios) (< xamarinmac))
      System.Threading (>= 4.3) - restriction: || (&& (< net45) (>= netstandard1.3) (< netstandard1.6) (< monoandroid) (< win8) (< wpa81)) (&& (>= dnxcore50) (>= portable-net45+win8+wp8+wpa81)) (&& (>= netstandard1.6) (< monotouch) (< xamarintvos) (< xamarinwatchos) (< xamarinios) (< xamarinmac))
      System.Threading.Tasks (>= 4.3) - restriction: || (&& (< net45) (>= netstandard1.1) (< netstandard1.3) (< monoandroid) (< win8) (< wpa81)) (&& (< net45) (>= netstandard1.3) (< netstandard1.6) (< monoandroid) (< win8) (< wpa81)) (&& (>= dnxcore50) (>= portable-net45+win8+wp8+wpa81)) (&& (>= netstandard1.6) (< monotouch) (< xamarintvos) (< xamarinwatchos) (< xamarinios) (< xamarinmac))
    System.Net.Primitives (4.3) - restriction: || (&& (< net45) (>= net46) (< netstandard1.3)) (&& (< net45) (>= net46) (< netstandard1.4)) (&& (< net45) (>= netstandard1.1) (< portable-net451+win81+wpa81)) (&& (< net45) (>= netstandard1.2) (< netstandard1.3) (< monoandroid) (< wpa81)) (&& (< net45) (>= netstandard1.3) (< netstandard1.4) (< monoandroid) (< wpa81)) (&& (< net45) (>= netstandard1.3) (< win8) (< portable-net451+win81+wpa81)) (&& (< net45) (< netstandard1.3) (>= netstandard1.4) (< monoandroid) (< win8) (< wpa81)) (&& (< net45) (< netstandard1.3) (>= netstandard1.5) (< monoandroid)) (&& (< net45) (>= netstandard1.4) (< netstandard1.5) (< monoandroid) (< wpa81)) (&& (< net45) (>= netstandard1.5) (< netstandard1.6) (< monoandroid)) (&& (>= net46) (>= dnxcore50)) (&& (>= net46) (< netstandard1.4) (>= netstandard1.6)) (&& (>= uap10.0) (< uap10.1)) (&& (>= uap10.0) (>= dnxcore50)) (&& (>= uap10.0) (>= netstandard1.6)) (&& (>= uap10.0) (< win8) (< wpa81)) (&& (>= dnxcore50) (>= netstandard1.1)) (&& (>= dnxcore50) (>= netstandard1.2)) (&& (>= dnxcore50) (>= netstandard1.3)) (&& (>= dnxcore50) (>= netstandard1.4)) (&& (>= dnxcore50) (>= netstandard1.5)) (&& (>= dnxcore50) (>= netstandard1.6)) (&& (>= netstandard1.1) (< portable-net45+win8+wpa81)) (&& (< netstandard1.3) (>= netstandard1.6) (< monoandroid)) (&& (< netstandard1.4) (>= netstandard1.6) (< monoandroid)) (&& (< netstandard1.5) (>= netstandard1.6) (< monoandroid)) (&& (>= netstandard1.6) (< netstandard2.0) (< monotouch) (< xamarintvos) (< xamarinwatchos) (< xamarinios) (< xamarinmac)) (&& (>= netstandard1.6) (< portable-net451+win81+wpa81))
      Microsoft.NETCore.Platforms (>= 1.1) - restriction: || (&& (< net45) (>= netstandard1.1) (< netstandard1.3) (< monoandroid) (< win8) (< wpa81)) (&& (< net45) (>= netstandard1.3) (< monotouch) (< xamarintvos) (< xamarinwatchos) (< xamarinios) (< xamarinmac) (< win8) (< wpa81)) (&& (>= dnxcore50) (>= portable-net45+win8+wp8+wpa81)) (&& (>= netstandard1.0) (< netstandard1.1) (< monoandroid) (< win8) (< wp8))
      Microsoft.NETCore.Targets (>= 1.1) - restriction: || (&& (< net45) (>= netstandard1.1) (< netstandard1.3) (< monoandroid) (< win8) (< wpa81)) (&& (< net45) (>= netstandard1.3) (< monotouch) (< xamarintvos) (< xamarinwatchos) (< xamarinios) (< xamarinmac) (< win8) (< wpa81)) (&& (>= dnxcore50) (>= portable-net45+win8+wp8+wpa81)) (&& (>= netstandard1.0) (< netstandard1.1) (< monoandroid) (< win8) (< wp8))
      System.Runtime (>= 4.3) - restriction: || (&& (< net45) (>= netstandard1.1) (< netstandard1.3) (< monoandroid) (< win8) (< wpa81)) (&& (< net45) (>= netstandard1.3) (< monotouch) (< xamarintvos) (< xamarinwatchos) (< xamarinios) (< xamarinmac) (< win8) (< wpa81)) (&& (>= dnxcore50) (>= portable-net45+win8+wp8+wpa81)) (&& (>= netstandard1.0) (< netstandard1.1) (< monoandroid) (< win8) (< wp8))
      System.Runtime.Handles (>= 4.3) - restriction: || (&& (< net45) (>= netstandard1.3) (< monotouch) (< xamarintvos) (< xamarinwatchos) (< xamarinios) (< xamarinmac) (< win8) (< wpa81)) (&& (>= dnxcore50) (>= portable-net45+win8+wp8+wpa81))
    System.Net.Sockets (4.3) - restriction: || (&& (< net45) (>= net46) (< netstandard1.4)) (&& (< net45) (>= netstandard1.3) (< netstandard1.4) (< monoandroid) (< wpa81)) (&& (< net45) (>= netstandard1.4) (< netstandard1.5) (< monoandroid) (< wpa81)) (&& (< net45) (>= netstandard1.5) (< netstandard1.6) (< monoandroid)) (&& (>= uap10.0) (< uap10.1)) (&& (>= netstandard1.6) (< netstandard2.0) (< monotouch) (< xamarintvos) (< xamarinwatchos) (< xamarinios) (< xamarinmac))
      Microsoft.NETCore.Platforms (>= 1.1) - restriction: && (< net46) (>= netstandard1.3) (< monotouch) (< xamarintvos) (< xamarinwatchos) (< xamarinios) (< xamarinmac)
      Microsoft.NETCore.Targets (>= 1.1) - restriction: && (< net46) (>= netstandard1.3) (< monotouch) (< xamarintvos) (< xamarinwatchos) (< xamarinios) (< xamarinmac)
      System.IO (>= 4.3) - restriction: && (< net46) (>= netstandard1.3) (< monotouch) (< xamarintvos) (< xamarinwatchos) (< xamarinios) (< xamarinmac)
      System.Net.Primitives (>= 4.3) - restriction: && (< net46) (>= netstandard1.3) (< monotouch) (< xamarintvos) (< xamarinwatchos) (< xamarinios) (< xamarinmac)
      System.Runtime (>= 4.3) - restriction: && (< net46) (>= netstandard1.3) (< monotouch) (< xamarintvos) (< xamarinwatchos) (< xamarinios) (< xamarinmac)
      System.Threading.Tasks (>= 4.3) - restriction: && (< net46) (>= netstandard1.3) (< monotouch) (< xamarintvos) (< xamarinwatchos) (< xamarinios) (< xamarinmac)
    System.ObjectModel (4.3) - restriction: || (&& (< net45) (>= netstandard1.1) (< portable-net451+win81+wpa81)) (&& (< net45) (>= netstandard1.2) (< netstandard1.3) (< monoandroid) (< wpa81)) (&& (< net45) (>= netstandard1.3) (< netstandard1.4) (< monoandroid) (< wpa81)) (&& (< net45) (>= netstandard1.4) (< netstandard1.5) (< monoandroid) (< wpa81)) (&& (< net45) (>= netstandard1.5) (< netstandard1.6) (< monoandroid)) (&& (>= uap10.0) (< uap10.1)) (&& (>= uap10.0) (>= netstandard1.6)) (&& (>= netstandard1.1) (< portable-net45+win8+wpa81)) (&& (< netstandard1.3) (>= netstandard1.6) (< monoandroid)) (&& (< netstandard1.4) (>= netstandard1.6) (< monoandroid)) (&& (< netstandard1.5) (>= netstandard1.6) (< monoandroid)) (&& (>= netstandard1.6) (< netstandard2.0) (< monotouch) (< xamarintvos) (< xamarinwatchos) (< xamarinios) (< xamarinmac)) (&& (>= netstandard1.6) (< portable-net45+win8+wpa81)) (&& (>= netstandard1.6) (< portable-net451+win81+wpa81))
      System.Collections (>= 4.3) - restriction: || (&& (< net45) (>= netstandard1.3) (< monotouch) (< xamarintvos) (< xamarinwatchos) (< xamarinios) (< xamarinmac) (< win8) (< wpa81)) (&& (>= dnxcore50) (>= portable-net45+win8+wp8+wpa81))
      System.Diagnostics.Debug (>= 4.3) - restriction: || (&& (< net45) (>= netstandard1.3) (< monotouch) (< xamarintvos) (< xamarinwatchos) (< xamarinios) (< xamarinmac) (< win8) (< wpa81)) (&& (>= dnxcore50) (>= portable-net45+win8+wp8+wpa81))
      System.Resources.ResourceManager (>= 4.3) - restriction: || (&& (< net45) (>= netstandard1.3) (< monotouch) (< xamarintvos) (< xamarinwatchos) (< xamarinios) (< xamarinmac) (< win8) (< wpa81)) (&& (>= dnxcore50) (>= portable-net45+win8+wp8+wpa81))
      System.Runtime (>= 4.3) - restriction: || (&& (< net45) (>= netstandard1.0) (< netstandard1.3) (< monoandroid) (< win8) (< wp8) (< wpa81)) (&& (< net45) (>= netstandard1.3) (< monotouch) (< xamarintvos) (< xamarinwatchos) (< xamarinios) (< xamarinmac) (< win8) (< wpa81)) (&& (>= dnxcore50) (>= portable-net45+win8+wp8+wpa81))
      System.Threading (>= 4.3) - restriction: || (&& (< net45) (>= netstandard1.3) (< monotouch) (< xamarintvos) (< xamarinwatchos) (< xamarinios) (< xamarinmac) (< win8) (< wpa81)) (&& (>= dnxcore50) (>= portable-net45+win8+wp8+wpa81))
    System.Reflection (4.3) - restriction: || (&& (< net45) (>= net451) (< netstandard1.3)) (&& (< net45) (>= net46) (< netstandard1.4)) (&& (< net45) (>= netstandard1.1) (< portable-net451+win81+wpa81)) (&& (< net45) (>= netstandard1.2) (< netstandard1.3) (< monoandroid) (< wpa81)) (&& (< net45) (>= netstandard1.2) (< win8) (< portable-net451+win81+wpa81)) (&& (< net45) (< netstandard1.2) (>= netstandard1.3) (< monoandroid) (< win8)) (&& (< net45) (< netstandard1.2) (>= netstandard1.4) (< monoandroid) (< win8)) (&& (< net45) (< netstandard1.2) (>= netstandard1.5) (< monoandroid)) (&& (< net45) (>= netstandard1.3) (< netstandard1.4) (< monoandroid) (< wpa81)) (&& (< net45) (>= netstandard1.3) (< win8) (< portable-net451+win81+wpa81)) (&& (< net45) (< netstandard1.3) (>= netstandard1.4) (< monoandroid) (< win8) (< wpa81)) (&& (< net45) (< netstandard1.3) (>= netstandard1.5) (< monoandroid)) (&& (< net45) (>= netstandard1.4) (< netstandard1.5) (< monoandroid) (< wpa81)) (&& (< net45) (< netstandard1.4) (>= netstandard1.5) (< monoandroid)) (&& (< net45) (>= netstandard1.5) (< netstandard1.6) (< monoandroid)) (&& (< net45) (>= netstandard1.5) (< portable-net451+win81+wpa81)) (&& (>= net451) (>= dnxcore50)) (&& (>= net46) (>= dnxcore50)) (&& (>= net46) (< netstandard1.4) (>= netstandard1.6)) (&& (>= uap10.0) (< uap10.1)) (&& (>= uap10.0) (>= dnxcore50)) (&& (>= uap10.0) (< netstandard1.2) (< win8)) (&& (>= uap10.0) (>= netstandard1.5)) (&& (>= uap10.0) (>= netstandard1.6)) (&& (>= uap10.0) (>= netcoreapp1.1)) (&& (>= uap10.0) (< win8) (< wpa81)) (&& (>= dnxcore50) (>= netstandard1.1)) (&& (>= dnxcore50) (>= netstandard1.2)) (&& (>= dnxcore50) (>= netstandard1.3)) (&& (>= dnxcore50) (>= netstandard1.4)) (&& (>= dnxcore50) (>= netstandard1.5)) (&& (>= dnxcore50) (>= netstandard1.6)) (&& (>= dnxcore50) (>= wpa81)) (&& (< netstandard1.0) (>= netstandard1.1) (< monoandroid) (< win8) (>= portable-net451+win81+wpa81)) (&& (< netstandard1.0) (>= netstandard1.1) (< win8) (< portable-net451+win81+wpa81)) (&& (>= netstandard1.1) (< portable-net45+win8+wpa81)) (&& (< netstandard1.2) (>= netstandard1.6) (< monoandroid)) (&& (>= netstandard1.3) (< portable-net45+win8+wpa81)) (&& (< netstandard1.3) (>= netstandard1.6) (< monoandroid)) (&& (< netstandard1.3) (>= netcoreapp1.1)) (&& (< netstandard1.4) (>= netstandard1.6) (< monoandroid)) (&& (< netstandard1.4) (>= netcoreapp1.1)) (&& (< netstandard1.5) (>= netstandard1.6) (< monoandroid)) (&& (< netstandard1.5) (>= netcoreapp1.1)) (&& (>= netstandard1.6) (< netstandard2.0) (< monotouch) (< xamarintvos) (< xamarinwatchos) (< xamarinios) (< xamarinmac)) (&& (>= netstandard1.6) (< portable-net45+win8+wpa81)) (&& (>= netstandard1.6) (< portable-net451+win81+wpa81)) (&& (< netstandard1.6) (>= netcoreapp1.1)) (&& (< netstandard2.0) (>= netcoreapp1.1)) (&& (>= netcoreapp1.1) (< portable-net451+win81+wpa81))
      Microsoft.NETCore.Platforms (>= 1.1) - restriction: || (&& (< net45) (>= netstandard1.0) (< netstandard1.3) (< monoandroid) (< win8) (< wp8) (< wpa81)) (&& (< net45) (>= netstandard1.3) (< netstandard1.5) (< monoandroid) (< win8) (< wpa81)) (&& (< net45) (>= netstandard1.5) (< monotouch) (< xamarintvos) (< xamarinwatchos) (< xamarinios) (< xamarinmac)) (&& (>= dnxcore50) (>= portable-net45+win8+wp8+wpa81))
      Microsoft.NETCore.Targets (>= 1.1) - restriction: || (&& (< net45) (>= netstandard1.0) (< netstandard1.3) (< monoandroid) (< win8) (< wp8) (< wpa81)) (&& (< net45) (>= netstandard1.3) (< netstandard1.5) (< monoandroid) (< win8) (< wpa81)) (&& (< net45) (>= netstandard1.5) (< monotouch) (< xamarintvos) (< xamarinwatchos) (< xamarinios) (< xamarinmac)) (&& (>= dnxcore50) (>= portable-net45+win8+wp8+wpa81))
      System.IO (>= 4.3) - restriction: || (&& (< net45) (>= netstandard1.0) (< netstandard1.3) (< monoandroid) (< win8) (< wp8) (< wpa81)) (&& (< net45) (>= netstandard1.3) (< netstandard1.5) (< monoandroid) (< win8) (< wpa81)) (&& (< net45) (>= netstandard1.5) (< monotouch) (< xamarintvos) (< xamarinwatchos) (< xamarinios) (< xamarinmac)) (&& (>= dnxcore50) (>= portable-net45+win8+wp8+wpa81))
      System.Reflection.Primitives (>= 4.3) - restriction: || (&& (< net45) (>= netstandard1.0) (< netstandard1.3) (< monoandroid) (< win8) (< wp8) (< wpa81)) (&& (< net45) (>= netstandard1.3) (< netstandard1.5) (< monoandroid) (< win8) (< wpa81)) (&& (< net45) (>= netstandard1.5) (< monotouch) (< xamarintvos) (< xamarinwatchos) (< xamarinios) (< xamarinmac)) (&& (>= dnxcore50) (>= portable-net45+win8+wp8+wpa81))
      System.Runtime (>= 4.3) - restriction: || (&& (< net45) (>= netstandard1.0) (< netstandard1.3) (< monoandroid) (< win8) (< wp8) (< wpa81)) (&& (< net45) (>= netstandard1.3) (< netstandard1.5) (< monoandroid) (< win8) (< wpa81)) (&& (< net45) (>= netstandard1.5) (< monotouch) (< xamarintvos) (< xamarinwatchos) (< xamarinios) (< xamarinmac)) (&& (>= dnxcore50) (>= portable-net45+win8+wp8+wpa81))
    System.Reflection.Emit (4.3) - restriction: || (&& (>= uap10.0) (>= netstandard1.6)) (&& (< netstandard1.3) (>= netstandard1.6) (< monoandroid)) (&& (< netstandard1.4) (>= netstandard1.6) (< monoandroid)) (&& (< netstandard1.5) (>= netstandard1.6) (< monoandroid)) (&& (>= netstandard1.6) (< netstandard2.0) (< monotouch) (< xamarintvos) (< xamarinwatchos) (< xamarinios) (< xamarinmac)) (&& (>= netstandard1.6) (< portable-net45+win8+wpa81)) (&& (>= netstandard1.6) (< portable-net451+win81+wpa81))
      System.IO (>= 4.3) - restriction: && (< net45) (>= netstandard1.1) (< monotouch) (< xamarintvos) (< xamarinwatchos) (< xamarinios) (< xamarinmac)
      System.Reflection (>= 4.3) - restriction: && (< net45) (>= netstandard1.1) (< monotouch) (< xamarintvos) (< xamarinwatchos) (< xamarinios) (< xamarinmac)
      System.Reflection.Emit.ILGeneration (>= 4.3) - restriction: && (< net45) (>= netstandard1.1) (< monotouch) (< xamarintvos) (< xamarinwatchos) (< xamarinios) (< xamarinmac)
      System.Reflection.Primitives (>= 4.3) - restriction: && (< net45) (>= netstandard1.1) (< monotouch) (< xamarintvos) (< xamarinwatchos) (< xamarinios) (< xamarinmac)
      System.Runtime (>= 4.3) - restriction: && (< net45) (>= netstandard1.1) (< monotouch) (< xamarintvos) (< xamarinwatchos) (< xamarinios) (< xamarinmac)
    System.Reflection.Emit.ILGeneration (4.3) - restriction: || (&& (>= uap10.0) (>= dnxcore50)) (&& (>= uap10.0) (>= netstandard1.6)) (&& (>= dnxcore50) (>= netstandard1.1)) (&& (>= dnxcore50) (>= netstandard1.2)) (&& (>= dnxcore50) (>= netstandard1.3)) (&& (>= dnxcore50) (>= netstandard1.4)) (&& (>= dnxcore50) (>= netstandard1.5)) (&& (>= dnxcore50) (>= netstandard1.6)) (&& (< netstandard1.3) (>= netstandard1.6) (< monoandroid)) (&& (< netstandard1.4) (>= netstandard1.6) (< monoandroid)) (&& (< netstandard1.5) (>= netstandard1.6) (< monoandroid)) (&& (>= netstandard1.6) (< netstandard2.0) (< monotouch) (< xamarintvos) (< xamarinwatchos) (< xamarinios) (< xamarinmac)) (&& (>= netstandard1.6) (< portable-net45+win8+wpa81)) (&& (>= netstandard1.6) (< portable-net451+win81+wpa81))
      System.Reflection (>= 4.3) - restriction: && (< net45) (>= netstandard1.0) (< monotouch) (< xamarintvos) (< xamarinwatchos) (< xamarinios) (< xamarinmac) (< wp8)
      System.Reflection.Primitives (>= 4.3) - restriction: && (< net45) (>= netstandard1.0) (< monotouch) (< xamarintvos) (< xamarinwatchos) (< xamarinios) (< xamarinmac) (< wp8)
      System.Runtime (>= 4.3) - restriction: && (< net45) (>= netstandard1.0) (< monotouch) (< xamarintvos) (< xamarinwatchos) (< xamarinios) (< xamarinmac) (< wp8)
    System.Reflection.Emit.Lightweight (4.3) - restriction: || (&& (>= uap10.0) (>= dnxcore50)) (&& (>= uap10.0) (>= netstandard1.6)) (&& (>= dnxcore50) (>= netstandard1.1)) (&& (>= dnxcore50) (>= netstandard1.2)) (&& (>= dnxcore50) (>= netstandard1.3)) (&& (>= dnxcore50) (>= netstandard1.4)) (&& (>= dnxcore50) (>= netstandard1.5)) (&& (>= dnxcore50) (>= netstandard1.6)) (&& (< netstandard1.3) (>= netstandard1.6) (< monoandroid)) (&& (< netstandard1.4) (>= netstandard1.6) (< monoandroid)) (&& (< netstandard1.5) (>= netstandard1.6) (< monoandroid)) (&& (>= netstandard1.6) (< netstandard2.0) (< monotouch) (< xamarintvos) (< xamarinwatchos) (< xamarinios) (< xamarinmac)) (&& (>= netstandard1.6) (< portable-net45+win8+wpa81)) (&& (>= netstandard1.6) (< portable-net451+win81+wpa81))
      System.Reflection (>= 4.3) - restriction: && (< net45) (>= netstandard1.0) (< monotouch) (< xamarintvos) (< xamarinwatchos) (< xamarinios) (< xamarinmac) (< wp8)
      System.Reflection.Emit.ILGeneration (>= 4.3) - restriction: && (< net45) (>= netstandard1.0) (< monotouch) (< xamarintvos) (< xamarinwatchos) (< xamarinios) (< xamarinmac) (< wp8)
      System.Reflection.Primitives (>= 4.3) - restriction: && (< net45) (>= netstandard1.0) (< monotouch) (< xamarintvos) (< xamarinwatchos) (< xamarinios) (< xamarinmac) (< wp8)
      System.Runtime (>= 4.3) - restriction: && (< net45) (>= netstandard1.0) (< monotouch) (< xamarintvos) (< xamarinwatchos) (< xamarinios) (< xamarinmac) (< wp8)
    System.Reflection.Extensions (4.3) - restriction: || (&& (< net45) (>= net451) (< netstandard1.3)) (&& (< net45) (>= net46) (< netstandard1.4)) (&& (< net45) (>= netstandard1.1) (< portable-net451+win81+wpa81)) (&& (< net45) (>= netstandard1.2) (< netstandard1.3) (< monoandroid) (< wpa81)) (&& (< net45) (>= netstandard1.3) (< netstandard1.4) (< monoandroid) (< wpa81)) (&& (< net45) (>= netstandard1.4) (< netstandard1.5) (< monoandroid) (< wpa81)) (&& (< net45) (>= netstandard1.5) (< netstandard1.6) (< monoandroid)) (&& (>= net451) (>= dnxcore50)) (&& (>= net46) (>= dnxcore50)) (&& (>= uap10.0) (< uap10.1)) (&& (>= uap10.0) (>= dnxcore50)) (&& (>= uap10.0) (>= netstandard1.6)) (&& (>= uap10.0) (< win8) (< wpa81)) (&& (>= dnxcore50) (>= netstandard1.1)) (&& (>= dnxcore50) (>= netstandard1.2)) (&& (>= dnxcore50) (>= netstandard1.3)) (&& (>= dnxcore50) (>= netstandard1.4)) (&& (>= dnxcore50) (>= netstandard1.5)) (&& (>= dnxcore50) (>= netstandard1.6)) (&& (>= dnxcore50) (>= wpa81)) (&& (< netstandard1.0) (>= netstandard1.1) (< monoandroid) (< win8) (>= portable-net451+win81+wpa81)) (&& (< netstandard1.0) (>= netstandard1.1) (< win8) (< portable-net451+win81+wpa81)) (&& (>= netstandard1.1) (< portable-net45+win8+wpa81)) (&& (< netstandard1.3) (>= netstandard1.6) (< monoandroid)) (&& (< netstandard1.4) (>= netstandard1.6) (< monoandroid)) (&& (< netstandard1.5) (>= netstandard1.6) (< monoandroid)) (&& (>= netstandard1.6) (< netstandard2.0) (< monotouch) (< xamarintvos) (< xamarinwatchos) (< xamarinios) (< xamarinmac)) (&& (>= netstandard1.6) (< portable-net45+win8+wpa81)) (&& (>= netstandard1.6) (< portable-net451+win81+wpa81))
      Microsoft.NETCore.Platforms (>= 1.1) - restriction: || (&& (< net45) (>= netstandard1.0) (< monotouch) (< xamarintvos) (< xamarinwatchos) (< xamarinios) (< xamarinmac) (< win8) (< wp8) (< wpa81)) (&& (>= dnxcore50) (>= portable-net45+win8+wp8+wpa81))
      Microsoft.NETCore.Targets (>= 1.1) - restriction: || (&& (< net45) (>= netstandard1.0) (< monotouch) (< xamarintvos) (< xamarinwatchos) (< xamarinios) (< xamarinmac) (< win8) (< wp8) (< wpa81)) (&& (>= dnxcore50) (>= portable-net45+win8+wp8+wpa81))
      System.Reflection (>= 4.3) - restriction: || (&& (< net45) (>= netstandard1.0) (< monotouch) (< xamarintvos) (< xamarinwatchos) (< xamarinios) (< xamarinmac) (< win8) (< wp8) (< wpa81)) (&& (>= dnxcore50) (>= portable-net45+win8+wp8+wpa81))
      System.Runtime (>= 4.3) - restriction: || (&& (< net45) (>= netstandard1.0) (< monotouch) (< xamarintvos) (< xamarinwatchos) (< xamarinios) (< xamarinmac) (< win8) (< wp8) (< wpa81)) (&& (>= dnxcore50) (>= portable-net45+win8+wp8+wpa81))
    System.Reflection.Primitives (4.3) - restriction: || (&& (< net45) (>= netstandard1.1) (< portable-net451+win81+wpa81)) (&& (< net45) (>= netstandard1.2) (< netstandard1.3) (< monoandroid) (< wpa81)) (&& (< net45) (>= netstandard1.2) (< win8) (< portable-net451+win81+wpa81)) (&& (< net45) (< netstandard1.2) (>= netstandard1.3) (< monoandroid) (< win8)) (&& (< net45) (< netstandard1.2) (>= netstandard1.4) (< monoandroid) (< win8)) (&& (< net45) (< netstandard1.2) (>= netstandard1.5) (< monoandroid)) (&& (< net45) (>= netstandard1.3) (< netstandard1.4) (< monoandroid) (< wpa81)) (&& (< net45) (>= netstandard1.3) (< win8) (< portable-net451+win81+wpa81)) (&& (< net45) (< netstandard1.3) (>= netstandard1.4) (< monoandroid) (< win8) (< wpa81)) (&& (< net45) (< netstandard1.3) (>= netstandard1.5) (< monoandroid)) (&& (< net45) (>= netstandard1.4) (< netstandard1.5) (< monoandroid) (< wpa81)) (&& (< net45) (< netstandard1.4) (>= netstandard1.5) (< monoandroid)) (&& (< net45) (>= netstandard1.5) (< netstandard1.6) (< monoandroid)) (&& (< net45) (>= netstandard1.5) (< portable-net451+win81+wpa81)) (&& (>= uap10.0) (< uap10.1)) (&& (>= uap10.0) (>= dnxcore50)) (&& (>= uap10.0) (< netstandard1.2) (< win8)) (&& (>= uap10.0) (>= netstandard1.5)) (&& (>= uap10.0) (>= netstandard1.6)) (&& (>= uap10.0) (>= netcoreapp1.1)) (&& (>= uap10.0) (< win8) (< wpa81)) (&& (>= dnxcore50) (>= netstandard1.1)) (&& (>= dnxcore50) (>= netstandard1.2)) (&& (>= dnxcore50) (>= netstandard1.3)) (&& (>= dnxcore50) (>= netstandard1.4)) (&& (>= dnxcore50) (>= netstandard1.5)) (&& (>= dnxcore50) (>= netstandard1.6)) (&& (>= netstandard1.1) (< portable-net45+win8+wpa81)) (&& (< netstandard1.2) (>= netstandard1.6) (< monoandroid)) (&& (>= netstandard1.3) (< portable-net45+win8+wpa81)) (&& (< netstandard1.3) (>= netstandard1.6) (< monoandroid)) (&& (< netstandard1.3) (>= netcoreapp1.1)) (&& (< netstandard1.4) (>= netstandard1.6) (< monoandroid)) (&& (< netstandard1.4) (>= netcoreapp1.1)) (&& (>= netstandard1.5) (< portable-net45+win8+wpa81)) (&& (< netstandard1.5) (>= netstandard1.6) (< monoandroid)) (&& (< netstandard1.5) (>= netcoreapp1.1)) (&& (>= netstandard1.6) (< netstandard2.0) (< monotouch) (< xamarintvos) (< xamarinwatchos) (< xamarinios) (< xamarinmac)) (&& (>= netstandard1.6) (< portable-net45+win8+wpa81)) (&& (>= netstandard1.6) (< portable-net451+win81+wpa81)) (&& (< netstandard1.6) (>= netcoreapp1.1)) (&& (< netstandard2.0) (>= netcoreapp1.1)) (&& (>= netcoreapp1.1) (< portable-net451+win81+wpa81))
      Microsoft.NETCore.Platforms (>= 1.1) - restriction: || (&& (< net45) (>= netstandard1.0) (< monotouch) (< xamarintvos) (< xamarinwatchos) (< xamarinios) (< xamarinmac) (< win8) (< wp8) (< wpa81)) (&& (>= dnxcore50) (>= portable-net45+win8+wp8+wpa81))
      Microsoft.NETCore.Targets (>= 1.1) - restriction: || (&& (< net45) (>= netstandard1.0) (< monotouch) (< xamarintvos) (< xamarinwatchos) (< xamarinios) (< xamarinmac) (< win8) (< wp8) (< wpa81)) (&& (>= dnxcore50) (>= portable-net45+win8+wp8+wpa81))
      System.Runtime (>= 4.3) - restriction: || (&& (< net45) (>= netstandard1.0) (< monotouch) (< xamarintvos) (< xamarinwatchos) (< xamarinios) (< xamarinmac) (< win8) (< wp8) (< wpa81)) (&& (>= dnxcore50) (>= portable-net45+win8+wp8+wpa81))
    System.Reflection.TypeExtensions (4.4) - restriction: || (&& (>= uap10.0) (>= dnxcore50)) (&& (>= uap10.0) (>= netstandard1.6)) (&& (>= dnxcore50) (>= netstandard1.1)) (&& (>= dnxcore50) (>= netstandard1.2)) (&& (>= dnxcore50) (>= netstandard1.3)) (&& (>= dnxcore50) (>= netstandard1.4)) (&& (>= dnxcore50) (>= netstandard1.5)) (&& (>= dnxcore50) (>= netstandard1.6)) (&& (< netstandard1.3) (>= netstandard1.6) (< monoandroid)) (&& (< netstandard1.4) (>= netstandard1.6) (< monoandroid)) (&& (< netstandard1.5) (>= netstandard1.6) (< monoandroid)) (&& (>= netstandard1.6) (< netstandard2.0) (< monotouch) (< xamarintvos) (< xamarinwatchos) (< xamarinios) (< xamarinmac)) (&& (>= netstandard1.6) (< portable-net45+win8+wpa81)) (&& (>= netstandard1.6) (< portable-net451+win81+wpa81))
      System.Reflection (>= 4.3) - restriction: || (&& (< net46) (>= netstandard1.3) (< netstandard1.5) (< monoandroid)) (&& (< net46) (>= netstandard1.5) (< netstandard2.0) (< monotouch) (< xamarintvos) (< xamarinwatchos) (< xamarinios) (< xamarinmac)) (&& (>= dnxcore50) (>= portable-net45+win8+wp8+wpa81))
      System.Resources.ResourceManager (>= 4.3) - restriction: || (&& (< net46) (>= netstandard1.3) (< netstandard1.5) (< monoandroid)) (&& (< net46) (>= netstandard1.5) (< netstandard2.0) (< monotouch) (< xamarintvos) (< xamarinwatchos) (< xamarinios) (< xamarinmac)) (&& (>= dnxcore50) (>= portable-net45+win8+wp8+wpa81))
      System.Runtime (>= 4.3) - restriction: || (&& (< net46) (>= netstandard1.3) (< netstandard1.5) (< monoandroid)) (&& (< net46) (>= netstandard1.5) (< netstandard2.0) (< monotouch) (< xamarintvos) (< xamarinwatchos) (< xamarinios) (< xamarinmac)) (&& (>= dnxcore50) (>= portable-net45+win8+wp8+wpa81))
    System.Resources.ResourceManager (4.3) - restriction: || (&& (< net45) (>= net451) (< netstandard1.3)) (&& (< net45) (>= net46) (< netstandard1.4)) (&& (< net45) (>= netstandard1.1) (< portable-net451+win81+wpa81)) (&& (< net45) (>= netstandard1.2) (< netstandard1.3) (< monoandroid) (< wpa81)) (&& (< net45) (>= netstandard1.3) (< netstandard1.4) (< monoandroid) (< wpa81)) (&& (< net45) (>= netstandard1.3) (< win8) (< portable-net451+win81+wpa81)) (&& (< net45) (>= netstandard1.4) (< netstandard1.5) (< monoandroid) (< wpa81)) (&& (< net45) (>= netstandard1.5) (< netstandard1.6) (< monoandroid)) (&& (>= net451) (>= dnxcore50)) (&& (>= net46) (>= dnxcore50)) (&& (>= net46) (< netstandard1.4) (>= netstandard1.6)) (&& (>= uap10.0) (< uap10.1)) (&& (>= uap10.0) (>= dnxcore50)) (&& (>= uap10.0) (>= netstandard1.6)) (&& (>= uap10.0) (< win8) (< wpa81)) (&& (>= dnxcore50) (>= netstandard1.1)) (&& (>= dnxcore50) (>= netstandard1.2)) (&& (>= dnxcore50) (>= netstandard1.3)) (&& (>= dnxcore50) (>= netstandard1.4)) (&& (>= dnxcore50) (>= netstandard1.5)) (&& (>= dnxcore50) (>= netstandard1.6)) (&& (>= dnxcore50) (>= wpa81)) (&& (< netstandard1.0) (>= netstandard1.1) (< monoandroid) (< win8) (>= portable-net451+win81+wpa81)) (&& (< netstandard1.0) (>= netstandard1.1) (< win8) (< portable-net451+win81+wpa81)) (&& (>= netstandard1.1) (< portable-net45+win8+wpa81)) (&& (>= netstandard1.3) (< portable-net45+win8+wpa81)) (&& (< netstandard1.3) (>= netstandard1.6) (< monoandroid)) (&& (< netstandard1.4) (>= netstandard1.6) (< monoandroid)) (&& (< netstandard1.5) (>= netstandard1.6) (< monoandroid)) (&& (>= netstandard1.6) (< netstandard2.0) (< monotouch) (< xamarintvos) (< xamarinwatchos) (< xamarinios) (< xamarinmac)) (&& (>= netstandard1.6) (< portable-net45+win8+wpa81)) (&& (>= netstandard1.6) (< portable-net451+win81+wpa81))
      Microsoft.NETCore.Platforms (>= 1.1) - restriction: || (&& (< net45) (>= netstandard1.0) (< monotouch) (< xamarintvos) (< xamarinwatchos) (< xamarinios) (< xamarinmac) (< win8) (< wp8) (< wpa81)) (&& (>= dnxcore50) (>= portable-net45+win8+wp8+wpa81))
      Microsoft.NETCore.Targets (>= 1.1) - restriction: || (&& (< net45) (>= netstandard1.0) (< monotouch) (< xamarintvos) (< xamarinwatchos) (< xamarinios) (< xamarinmac) (< win8) (< wp8) (< wpa81)) (&& (>= dnxcore50) (>= portable-net45+win8+wp8+wpa81))
      System.Globalization (>= 4.3) - restriction: || (&& (< net45) (>= netstandard1.0) (< monotouch) (< xamarintvos) (< xamarinwatchos) (< xamarinios) (< xamarinmac) (< win8) (< wp8) (< wpa81)) (&& (>= dnxcore50) (>= portable-net45+win8+wp8+wpa81))
      System.Reflection (>= 4.3) - restriction: || (&& (< net45) (>= netstandard1.0) (< monotouch) (< xamarintvos) (< xamarinwatchos) (< xamarinios) (< xamarinmac) (< win8) (< wp8) (< wpa81)) (&& (>= dnxcore50) (>= portable-net45+win8+wp8+wpa81))
      System.Runtime (>= 4.3) - restriction: || (&& (< net45) (>= netstandard1.0) (< monotouch) (< xamarintvos) (< xamarinwatchos) (< xamarinios) (< xamarinmac) (< win8) (< wp8) (< wpa81)) (&& (>= dnxcore50) (>= portable-net45+win8+wp8+wpa81))
    System.Runtime (4.3) - restriction: || (&& (< net45) (>= net451) (< netstandard1.3)) (&& (< net45) (>= net46) (< netstandard1.3)) (&& (< net45) (>= net46) (< netstandard1.4)) (&& (< net45) (>= net462)) (&& (< net45) (>= net463)) (&& (< net45) (>= netstandard1.1) (< portable-net451+win81+wpa81)) (&& (< net45) (>= netstandard1.2) (< netstandard1.3) (< monoandroid) (< wpa81)) (&& (< net45) (>= netstandard1.2) (< win8) (< portable-net451+win81+wpa81)) (&& (< net45) (< netstandard1.2) (>= netstandard1.3) (< monoandroid) (< win8)) (&& (< net45) (< netstandard1.2) (>= netstandard1.4) (< monoandroid) (< win8)) (&& (< net45) (< netstandard1.2) (>= netstandard1.5) (< monoandroid)) (&& (< net45) (>= netstandard1.3) (< netstandard1.4) (< monoandroid) (< wpa81)) (&& (< net45) (>= netstandard1.3) (< win8) (< portable-net451+win81+wpa81)) (&& (< net45) (< netstandard1.3) (>= netstandard1.4) (< monoandroid) (< win8) (< wpa81)) (&& (< net45) (< netstandard1.3) (>= netstandard1.5) (< monoandroid)) (&& (< net45) (>= netstandard1.4) (< netstandard1.5) (< monoandroid) (< wpa81)) (&& (< net45) (< netstandard1.4) (>= netstandard1.5) (< monoandroid)) (&& (< net45) (>= netstandard1.5) (< netstandard1.6) (< monoandroid)) (&& (< net45) (>= netstandard1.5) (< portable-net451+win81+wpa81)) (&& (>= net451) (>= dnxcore50)) (&& (>= net46) (>= dnxcore50)) (&& (>= net46) (< netstandard1.4) (>= netstandard1.6)) (&& (>= net462) (>= uap10.0)) (&& (>= net462) (>= netstandard1.6)) (&& (>= net463) (>= uap10.0)) (&& (>= net463) (>= netstandard1.6)) (&& (>= uap10.0) (< uap10.1)) (&& (>= uap10.0) (>= dnxcore50)) (&& (>= uap10.0) (< netstandard1.1) (< win8)) (&& (>= uap10.0) (< netstandard1.2) (< win8)) (&& (>= uap10.0) (< netstandard1.4)) (&& (>= uap10.0) (>= netstandard1.5)) (&& (>= uap10.0) (>= netstandard1.6)) (&& (>= uap10.0) (>= netcoreapp1.1)) (&& (>= uap10.0) (< win8) (< wpa81)) (&& (>= uap10.0) (< win81) (< wpa81)) (&& (>= dnxcore50) (>= netstandard1.1)) (&& (>= dnxcore50) (>= netstandard1.2)) (&& (>= dnxcore50) (>= netstandard1.3)) (&& (>= dnxcore50) (>= netstandard1.4)) (&& (>= dnxcore50) (>= netstandard1.5)) (&& (>= dnxcore50) (>= netstandard1.6)) (&& (>= dnxcore50) (>= wpa81)) (&& (< netstandard1.0) (>= netstandard1.1) (< monoandroid) (< win8) (>= portable-net451+win81+wpa81)) (&& (< netstandard1.0) (>= netstandard1.1) (< win8) (< portable-net451+win81+wpa81)) (&& (>= netstandard1.1) (< portable-net45+win8+wpa81)) (&& (< netstandard1.1) (>= netstandard1.2) (< monoandroid) (< win8)) (&& (< netstandard1.1) (>= netstandard1.3) (< monoandroid) (< win8)) (&& (< netstandard1.1) (>= netstandard1.4) (< monoandroid) (< win8)) (&& (< netstandard1.1) (>= netstandard1.5) (< monoandroid)) (&& (< netstandard1.1) (>= netstandard1.6) (< monoandroid)) (&& (< netstandard1.2) (>= netstandard1.6) (< monoandroid)) (&& (>= netstandard1.3) (< portable-net45+win8+wpa81)) (&& (< netstandard1.3) (>= netstandard1.6)) (&& (< netstandard1.3) (>= netcoreapp1.1)) (&& (< netstandard1.4) (>= netstandard1.6) (< monoandroid)) (&& (< netstandard1.4) (>= netcoreapp1.1)) (&& (>= netstandard1.5) (< portable-net45+win8+wpa81)) (&& (< netstandard1.5) (>= netstandard1.6) (< monoandroid)) (&& (< netstandard1.5) (>= netcoreapp1.1)) (&& (>= netstandard1.6) (< netstandard2.0) (< monotouch) (< xamarintvos) (< xamarinwatchos) (< xamarinios) (< xamarinmac)) (&& (>= netstandard1.6) (< portable-net45+win8+wpa81)) (&& (>= netstandard1.6) (< portable-net451+win81+wpa81)) (&& (< netstandard1.6) (>= netcoreapp1.1)) (&& (< netstandard2.0) (>= netcoreapp1.1)) (&& (>= netcoreapp1.1) (< portable-net45+win8+wpa81)) (&& (>= netcoreapp1.1) (< portable-net451+win81+wpa81))
      Microsoft.NETCore.Platforms (>= 1.1) - restriction: || (&& (< net45) (>= netstandard1.0) (< netstandard1.2) (< monoandroid) (< win8) (< wp8)) (&& (< net45) (>= netstandard1.2) (< netstandard1.3) (< monoandroid) (< win8) (< wpa81)) (&& (< net45) (>= netstandard1.3) (< netstandard1.5) (< monoandroid) (< win8) (< wpa81)) (&& (< net45) (>= netstandard1.5) (< monotouch) (< xamarintvos) (< xamarinwatchos) (< xamarinios) (< xamarinmac)) (&& (>= dnxcore50) (>= portable-net45+win8+wp8+wpa81))
      Microsoft.NETCore.Targets (>= 1.1) - restriction: || (&& (< net45) (>= netstandard1.0) (< netstandard1.2) (< monoandroid) (< win8) (< wp8)) (&& (< net45) (>= netstandard1.2) (< netstandard1.3) (< monoandroid) (< win8) (< wpa81)) (&& (< net45) (>= netstandard1.3) (< netstandard1.5) (< monoandroid) (< win8) (< wpa81)) (&& (< net45) (>= netstandard1.5) (< monotouch) (< xamarintvos) (< xamarinwatchos) (< xamarinios) (< xamarinmac)) (&& (>= dnxcore50) (>= portable-net45+win8+wp8+wpa81))
    System.Runtime.Extensions (4.3) - restriction: || (&& (< net45) (>= net46) (< netstandard1.4)) (&& (< net45) (>= netstandard1.1) (< portable-net451+win81+wpa81)) (&& (< net45) (>= netstandard1.2) (< netstandard1.3) (< monoandroid) (< wpa81)) (&& (< net45) (>= netstandard1.3) (< netstandard1.4) (< monoandroid) (< wpa81)) (&& (< net45) (>= netstandard1.3) (< win8) (< portable-net451+win81+wpa81)) (&& (< net45) (>= netstandard1.4) (< netstandard1.5) (< monoandroid) (< wpa81)) (&& (< net45) (>= netstandard1.5) (< netstandard1.6) (< monoandroid)) (&& (>= net46) (>= dnxcore50)) (&& (>= net46) (< netstandard1.4) (>= netstandard1.6)) (&& (>= uap10.0) (< uap10.1)) (&& (>= uap10.0) (>= dnxcore50)) (&& (>= uap10.0) (>= netstandard1.6)) (&& (>= uap10.0) (< win8) (< wpa81)) (&& (>= dnxcore50) (>= netstandard1.1)) (&& (>= dnxcore50) (>= netstandard1.2)) (&& (>= dnxcore50) (>= netstandard1.3)) (&& (>= dnxcore50) (>= netstandard1.4)) (&& (>= dnxcore50) (>= netstandard1.5)) (&& (>= dnxcore50) (>= netstandard1.6)) (&& (>= netstandard1.1) (< portable-net45+win8+wpa81)) (&& (>= netstandard1.3) (< portable-net45+win8+wpa81)) (&& (< netstandard1.3) (>= netstandard1.6) (< monoandroid)) (&& (< netstandard1.4) (>= netstandard1.6) (< monoandroid)) (&& (< netstandard1.5) (>= netstandard1.6) (< monoandroid)) (&& (>= netstandard1.6) (< netstandard2.0) (< monotouch) (< xamarintvos) (< xamarinwatchos) (< xamarinios) (< xamarinmac)) (&& (>= netstandard1.6) (< portable-net45+win8+wpa81)) (&& (>= netstandard1.6) (< portable-net451+win81+wpa81))
      Microsoft.NETCore.Platforms (>= 1.1) - restriction: || (&& (< net45) (>= netstandard1.0) (< netstandard1.3) (< monoandroid) (< win8) (< wp8) (< wpa81)) (&& (< net45) (>= netstandard1.3) (< netstandard1.5) (< monoandroid) (< win8) (< wpa81)) (&& (< net45) (>= netstandard1.5) (< monotouch) (< xamarintvos) (< xamarinwatchos) (< xamarinios) (< xamarinmac)) (&& (>= dnxcore50) (>= portable-net45+win8+wp8+wpa81))
      Microsoft.NETCore.Targets (>= 1.1) - restriction: || (&& (< net45) (>= netstandard1.0) (< netstandard1.3) (< monoandroid) (< win8) (< wp8) (< wpa81)) (&& (< net45) (>= netstandard1.3) (< netstandard1.5) (< monoandroid) (< win8) (< wpa81)) (&& (< net45) (>= netstandard1.5) (< monotouch) (< xamarintvos) (< xamarinwatchos) (< xamarinios) (< xamarinmac)) (&& (>= dnxcore50) (>= portable-net45+win8+wp8+wpa81))
      System.Runtime (>= 4.3) - restriction: || (&& (< net45) (>= netstandard1.0) (< netstandard1.3) (< monoandroid) (< win8) (< wp8) (< wpa81)) (&& (< net45) (>= netstandard1.3) (< netstandard1.5) (< monoandroid) (< win8) (< wpa81)) (&& (< net45) (>= netstandard1.5) (< monotouch) (< xamarintvos) (< xamarinwatchos) (< xamarinios) (< xamarinmac)) (&& (>= dnxcore50) (>= portable-net45+win8+wp8+wpa81))
    System.Runtime.Handles (4.3) - restriction: || (&& (< net45) (>= net46) (< netstandard1.4)) (&& (< net45) (>= netstandard1.3) (< netstandard1.4) (< monoandroid) (< wpa81)) (&& (< net45) (>= netstandard1.3) (< win8) (< portable-net451+win81+wpa81)) (&& (< net45) (< netstandard1.3) (>= netstandard1.5) (< monoandroid)) (&& (< net45) (>= netstandard1.4) (< netstandard1.5) (< monoandroid) (< wpa81)) (&& (< net45) (< netstandard1.4) (>= netstandard1.5) (< monoandroid)) (&& (< net45) (>= netstandard1.5) (< netstandard1.6) (< monoandroid)) (&& (< net45) (>= netstandard1.5) (< portable-net451+win81+wpa81)) (&& (>= net46) (>= dnxcore50)) (&& (>= net46) (< netstandard1.4) (>= netstandard1.6)) (&& (>= uap10.0) (< uap10.1)) (&& (>= uap10.0) (>= dnxcore50)) (&& (>= uap10.0) (>= netstandard1.5)) (&& (>= uap10.0) (>= netstandard1.6)) (&& (>= uap10.0) (>= netcoreapp1.1)) (&& (>= uap10.0) (< win8) (< wpa81)) (&& (>= dnxcore50) (>= netstandard1.1)) (&& (>= dnxcore50) (>= netstandard1.2)) (&& (>= dnxcore50) (>= netstandard1.3)) (&& (>= dnxcore50) (>= netstandard1.4)) (&& (>= dnxcore50) (>= netstandard1.5)) (&& (>= dnxcore50) (>= netstandard1.6)) (&& (>= netstandard1.3) (< portable-net45+win8+wpa81)) (&& (< netstandard1.3) (>= netstandard1.6) (< monoandroid)) (&& (< netstandard1.3) (>= netcoreapp1.1)) (&& (< netstandard1.4) (>= netstandard1.6) (< monoandroid)) (&& (< netstandard1.4) (>= netcoreapp1.1)) (&& (< netstandard1.5) (>= netstandard1.6) (< monoandroid)) (&& (< netstandard1.5) (>= netcoreapp1.1)) (&& (>= netstandard1.6) (< netstandard2.0) (< monotouch) (< xamarintvos) (< xamarinwatchos) (< xamarinios) (< xamarinmac)) (&& (>= netstandard1.6) (< portable-net451+win81+wpa81)) (&& (< netstandard1.6) (>= netcoreapp1.1)) (&& (< netstandard2.0) (>= netcoreapp1.1)) (&& (>= netcoreapp1.1) (< portable-net451+win81+wpa81))
      Microsoft.NETCore.Platforms (>= 1.1) - restriction: && (< net46) (>= netstandard1.3) (< monotouch) (< xamarintvos) (< xamarinwatchos) (< xamarinios) (< xamarinmac)
      Microsoft.NETCore.Targets (>= 1.1) - restriction: && (< net46) (>= netstandard1.3) (< monotouch) (< xamarintvos) (< xamarinwatchos) (< xamarinios) (< xamarinmac)
      System.Runtime (>= 4.3) - restriction: && (< net46) (>= netstandard1.3) (< monotouch) (< xamarintvos) (< xamarinwatchos) (< xamarinios) (< xamarinmac)
    System.Runtime.InteropServices (4.3) - restriction: || (&& (< net45) (>= net451) (< netstandard1.3)) (&& (< net45) (>= net46) (< netstandard1.4)) (&& (< net45) (>= netstandard1.1) (< portable-net451+win81+wpa81)) (&& (< net45) (>= netstandard1.2) (< netstandard1.3) (< monoandroid) (< wpa81)) (&& (< net45) (>= netstandard1.3) (< netstandard1.4) (< monoandroid) (< wpa81)) (&& (< net45) (>= netstandard1.3) (< win8) (< portable-net451+win81+wpa81)) (&& (< net45) (>= netstandard1.4) (< netstandard1.5) (< monoandroid) (< wpa81)) (&& (< net45) (>= netstandard1.5) (< netstandard1.6) (< monoandroid)) (&& (>= net46) (>= dnxcore50)) (&& (>= net46) (< netstandard1.4) (>= netstandard1.6)) (&& (>= uap10.0) (< uap10.1)) (&& (>= uap10.0) (>= dnxcore50)) (&& (>= uap10.0) (>= netstandard1.6)) (&& (>= uap10.0) (< win8) (< wpa81)) (&& (>= dnxcore50) (>= netstandard1.1)) (&& (>= dnxcore50) (>= netstandard1.2)) (&& (>= dnxcore50) (>= netstandard1.3)) (&& (>= dnxcore50) (>= netstandard1.4)) (&& (>= dnxcore50) (>= netstandard1.5)) (&& (>= dnxcore50) (>= netstandard1.6)) (&& (< netstandard1.0) (>= netstandard1.1) (< monoandroid) (< win8) (>= portable-net451+win81+wpa81)) (&& (< netstandard1.0) (>= netstandard1.1) (< win8) (< portable-net451+win81+wpa81)) (&& (>= netstandard1.3) (< portable-net45+win8+wpa81)) (&& (< netstandard1.3) (>= netstandard1.6) (< monoandroid)) (&& (< netstandard1.4) (>= netstandard1.6) (< monoandroid)) (&& (< netstandard1.5) (>= netstandard1.6) (< monoandroid)) (&& (>= netstandard1.6) (< netstandard2.0) (< monotouch) (< xamarintvos) (< xamarinwatchos) (< xamarinios) (< xamarinmac)) (&& (>= netstandard1.6) (< portable-net451+win81+wpa81))
      Microsoft.NETCore.Platforms (>= 1.1) - restriction: || (&& (< net45) (>= netstandard1.1) (< netstandard1.2) (< monoandroid) (< win8)) (&& (< net45) (>= netstandard1.2) (< netstandard1.3) (< monoandroid) (< win8) (< wpa81)) (&& (< net45) (>= netstandard1.3) (< netstandard1.5) (< monoandroid) (< win8) (< wpa81)) (&& (< net45) (>= netstandard1.5) (< monotouch) (< xamarintvos) (< xamarinwatchos) (< xamarinios) (< xamarinmac)) (&& (>= dnxcore50) (>= portable-net45+win8+wp8+wpa81)) (>= netcoreapp1.1)
      Microsoft.NETCore.Targets (>= 1.1) - restriction: || (&& (< net45) (>= netstandard1.1) (< netstandard1.2) (< monoandroid) (< win8)) (&& (< net45) (>= netstandard1.2) (< netstandard1.3) (< monoandroid) (< win8) (< wpa81)) (&& (< net45) (>= netstandard1.3) (< netstandard1.5) (< monoandroid) (< win8) (< wpa81)) (&& (< net45) (>= netstandard1.5) (< monotouch) (< xamarintvos) (< xamarinwatchos) (< xamarinios) (< xamarinmac)) (&& (>= dnxcore50) (>= portable-net45+win8+wp8+wpa81)) (>= netcoreapp1.1)
      System.Reflection (>= 4.3) - restriction: || (&& (< net45) (>= netstandard1.1) (< netstandard1.2) (< monoandroid) (< win8)) (&& (< net45) (>= netstandard1.2) (< netstandard1.3) (< monoandroid) (< win8) (< wpa81)) (&& (< net45) (>= netstandard1.3) (< netstandard1.5) (< monoandroid) (< win8) (< wpa81)) (&& (< net45) (>= netstandard1.5) (< monotouch) (< xamarintvos) (< xamarinwatchos) (< xamarinios) (< xamarinmac)) (&& (>= dnxcore50) (>= portable-net45+win8+wp8+wpa81)) (>= netcoreapp1.1)
      System.Reflection.Primitives (>= 4.3) - restriction: || (&& (< net45) (>= netstandard1.1) (< netstandard1.2) (< monoandroid) (< win8)) (&& (< net45) (>= netstandard1.2) (< netstandard1.3) (< monoandroid) (< win8) (< wpa81)) (&& (< net45) (>= netstandard1.3) (< netstandard1.5) (< monoandroid) (< win8) (< wpa81)) (&& (< net45) (>= netstandard1.5) (< monotouch) (< xamarintvos) (< xamarinwatchos) (< xamarinios) (< xamarinmac)) (&& (>= dnxcore50) (>= portable-net45+win8+wp8+wpa81)) (>= netcoreapp1.1)
      System.Runtime (>= 4.3) - restriction: || (&& (< net45) (>= netstandard1.1) (< netstandard1.2) (< monoandroid) (< win8)) (&& (< net45) (>= netstandard1.2) (< netstandard1.3) (< monoandroid) (< win8) (< wpa81)) (&& (< net45) (>= netstandard1.3) (< netstandard1.5) (< monoandroid) (< win8) (< wpa81)) (&& (< net45) (>= netstandard1.5) (< monotouch) (< xamarintvos) (< xamarinwatchos) (< xamarinios) (< xamarinmac)) (>= net462) (&& (>= dnxcore50) (>= portable-net45+win8+wp8+wpa81)) (>= netcoreapp1.1)
      System.Runtime.Handles (>= 4.3) - restriction: || (&& (< net45) (>= netstandard1.3) (< netstandard1.5) (< monoandroid) (< win8) (< wpa81)) (&& (< net45) (>= netstandard1.5) (< monotouch) (< xamarintvos) (< xamarinwatchos) (< xamarinios) (< xamarinmac)) (&& (>= dnxcore50) (>= portable-net45+win8+wp8+wpa81)) (>= netcoreapp1.1)
    System.Runtime.InteropServices.RuntimeInformation (4.3) - restriction: || (&& (< net45) (>= net451) (< netstandard1.3)) (&& (< net45) (>= net46) (< netstandard1.4)) (&& (< net45) (>= netstandard1.1) (< portable-net451+win81+wpa81)) (&& (< net45) (>= netstandard1.2) (< netstandard1.3) (< monoandroid) (< wpa81)) (&& (< net45) (>= netstandard1.3) (< netstandard1.4) (< monoandroid) (< wpa81)) (&& (< net45) (>= netstandard1.4) (< netstandard1.5) (< monoandroid) (< wpa81)) (&& (< net45) (>= netstandard1.5) (< netstandard1.6) (< monoandroid)) (&& (>= uap10.0) (< uap10.1)) (&& (< netstandard1.0) (>= netstandard1.1) (< monoandroid) (>= portable-net451+win81+wpa81)) (&& (< netstandard1.0) (>= netstandard1.1) (< portable-net451+win81+wpa81)) (&& (< netstandard1.3) (>= wpa81)) (&& (>= netstandard1.6) (< netstandard2.0) (< monotouch) (< xamarintvos) (< xamarinwatchos) (< xamarinios) (< xamarinmac))
      runtime.native.System (>= 4.3) - restriction: && (< net45) (>= netstandard1.1) (< monotouch) (< xamarintvos) (< xamarinwatchos) (< xamarinios) (< xamarinmac) (< win8) (< wpa81)
      System.Reflection (>= 4.3) - restriction: || (&& (< net45) (>= netstandard1.1) (< monotouch) (< xamarintvos) (< xamarinwatchos) (< xamarinios) (< xamarinmac) (< win8) (< wpa81)) (&& (>= dnxcore50) (>= portable-net45+win8+wp8+wpa81))
      System.Reflection.Extensions (>= 4.3) - restriction: || (&& (< net45) (>= netstandard1.1) (< monotouch) (< xamarintvos) (< xamarinwatchos) (< xamarinios) (< xamarinmac) (< win8) (< wpa81)) (&& (>= dnxcore50) (>= portable-net45+win8+wp8+wpa81))
      System.Resources.ResourceManager (>= 4.3) - restriction: || (&& (< net45) (>= netstandard1.1) (< monotouch) (< xamarintvos) (< xamarinwatchos) (< xamarinios) (< xamarinmac) (< win8) (< wpa81)) (&& (>= dnxcore50) (>= portable-net45+win8+wp8+wpa81))
      System.Runtime (>= 4.3) - restriction: || (&& (< net45) (>= netstandard1.1) (< monotouch) (< xamarintvos) (< xamarinwatchos) (< xamarinios) (< xamarinmac) (< win8) (< wpa81)) (&& (>= dnxcore50) (>= portable-net45+win8+wp8+wpa81))
      System.Runtime.InteropServices (>= 4.3) - restriction: && (< net45) (>= netstandard1.1) (< monotouch) (< xamarintvos) (< xamarinwatchos) (< xamarinios) (< xamarinmac) (< win8) (< wpa81)
      System.Threading (>= 4.3) - restriction: || (&& (< net45) (>= netstandard1.1) (< monotouch) (< xamarintvos) (< xamarinwatchos) (< xamarinios) (< xamarinmac) (< win8) (< wpa81)) (&& (>= dnxcore50) (>= portable-net45+win8+wp8+wpa81))
    System.Runtime.Numerics (4.3) - restriction: || (&& (< net45) (>= netstandard1.1) (< portable-net451+win81+wpa81)) (&& (< net45) (>= netstandard1.2) (< netstandard1.3) (< monoandroid) (< wpa81)) (&& (< net45) (>= netstandard1.3) (< netstandard1.4) (< monoandroid) (< wpa81)) (&& (< net45) (>= netstandard1.4) (< netstandard1.5) (< monoandroid) (< wpa81)) (&& (< net45) (>= netstandard1.5) (< netstandard1.6) (< monoandroid)) (&& (>= net46) (>= dnxcore50)) (&& (>= net46) (< netstandard1.4) (>= netstandard1.6)) (&& (>= uap10.0) (< uap10.1)) (&& (>= uap10.0) (>= dnxcore50)) (&& (>= uap10.0) (>= netstandard1.6)) (&& (>= dnxcore50) (>= netstandard1.3)) (&& (>= dnxcore50) (>= netstandard1.4)) (&& (>= dnxcore50) (>= netstandard1.5)) (&& (>= dnxcore50) (>= netstandard1.6)) (&& (< netstandard1.3) (>= netstandard1.6) (< monoandroid)) (&& (< netstandard1.4) (>= netstandard1.6) (< monoandroid)) (&& (< netstandard1.5) (>= netstandard1.6) (< monoandroid)) (&& (>= netstandard1.6) (< netstandard2.0) (< monotouch) (< xamarintvos) (< xamarinwatchos) (< xamarinios) (< xamarinmac)) (&& (>= netstandard1.6) (< portable-net451+win81+wpa81))
      System.Globalization (>= 4.3) - restriction: || (&& (< net45) (>= netstandard1.3) (< monotouch) (< xamarintvos) (< xamarinwatchos) (< xamarinios) (< xamarinmac) (< win8) (< wpa81)) (&& (>= dnxcore50) (>= portable-net45+win8+wp8+wpa81))
      System.Resources.ResourceManager (>= 4.3) - restriction: || (&& (< net45) (>= netstandard1.3) (< monotouch) (< xamarintvos) (< xamarinwatchos) (< xamarinios) (< xamarinmac) (< win8) (< wpa81)) (&& (>= dnxcore50) (>= portable-net45+win8+wp8+wpa81))
      System.Runtime (>= 4.3) - restriction: || (&& (< net45) (>= netstandard1.1) (< netstandard1.3) (< monoandroid) (< win8) (< wpa81)) (&& (< net45) (>= netstandard1.3) (< monotouch) (< xamarintvos) (< xamarinwatchos) (< xamarinios) (< xamarinmac) (< win8) (< wpa81)) (&& (>= dnxcore50) (>= portable-net45+win8+wp8+wpa81))
      System.Runtime.Extensions (>= 4.3) - restriction: || (&& (< net45) (>= netstandard1.3) (< monotouch) (< xamarintvos) (< xamarinwatchos) (< xamarinios) (< xamarinmac) (< win8) (< wpa81)) (&& (>= dnxcore50) (>= portable-net45+win8+wp8+wpa81))
    System.Security.Cryptography.Algorithms (4.3) - restriction: || (&& (< net45) (>= net46) (< netstandard1.4)) (&& (< net45) (>= netstandard1.3) (< netstandard1.4) (< monoandroid) (< wpa81)) (&& (< net45) (>= netstandard1.4) (< netstandard1.5) (< monoandroid) (< wpa81)) (&& (< net45) (>= netstandard1.5) (< netstandard1.6) (< monoandroid)) (&& (>= net46) (< netstandard1.4) (>= netstandard1.6)) (&& (>= uap10.0) (< uap10.1)) (&& (>= uap10.0) (>= netstandard1.6)) (&& (< netstandard1.3) (>= netstandard1.6) (< monoandroid)) (&& (< netstandard1.4) (>= netstandard1.6) (< monoandroid)) (&& (< netstandard1.5) (>= netstandard1.6) (< monoandroid)) (&& (>= netstandard1.6) (< netstandard2.0) (< monotouch) (< xamarintvos) (< xamarinwatchos) (< xamarinios) (< xamarinmac)) (&& (>= netstandard1.6) (< portable-net451+win81+wpa81))
      Microsoft.NETCore.Platforms (>= 1.1) - restriction: || (&& (>= dnxcore50) (>= portable-net45+win8+wp8+wpa81)) (&& (>= netstandard1.6) (< monotouch) (< xamarintvos) (< xamarinwatchos) (< xamarinios) (< xamarinmac))
      runtime.native.System.Security.Cryptography.Apple (>= 4.3) - restriction: && (>= netstandard1.6) (< monotouch) (< xamarintvos) (< xamarinwatchos) (< xamarinios) (< xamarinmac)
      runtime.native.System.Security.Cryptography.OpenSsl (>= 4.3) - restriction: && (>= netstandard1.6) (< monotouch) (< xamarintvos) (< xamarinwatchos) (< xamarinios) (< xamarinmac)
      System.Collections (>= 4.3) - restriction: && (>= netstandard1.6) (< monotouch) (< xamarintvos) (< xamarinwatchos) (< xamarinios) (< xamarinmac)
      System.IO (>= 4.3) - restriction: || (&& (< net46) (>= netstandard1.3) (< netstandard1.4) (< monoandroid)) (&& (< net46) (>= netstandard1.4) (< netstandard1.6) (< monoandroid)) (>= net463) (&& (>= dnxcore50) (>= portable-net45+win8+wp8+wpa81)) (&& (>= netstandard1.6) (< monotouch) (< xamarintvos) (< xamarinwatchos) (< xamarinios) (< xamarinmac))
      System.Resources.ResourceManager (>= 4.3) - restriction: || (&& (>= dnxcore50) (>= portable-net45+win8+wp8+wpa81)) (&& (>= netstandard1.6) (< monotouch) (< xamarintvos) (< xamarinwatchos) (< xamarinios) (< xamarinmac))
      System.Runtime (>= 4.3) - restriction: || (&& (< net46) (>= netstandard1.3) (< netstandard1.4) (< monoandroid)) (&& (< net46) (>= netstandard1.4) (< netstandard1.6) (< monoandroid)) (>= net463) (&& (>= dnxcore50) (>= portable-net45+win8+wp8+wpa81)) (&& (>= netstandard1.6) (< monotouch) (< xamarintvos) (< xamarinwatchos) (< xamarinios) (< xamarinmac))
      System.Runtime.Extensions (>= 4.3) - restriction: || (&& (>= dnxcore50) (>= portable-net45+win8+wp8+wpa81)) (&& (>= netstandard1.6) (< monotouch) (< xamarintvos) (< xamarinwatchos) (< xamarinios) (< xamarinmac))
      System.Runtime.Handles (>= 4.3) - restriction: || (&& (>= dnxcore50) (>= portable-net45+win8+wp8+wpa81)) (&& (>= netstandard1.6) (< monotouch) (< xamarintvos) (< xamarinwatchos) (< xamarinios) (< xamarinmac))
      System.Runtime.InteropServices (>= 4.3) - restriction: || (&& (>= dnxcore50) (>= portable-net45+win8+wp8+wpa81)) (&& (>= netstandard1.6) (< monotouch) (< xamarintvos) (< xamarinwatchos) (< xamarinios) (< xamarinmac))
      System.Runtime.Numerics (>= 4.3) - restriction: && (>= netstandard1.6) (< monotouch) (< xamarintvos) (< xamarinwatchos) (< xamarinios) (< xamarinmac)
      System.Security.Cryptography.Encoding (>= 4.3) - restriction: || (>= net463) (&& (>= dnxcore50) (>= portable-net45+win8+wp8+wpa81)) (&& (>= netstandard1.6) (< monotouch) (< xamarintvos) (< xamarinwatchos) (< xamarinios) (< xamarinmac))
      System.Security.Cryptography.Primitives (>= 4.3) - restriction: || (&& (>= net46) (< netstandard1.4)) (&& (< net46) (>= netstandard1.3) (< netstandard1.4) (< monoandroid)) (&& (< net46) (>= netstandard1.4) (< netstandard1.6) (< monoandroid)) (>= net461) (&& (>= dnxcore50) (>= portable-net45+win8+wp8+wpa81)) (&& (>= netstandard1.6) (< monotouch) (< xamarintvos) (< xamarinwatchos) (< xamarinios) (< xamarinmac))
      System.Text.Encoding (>= 4.3) - restriction: || (&& (>= dnxcore50) (>= portable-net45+win8+wp8+wpa81)) (&& (>= netstandard1.6) (< monotouch) (< xamarintvos) (< xamarinwatchos) (< xamarinios) (< xamarinmac))
    System.Security.Cryptography.Cng (4.4) - restriction: || (&& (>= net46) (>= dnxcore50)) (&& (>= net46) (< netstandard1.4) (>= netstandard1.6)) (&& (>= uap10.0) (>= dnxcore50)) (&& (>= uap10.0) (>= netstandard1.6)) (&& (>= dnxcore50) (>= netstandard1.3)) (&& (>= dnxcore50) (>= netstandard1.4)) (&& (>= dnxcore50) (>= netstandard1.5)) (&& (>= dnxcore50) (>= netstandard1.6)) (&& (< netstandard1.4) (>= netstandard1.6) (< monoandroid)) (&& (< netstandard1.5) (>= netstandard1.6) (< monoandroid)) (&& (>= netstandard1.6) (< netstandard2.0) (< monotouch) (< xamarintvos) (< xamarinwatchos) (< xamarinios) (< xamarinmac))
      System.IO (>= 4.3) - restriction: || (&& (< net46) (>= netstandard1.3) (< netstandard1.4) (< monoandroid)) (&& (< net46) (>= netstandard1.4) (< netstandard1.6) (< monoandroid)) (&& (>= netstandard1.6) (< netstandard2.0) (< monotouch) (< xamarintvos) (< xamarinwatchos) (< xamarinios) (< xamarinmac))
      System.Resources.ResourceManager (>= 4.3) - restriction: || (&& (< net46) (>= netstandard1.3) (< netstandard1.4) (< monoandroid)) (&& (< net46) (>= netstandard1.4) (< netstandard1.6) (< monoandroid)) (&& (>= netstandard1.6) (< netstandard2.0) (< monotouch) (< xamarintvos) (< xamarinwatchos) (< xamarinios) (< xamarinmac))
      System.Runtime (>= 4.3) - restriction: || (&& (< net46) (>= netstandard1.3) (< netstandard1.4) (< monoandroid)) (&& (< net46) (>= netstandard1.4) (< netstandard1.6) (< monoandroid)) (&& (>= netstandard1.6) (< netstandard2.0) (< monotouch) (< xamarintvos) (< xamarinwatchos) (< xamarinios) (< xamarinmac))
      System.Runtime.Extensions (>= 4.3) - restriction: || (&& (< net46) (>= netstandard1.4) (< netstandard1.6) (< monoandroid)) (&& (>= netstandard1.6) (< netstandard2.0) (< monotouch) (< xamarintvos) (< xamarinwatchos) (< xamarinios) (< xamarinmac))
      System.Runtime.Handles (>= 4.3) - restriction: || (&& (< net46) (>= netstandard1.3) (< netstandard1.4) (< monoandroid)) (&& (< net46) (>= netstandard1.4) (< netstandard1.6) (< monoandroid)) (&& (>= netstandard1.6) (< netstandard2.0) (< monotouch) (< xamarintvos) (< xamarinwatchos) (< xamarinios) (< xamarinmac))
      System.Runtime.InteropServices (>= 4.3) - restriction: || (&& (< net46) (>= netstandard1.3) (< netstandard1.4) (< monoandroid)) (&& (< net46) (>= netstandard1.4) (< netstandard1.6) (< monoandroid)) (&& (>= netstandard1.6) (< netstandard2.0) (< monotouch) (< xamarintvos) (< xamarinwatchos) (< xamarinios) (< xamarinmac))
      System.Security.Cryptography.Algorithms (>= 4.3) - restriction: || (&& (>= net46) (< netstandard1.4)) (&& (< net46) (>= netstandard1.3) (< netstandard1.4) (< monoandroid)) (&& (< net46) (>= netstandard1.4) (< netstandard1.6) (< monoandroid)) (&& (>= netstandard1.6) (< netstandard2.0) (< monotouch) (< xamarintvos) (< xamarinwatchos) (< xamarinios) (< xamarinmac))
      System.Security.Cryptography.Encoding (>= 4.3) - restriction: || (&& (< net46) (>= netstandard1.4) (< netstandard1.6) (< monoandroid)) (&& (>= netstandard1.6) (< netstandard2.0) (< monotouch) (< xamarintvos) (< xamarinwatchos) (< xamarinios) (< xamarinmac))
      System.Security.Cryptography.Primitives (>= 4.3) - restriction: || (&& (>= net46) (< netstandard1.4)) (&& (< net46) (>= netstandard1.3) (< netstandard1.4) (< monoandroid)) (&& (< net46) (>= netstandard1.4) (< netstandard1.6) (< monoandroid)) (&& (>= netstandard1.6) (< netstandard2.0) (< monotouch) (< xamarintvos) (< xamarinwatchos) (< xamarinios) (< xamarinmac))
      System.Text.Encoding (>= 4.3) - restriction: || (&& (< net46) (>= netstandard1.4) (< netstandard1.6) (< monoandroid)) (&& (>= netstandard1.6) (< netstandard2.0) (< monotouch) (< xamarintvos) (< xamarinwatchos) (< xamarinios) (< xamarinmac))
    System.Security.Cryptography.Csp (4.3) - restriction: || (&& (>= net46) (< netstandard1.4) (>= netstandard1.6)) (&& (>= uap10.0) (>= netstandard1.6)) (&& (< netstandard1.4) (>= netstandard1.6) (< monoandroid)) (&& (< netstandard1.5) (>= netstandard1.6) (< monoandroid)) (&& (>= netstandard1.6) (< netstandard2.0) (< monotouch) (< xamarintvos) (< xamarinwatchos) (< xamarinios) (< xamarinmac))
      Microsoft.NETCore.Platforms (>= 1.1) - restriction: && (< net46) (>= netstandard1.3) (< monotouch) (< xamarintvos) (< xamarinwatchos) (< xamarinios) (< xamarinmac)
      System.IO (>= 4.3) - restriction: && (< net46) (>= netstandard1.3) (< monotouch) (< xamarintvos) (< xamarinwatchos) (< xamarinios) (< xamarinmac)
      System.Reflection (>= 4.3) - restriction: && (< net46) (>= netstandard1.3) (< monotouch) (< xamarintvos) (< xamarinwatchos) (< xamarinios) (< xamarinmac)
      System.Resources.ResourceManager (>= 4.3) - restriction: && (< net46) (>= netstandard1.3) (< monotouch) (< xamarintvos) (< xamarinwatchos) (< xamarinios) (< xamarinmac)
      System.Runtime (>= 4.3) - restriction: && (< net46) (>= netstandard1.3) (< monotouch) (< xamarintvos) (< xamarinwatchos) (< xamarinios) (< xamarinmac)
      System.Runtime.Extensions (>= 4.3) - restriction: && (< net46) (>= netstandard1.3) (< monotouch) (< xamarintvos) (< xamarinwatchos) (< xamarinios) (< xamarinmac)
      System.Runtime.Handles (>= 4.3) - restriction: && (< net46) (>= netstandard1.3) (< monotouch) (< xamarintvos) (< xamarinwatchos) (< xamarinios) (< xamarinmac)
      System.Runtime.InteropServices (>= 4.3) - restriction: && (< net46) (>= netstandard1.3) (< monotouch) (< xamarintvos) (< xamarinwatchos) (< xamarinios) (< xamarinmac)
      System.Security.Cryptography.Algorithms (>= 4.3) - restriction: || (>= net46) (&& (>= netstandard1.3) (< monotouch) (< xamarintvos) (< xamarinwatchos) (< xamarinios) (< xamarinmac))
      System.Security.Cryptography.Encoding (>= 4.3) - restriction: && (< net46) (>= netstandard1.3) (< monotouch) (< xamarintvos) (< xamarinwatchos) (< xamarinios) (< xamarinmac)
      System.Security.Cryptography.Primitives (>= 4.3) - restriction: || (>= net46) (&& (>= netstandard1.3) (< monotouch) (< xamarintvos) (< xamarinwatchos) (< xamarinios) (< xamarinmac))
      System.Text.Encoding (>= 4.3) - restriction: && (< net46) (>= netstandard1.3) (< monotouch) (< xamarintvos) (< xamarinwatchos) (< xamarinios) (< xamarinmac)
      System.Threading (>= 4.3) - restriction: && (< net46) (>= netstandard1.3) (< monotouch) (< xamarintvos) (< xamarinwatchos) (< xamarinios) (< xamarinmac)
    System.Security.Cryptography.Encoding (4.3) - restriction: || (&& (< net45) (>= net46) (< netstandard1.4)) (&& (< net45) (>= net463)) (&& (< net45) (>= netstandard1.3) (< netstandard1.4) (< monoandroid) (< wpa81)) (&& (< net45) (>= netstandard1.3) (< win8) (< portable-net451+win81+wpa81)) (&& (< net45) (>= netstandard1.4) (< netstandard1.5) (< monoandroid) (< wpa81)) (&& (< net45) (>= netstandard1.5) (< netstandard1.6) (< monoandroid)) (&& (>= net46) (>= dnxcore50)) (&& (>= net46) (< netstandard1.4) (>= netstandard1.6)) (&& (>= net463) (>= uap10.0)) (&& (>= net463) (>= netstandard1.6)) (&& (>= uap10.0) (< uap10.1)) (&& (>= uap10.0) (>= dnxcore50)) (&& (>= uap10.0) (>= netstandard1.6)) (&& (>= uap10.0) (< win8) (< wpa81)) (&& (>= dnxcore50) (>= netstandard1.3)) (&& (>= dnxcore50) (>= netstandard1.4)) (&& (>= dnxcore50) (>= netstandard1.5)) (&& (>= dnxcore50) (>= netstandard1.6)) (&& (< netstandard1.3) (>= netstandard1.6) (< monoandroid)) (&& (< netstandard1.4) (>= netstandard1.6) (< monoandroid)) (&& (< netstandard1.5) (>= netstandard1.6) (< monoandroid)) (&& (>= netstandard1.6) (< netstandard2.0) (< monotouch) (< xamarintvos) (< xamarinwatchos) (< xamarinios) (< xamarinmac)) (&& (>= netstandard1.6) (< portable-net451+win81+wpa81))
      Microsoft.NETCore.Platforms (>= 1.1) - restriction: && (< net46) (>= netstandard1.3) (< monotouch) (< xamarintvos) (< xamarinwatchos) (< xamarinios) (< xamarinmac)
      runtime.native.System.Security.Cryptography.OpenSsl (>= 4.3) - restriction: && (< net46) (>= netstandard1.3) (< monotouch) (< xamarintvos) (< xamarinwatchos) (< xamarinios) (< xamarinmac)
      System.Collections (>= 4.3) - restriction: && (< net46) (>= netstandard1.3) (< monotouch) (< xamarintvos) (< xamarinwatchos) (< xamarinios) (< xamarinmac)
      System.Collections.Concurrent (>= 4.3) - restriction: && (< net46) (>= netstandard1.3) (< monotouch) (< xamarintvos) (< xamarinwatchos) (< xamarinios) (< xamarinmac)
      System.Linq (>= 4.3) - restriction: && (< net46) (>= netstandard1.3) (< monotouch) (< xamarintvos) (< xamarinwatchos) (< xamarinios) (< xamarinmac)
      System.Resources.ResourceManager (>= 4.3) - restriction: && (< net46) (>= netstandard1.3) (< monotouch) (< xamarintvos) (< xamarinwatchos) (< xamarinios) (< xamarinmac)
      System.Runtime (>= 4.3) - restriction: && (< net46) (>= netstandard1.3) (< monotouch) (< xamarintvos) (< xamarinwatchos) (< xamarinios) (< xamarinmac)
      System.Runtime.Extensions (>= 4.3) - restriction: && (< net46) (>= netstandard1.3) (< monotouch) (< xamarintvos) (< xamarinwatchos) (< xamarinios) (< xamarinmac)
      System.Runtime.Handles (>= 4.3) - restriction: && (< net46) (>= netstandard1.3) (< monotouch) (< xamarintvos) (< xamarinwatchos) (< xamarinios) (< xamarinmac)
      System.Runtime.InteropServices (>= 4.3) - restriction: && (< net46) (>= netstandard1.3) (< monotouch) (< xamarintvos) (< xamarinwatchos) (< xamarinios) (< xamarinmac)
      System.Security.Cryptography.Primitives (>= 4.3) - restriction: && (< net46) (>= netstandard1.3) (< monotouch) (< xamarintvos) (< xamarinwatchos) (< xamarinios) (< xamarinmac)
      System.Text.Encoding (>= 4.3) - restriction: && (< net46) (>= netstandard1.3) (< monotouch) (< xamarintvos) (< xamarinwatchos) (< xamarinios) (< xamarinmac)
    System.Security.Cryptography.OpenSsl (4.4) - restriction: || (&& (>= net46) (< netstandard1.4) (>= netstandard1.6)) (&& (>= uap10.0) (>= netstandard1.6)) (&& (< netstandard1.3) (>= netstandard1.6) (< monoandroid)) (&& (< netstandard1.4) (>= netstandard1.6) (< monoandroid)) (&& (< netstandard1.5) (>= netstandard1.6) (< monoandroid)) (&& (>= netstandard1.6) (< netstandard2.0) (< monotouch) (< xamarintvos) (< xamarinwatchos) (< xamarinios) (< xamarinmac)) (&& (>= netstandard1.6) (< portable-net451+win81+wpa81))
      System.Collections (>= 4.3) - restriction: && (>= netstandard1.6) (< netstandard2.0) (< monotouch) (< xamarintvos) (< xamarinwatchos) (< xamarinios) (< xamarinmac)
      System.IO (>= 4.3) - restriction: && (>= netstandard1.6) (< netstandard2.0) (< monotouch) (< xamarintvos) (< xamarinwatchos) (< xamarinios) (< xamarinmac)
      System.Resources.ResourceManager (>= 4.3) - restriction: && (>= netstandard1.6) (< netstandard2.0) (< monotouch) (< xamarintvos) (< xamarinwatchos) (< xamarinios) (< xamarinmac)
      System.Runtime (>= 4.3) - restriction: && (>= netstandard1.6) (< netstandard2.0) (< monotouch) (< xamarintvos) (< xamarinwatchos) (< xamarinios) (< xamarinmac)
      System.Runtime.Extensions (>= 4.3) - restriction: && (>= netstandard1.6) (< netstandard2.0) (< monotouch) (< xamarintvos) (< xamarinwatchos) (< xamarinios) (< xamarinmac)
      System.Runtime.Handles (>= 4.3) - restriction: && (>= netstandard1.6) (< netstandard2.0) (< monotouch) (< xamarintvos) (< xamarinwatchos) (< xamarinios) (< xamarinmac)
      System.Runtime.InteropServices (>= 4.3) - restriction: && (>= netstandard1.6) (< netstandard2.0) (< monotouch) (< xamarintvos) (< xamarinwatchos) (< xamarinios) (< xamarinmac)
      System.Runtime.Numerics (>= 4.3) - restriction: && (>= netstandard1.6) (< netstandard2.0) (< monotouch) (< xamarintvos) (< xamarinwatchos) (< xamarinios) (< xamarinmac)
      System.Security.Cryptography.Algorithms (>= 4.3) - restriction: && (>= netstandard1.6) (< netstandard2.0) (< monotouch) (< xamarintvos) (< xamarinwatchos) (< xamarinios) (< xamarinmac)
      System.Security.Cryptography.Encoding (>= 4.3) - restriction: && (>= netstandard1.6) (< netstandard2.0) (< monotouch) (< xamarintvos) (< xamarinwatchos) (< xamarinios) (< xamarinmac)
      System.Security.Cryptography.Primitives (>= 4.3) - restriction: && (>= netstandard1.6) (< netstandard2.0) (< monotouch) (< xamarintvos) (< xamarinwatchos) (< xamarinios) (< xamarinmac)
      System.Text.Encoding (>= 4.3) - restriction: && (>= netstandard1.6) (< netstandard2.0) (< monotouch) (< xamarintvos) (< xamarinwatchos) (< xamarinios) (< xamarinmac)
    System.Security.Cryptography.Primitives (4.3) - restriction: || (&& (< net45) (>= net46) (< netstandard1.4)) (&& (< net45) (>= net461) (< netstandard1.4)) (&& (< net45) (>= net461) (>= netstandard1.5)) (&& (< net45) (>= net461) (< netstandard1.5)) (&& (< net45) (>= netstandard1.3) (< netstandard1.4) (< monoandroid) (< wpa81)) (&& (< net45) (>= netstandard1.4) (< netstandard1.5) (< monoandroid) (< wpa81)) (&& (< net45) (< netstandard1.4) (>= netstandard1.5) (< monoandroid)) (&& (< net45) (>= netstandard1.5) (< netstandard1.6) (< monoandroid)) (&& (>= net46) (>= dnxcore50)) (&& (>= net46) (< netstandard1.4) (>= netstandard1.6)) (&& (>= net461) (>= uap10.0)) (&& (>= net461) (>= netstandard1.6)) (&& (>= uap10.0) (< uap10.1)) (&& (>= uap10.0) (>= dnxcore50)) (&& (>= uap10.0) (< netstandard1.4)) (&& (>= uap10.0) (>= netstandard1.6)) (&& (>= dnxcore50) (>= netstandard1.3)) (&& (>= dnxcore50) (>= netstandard1.4)) (&& (>= dnxcore50) (>= netstandard1.5)) (&& (>= dnxcore50) (>= netstandard1.6)) (&& (< netstandard1.3) (>= netstandard1.6) (< monoandroid)) (&& (< netstandard1.4) (>= netstandard1.6) (< monoandroid)) (&& (< netstandard1.5) (>= netstandard1.6) (< monoandroid)) (&& (>= netstandard1.6) (< netstandard2.0) (< monotouch) (< xamarintvos) (< xamarinwatchos) (< xamarinios) (< xamarinmac)) (&& (>= netstandard1.6) (< portable-net451+win81+wpa81))
      System.Diagnostics.Debug (>= 4.3) - restriction: && (< net46) (>= netstandard1.3) (< monotouch) (< xamarintvos) (< xamarinwatchos) (< xamarinios) (< xamarinmac)
      System.Globalization (>= 4.3) - restriction: && (< net46) (>= netstandard1.3) (< monotouch) (< xamarintvos) (< xamarinwatchos) (< xamarinios) (< xamarinmac)
      System.IO (>= 4.3) - restriction: && (< net46) (>= netstandard1.3) (< monotouch) (< xamarintvos) (< xamarinwatchos) (< xamarinios) (< xamarinmac)
      System.Resources.ResourceManager (>= 4.3) - restriction: && (< net46) (>= netstandard1.3) (< monotouch) (< xamarintvos) (< xamarinwatchos) (< xamarinios) (< xamarinmac)
      System.Runtime (>= 4.3) - restriction: && (< net46) (>= netstandard1.3) (< monotouch) (< xamarintvos) (< xamarinwatchos) (< xamarinios) (< xamarinmac)
      System.Threading (>= 4.3) - restriction: && (< net46) (>= netstandard1.3) (< monotouch) (< xamarintvos) (< xamarinwatchos) (< xamarinios) (< xamarinmac)
      System.Threading.Tasks (>= 4.3) - restriction: && (< net46) (>= netstandard1.3) (< monotouch) (< xamarintvos) (< xamarinwatchos) (< xamarinios) (< xamarinmac)
    System.Security.Cryptography.X509Certificates (4.3) - restriction: || (&& (< net45) (>= net46) (< netstandard1.3)) (&& (< net45) (>= net46) (>= netstandard1.4) (< netstandard1.5)) (&& (< net45) (>= net46) (< netstandard1.4)) (&& (< net45) (>= net46) (>= netstandard1.5)) (&& (< net45) (>= net46) (< portable-net451+win81+wpa81)) (&& (< net45) (>= netstandard1.3) (< netstandard1.4) (< monoandroid) (< wpa81)) (&& (< net45) (>= netstandard1.3) (< win8) (< portable-net451+win81+wpa81)) (&& (< net45) (>= netstandard1.4) (< netstandard1.5) (< monoandroid) (< wpa81)) (&& (< net45) (>= netstandard1.5) (< netstandard1.6) (< monoandroid)) (&& (>= net46) (>= uap10.0)) (&& (>= net46) (>= dnxcore50)) (&& (>= net46) (>= netstandard1.6)) (&& (>= uap10.0) (< uap10.1)) (&& (>= uap10.0) (>= dnxcore50)) (&& (>= uap10.0) (>= netstandard1.6)) (&& (>= uap10.0) (< win8) (< wpa81)) (&& (>= dnxcore50) (>= netstandard1.1)) (&& (>= dnxcore50) (>= netstandard1.2)) (&& (>= dnxcore50) (>= netstandard1.3)) (&& (>= dnxcore50) (>= netstandard1.4)) (&& (>= dnxcore50) (>= netstandard1.5)) (&& (>= dnxcore50) (>= netstandard1.6)) (&& (< netstandard1.3) (>= netstandard1.6) (< monoandroid)) (&& (< netstandard1.4) (>= netstandard1.6) (< monoandroid)) (&& (< netstandard1.5) (>= netstandard1.6) (< monoandroid)) (&& (>= netstandard1.6) (< netstandard2.0) (< monotouch) (< xamarintvos) (< xamarinwatchos) (< xamarinios) (< xamarinmac)) (&& (>= netstandard1.6) (< portable-net451+win81+wpa81))
      Microsoft.NETCore.Platforms (>= 1.1) - restriction: || (&& (>= dnxcore50) (>= portable-net45+win8+wp8+wpa81)) (&& (>= netstandard1.6) (< monotouch) (< xamarintvos) (< xamarinwatchos) (< xamarinios) (< xamarinmac))
      runtime.native.System (>= 4.3) - restriction: && (>= netstandard1.6) (< monotouch) (< xamarintvos) (< xamarinwatchos) (< xamarinios) (< xamarinmac)
      runtime.native.System.Net.Http (>= 4.3) - restriction: && (>= netstandard1.6) (< monotouch) (< xamarintvos) (< xamarinwatchos) (< xamarinios) (< xamarinmac)
      runtime.native.System.Security.Cryptography.OpenSsl (>= 4.3) - restriction: && (>= netstandard1.6) (< monotouch) (< xamarintvos) (< xamarinwatchos) (< xamarinios) (< xamarinmac)
      System.Collections (>= 4.3) - restriction: || (&& (>= dnxcore50) (>= portable-net45+win8+wp8+wpa81)) (&& (>= netstandard1.6) (< monotouch) (< xamarintvos) (< xamarinwatchos) (< xamarinios) (< xamarinmac))
      System.Diagnostics.Debug (>= 4.3) - restriction: && (>= netstandard1.6) (< monotouch) (< xamarintvos) (< xamarinwatchos) (< xamarinios) (< xamarinmac)
      System.Globalization (>= 4.3) - restriction: || (&& (>= dnxcore50) (>= portable-net45+win8+wp8+wpa81)) (&& (>= netstandard1.6) (< monotouch) (< xamarintvos) (< xamarinwatchos) (< xamarinios) (< xamarinmac))
      System.Globalization.Calendars (>= 4.3) - restriction: || (&& (>= dnxcore50) (>= portable-net45+win8+wp8+wpa81)) (&& (>= netstandard1.6) (< monotouch) (< xamarintvos) (< xamarinwatchos) (< xamarinios) (< xamarinmac))
      System.IO (>= 4.3) - restriction: || (&& (>= dnxcore50) (>= portable-net45+win8+wp8+wpa81)) (&& (>= netstandard1.6) (< monotouch) (< xamarintvos) (< xamarinwatchos) (< xamarinios) (< xamarinmac))
      System.IO.FileSystem (>= 4.3) - restriction: || (&& (>= dnxcore50) (>= portable-net45+win8+wp8+wpa81)) (&& (>= netstandard1.6) (< monotouch) (< xamarintvos) (< xamarinwatchos) (< xamarinios) (< xamarinmac))
      System.IO.FileSystem.Primitives (>= 4.3) - restriction: && (>= netstandard1.6) (< monotouch) (< xamarintvos) (< xamarinwatchos) (< xamarinios) (< xamarinmac)
      System.Resources.ResourceManager (>= 4.3) - restriction: || (&& (>= dnxcore50) (>= portable-net45+win8+wp8+wpa81)) (&& (>= netstandard1.6) (< monotouch) (< xamarintvos) (< xamarinwatchos) (< xamarinios) (< xamarinmac))
      System.Runtime (>= 4.3) - restriction: || (&& (< net46) (>= netstandard1.3) (< netstandard1.4) (< monoandroid)) (&& (< net46) (>= netstandard1.4) (< netstandard1.6) (< monoandroid)) (&& (>= dnxcore50) (>= portable-net45+win8+wp8+wpa81)) (&& (>= netstandard1.6) (< monotouch) (< xamarintvos) (< xamarinwatchos) (< xamarinios) (< xamarinmac))
      System.Runtime.Extensions (>= 4.3) - restriction: || (&& (>= dnxcore50) (>= portable-net45+win8+wp8+wpa81)) (&& (>= netstandard1.6) (< monotouch) (< xamarintvos) (< xamarinwatchos) (< xamarinios) (< xamarinmac))
      System.Runtime.Handles (>= 4.3) - restriction: || (&& (< net46) (>= netstandard1.3) (< netstandard1.4) (< monoandroid)) (&& (< net46) (>= netstandard1.4) (< netstandard1.6) (< monoandroid)) (&& (>= dnxcore50) (>= portable-net45+win8+wp8+wpa81)) (&& (>= netstandard1.6) (< monotouch) (< xamarintvos) (< xamarinwatchos) (< xamarinios) (< xamarinmac))
      System.Runtime.InteropServices (>= 4.3) - restriction: || (&& (>= dnxcore50) (>= portable-net45+win8+wp8+wpa81)) (&& (>= netstandard1.6) (< monotouch) (< xamarintvos) (< xamarinwatchos) (< xamarinios) (< xamarinmac))
      System.Runtime.Numerics (>= 4.3) - restriction: || (&& (>= dnxcore50) (>= portable-net45+win8+wp8+wpa81)) (&& (>= netstandard1.6) (< monotouch) (< xamarintvos) (< xamarinwatchos) (< xamarinios) (< xamarinmac))
      System.Security.Cryptography.Algorithms (>= 4.3) - restriction: || (&& (>= net46) (< netstandard1.4)) (&& (< net46) (>= netstandard1.3) (< netstandard1.4) (< monoandroid)) (&& (< net46) (>= netstandard1.4) (< netstandard1.6) (< monoandroid)) (>= net461) (&& (>= dnxcore50) (>= portable-net45+win8+wp8+wpa81)) (&& (>= netstandard1.6) (< monotouch) (< xamarintvos) (< xamarinwatchos) (< xamarinios) (< xamarinmac))
      System.Security.Cryptography.Cng (>= 4.3) - restriction: || (&& (>= dnxcore50) (>= portable-net45+win8+wp8+wpa81)) (&& (>= netstandard1.6) (< monotouch) (< xamarintvos) (< xamarinwatchos) (< xamarinios) (< xamarinmac))
      System.Security.Cryptography.Csp (>= 4.3) - restriction: && (>= netstandard1.6) (< monotouch) (< xamarintvos) (< xamarinwatchos) (< xamarinios) (< xamarinmac)
      System.Security.Cryptography.Encoding (>= 4.3) - restriction: || (&& (>= net46) (< netstandard1.4)) (&& (< net46) (>= netstandard1.3) (< netstandard1.4) (< monoandroid)) (&& (< net46) (>= netstandard1.4) (< netstandard1.6) (< monoandroid)) (>= net461) (&& (>= dnxcore50) (>= portable-net45+win8+wp8+wpa81)) (&& (>= netstandard1.6) (< monotouch) (< xamarintvos) (< xamarinwatchos) (< xamarinios) (< xamarinmac))
      System.Security.Cryptography.OpenSsl (>= 4.3) - restriction: && (>= netstandard1.6) (< monotouch) (< xamarintvos) (< xamarinwatchos) (< xamarinios) (< xamarinmac)
      System.Security.Cryptography.Primitives (>= 4.3) - restriction: || (&& (>= dnxcore50) (>= portable-net45+win8+wp8+wpa81)) (&& (>= netstandard1.6) (< monotouch) (< xamarintvos) (< xamarinwatchos) (< xamarinios) (< xamarinmac))
      System.Text.Encoding (>= 4.3) - restriction: || (&& (>= dnxcore50) (>= portable-net45+win8+wp8+wpa81)) (&& (>= netstandard1.6) (< monotouch) (< xamarintvos) (< xamarinwatchos) (< xamarinios) (< xamarinmac))
      System.Threading (>= 4.3) - restriction: || (&& (>= dnxcore50) (>= portable-net45+win8+wp8+wpa81)) (&& (>= netstandard1.6) (< monotouch) (< xamarintvos) (< xamarinwatchos) (< xamarinios) (< xamarinmac))
    System.Text.Encoding (4.3) - restriction: || (&& (< net45) (>= net46) (< netstandard1.3)) (&& (< net45) (>= net46) (< netstandard1.4)) (&& (< net45) (>= netstandard1.1) (< portable-net451+win81+wpa81)) (&& (< net45) (>= netstandard1.2) (< netstandard1.3) (< monoandroid) (< wpa81)) (&& (< net45) (>= netstandard1.3) (< netstandard1.4) (< monoandroid) (< wpa81)) (&& (< net45) (>= netstandard1.3) (< win8) (< portable-net451+win81+wpa81)) (&& (< net45) (< netstandard1.3) (>= netstandard1.4) (< monoandroid) (< win8) (< wpa81)) (&& (< net45) (< netstandard1.3) (>= netstandard1.5) (< monoandroid)) (&& (< net45) (>= netstandard1.4) (< netstandard1.5) (< monoandroid) (< wpa81)) (&& (< net45) (< netstandard1.4) (>= netstandard1.5) (< monoandroid)) (&& (< net45) (>= netstandard1.5) (< netstandard1.6) (< monoandroid)) (&& (< net45) (>= netstandard1.5) (< portable-net451+win81+wpa81)) (&& (>= net46) (>= dnxcore50)) (&& (>= net46) (< netstandard1.4) (>= netstandard1.6)) (&& (>= uap10.0) (< uap10.1)) (&& (>= uap10.0) (>= dnxcore50)) (&& (>= uap10.0) (>= netstandard1.5)) (&& (>= uap10.0) (>= netstandard1.6)) (&& (>= uap10.0) (< win8) (< wpa81)) (&& (>= dnxcore50) (>= netstandard1.1)) (&& (>= dnxcore50) (>= netstandard1.2)) (&& (>= dnxcore50) (>= netstandard1.3)) (&& (>= dnxcore50) (>= netstandard1.4)) (&& (>= dnxcore50) (>= netstandard1.5)) (&& (>= dnxcore50) (>= netstandard1.6)) (&& (>= netstandard1.1) (< portable-net45+win8+wpa81)) (&& (>= netstandard1.3) (< portable-net45+win8+wpa81)) (&& (< netstandard1.3) (>= netstandard1.6) (< monoandroid)) (&& (< netstandard1.4) (>= netstandard1.6) (< monoandroid)) (&& (>= netstandard1.5) (< portable-net45+win8+wpa81)) (&& (< netstandard1.5) (>= netstandard1.6) (< monoandroid)) (&& (>= netstandard1.6) (< netstandard2.0) (< monotouch) (< xamarintvos) (< xamarinwatchos) (< xamarinios) (< xamarinmac)) (&& (>= netstandard1.6) (< portable-net451+win81+wpa81))
      Microsoft.NETCore.Platforms (>= 1.1) - restriction: || (&& (< net45) (>= netstandard1.0) (< netstandard1.3) (< monoandroid) (< win8) (< wp8) (< wpa81)) (&& (< net45) (>= netstandard1.3) (< monotouch) (< xamarintvos) (< xamarinwatchos) (< xamarinios) (< xamarinmac) (< win8) (< wpa81)) (&& (>= dnxcore50) (>= portable-net45+win8+wp8+wpa81))
      Microsoft.NETCore.Targets (>= 1.1) - restriction: || (&& (< net45) (>= netstandard1.0) (< netstandard1.3) (< monoandroid) (< win8) (< wp8) (< wpa81)) (&& (< net45) (>= netstandard1.3) (< monotouch) (< xamarintvos) (< xamarinwatchos) (< xamarinios) (< xamarinmac) (< win8) (< wpa81)) (&& (>= dnxcore50) (>= portable-net45+win8+wp8+wpa81))
      System.Runtime (>= 4.3) - restriction: || (&& (< net45) (>= netstandard1.0) (< netstandard1.3) (< monoandroid) (< win8) (< wp8) (< wpa81)) (&& (< net45) (>= netstandard1.3) (< monotouch) (< xamarintvos) (< xamarinwatchos) (< xamarinios) (< xamarinmac) (< win8) (< wpa81)) (&& (>= dnxcore50) (>= portable-net45+win8+wp8+wpa81))
    System.Text.Encoding.Extensions (4.3) - restriction: || (&& (< net45) (>= net46) (< netstandard1.4)) (&& (< net45) (>= netstandard1.1) (< portable-net451+win81+wpa81)) (&& (< net45) (>= netstandard1.2) (< netstandard1.3) (< monoandroid) (< wpa81)) (&& (< net45) (>= netstandard1.3) (< netstandard1.4) (< monoandroid) (< wpa81)) (&& (< net45) (>= netstandard1.3) (< win8) (< portable-net451+win81+wpa81)) (&& (< net45) (>= netstandard1.4) (< netstandard1.5) (< monoandroid) (< wpa81)) (&& (< net45) (>= netstandard1.5) (< netstandard1.6) (< monoandroid)) (&& (>= net46) (>= dnxcore50)) (&& (>= uap10.0) (< uap10.1)) (&& (>= uap10.0) (>= dnxcore50)) (&& (>= uap10.0) (< win8) (< wpa81)) (&& (>= dnxcore50) (>= netstandard1.1)) (&& (>= dnxcore50) (>= netstandard1.2)) (&& (>= dnxcore50) (>= netstandard1.3)) (&& (>= dnxcore50) (>= netstandard1.4)) (&& (>= dnxcore50) (>= netstandard1.5)) (&& (>= dnxcore50) (>= netstandard1.6)) (&& (>= netstandard1.1) (< portable-net45+win8+wpa81)) (&& (>= netstandard1.3) (< portable-net45+win8+wpa81)) (&& (>= netstandard1.6) (< netstandard2.0) (< monotouch) (< xamarintvos) (< xamarinwatchos) (< xamarinios) (< xamarinmac))
      Microsoft.NETCore.Platforms (>= 1.1) - restriction: || (&& (< net45) (>= netstandard1.0) (< netstandard1.3) (< monoandroid) (< win8) (< wp8) (< wpa81)) (&& (< net45) (>= netstandard1.3) (< monotouch) (< xamarintvos) (< xamarinwatchos) (< xamarinios) (< xamarinmac) (< win8) (< wpa81)) (&& (>= dnxcore50) (>= portable-net45+win8+wp8+wpa81))
      Microsoft.NETCore.Targets (>= 1.1) - restriction: || (&& (< net45) (>= netstandard1.0) (< netstandard1.3) (< monoandroid) (< win8) (< wp8) (< wpa81)) (&& (< net45) (>= netstandard1.3) (< monotouch) (< xamarintvos) (< xamarinwatchos) (< xamarinios) (< xamarinmac) (< win8) (< wpa81)) (&& (>= dnxcore50) (>= portable-net45+win8+wp8+wpa81))
      System.Runtime (>= 4.3) - restriction: || (&& (< net45) (>= netstandard1.0) (< netstandard1.3) (< monoandroid) (< win8) (< wp8) (< wpa81)) (&& (< net45) (>= netstandard1.3) (< monotouch) (< xamarintvos) (< xamarinwatchos) (< xamarinios) (< xamarinmac) (< win8) (< wpa81)) (&& (>= dnxcore50) (>= portable-net45+win8+wp8+wpa81))
      System.Text.Encoding (>= 4.3) - restriction: || (&& (< net45) (>= netstandard1.0) (< netstandard1.3) (< monoandroid) (< win8) (< wp8) (< wpa81)) (&& (< net45) (>= netstandard1.3) (< monotouch) (< xamarintvos) (< xamarinwatchos) (< xamarinios) (< xamarinmac) (< win8) (< wpa81)) (&& (>= dnxcore50) (>= portable-net45+win8+wp8+wpa81))
    System.Text.RegularExpressions (4.3) - restriction: || (&& (< net45) (>= net46) (< netstandard1.4)) (&& (< net45) (>= netstandard1.1) (< portable-net451+win81+wpa81)) (&& (< net45) (>= netstandard1.2) (< netstandard1.3) (< monoandroid) (< wpa81)) (&& (< net45) (>= netstandard1.3) (< netstandard1.4) (< monoandroid) (< wpa81)) (&& (< net45) (>= netstandard1.3) (< win8) (< portable-net451+win81+wpa81)) (&& (< net45) (>= netstandard1.4) (< netstandard1.5) (< monoandroid) (< wpa81)) (&& (< net45) (>= netstandard1.5) (< netstandard1.6) (< monoandroid)) (&& (>= net46) (>= dnxcore50)) (&& (>= uap10.0) (< uap10.1)) (&& (>= uap10.0) (>= dnxcore50)) (&& (>= uap10.0) (< win8) (< wpa81)) (&& (>= dnxcore50) (>= netstandard1.1)) (&& (>= dnxcore50) (>= netstandard1.2)) (&& (>= dnxcore50) (>= netstandard1.3)) (&& (>= dnxcore50) (>= netstandard1.4)) (&& (>= dnxcore50) (>= netstandard1.5)) (&& (>= dnxcore50) (>= netstandard1.6)) (&& (>= netstandard1.1) (< portable-net45+win8+wpa81)) (&& (>= netstandard1.3) (< portable-net45+win8+wpa81)) (&& (>= netstandard1.6) (< netstandard2.0) (< monotouch) (< xamarintvos) (< xamarinwatchos) (< xamarinios) (< xamarinmac))
      System.Collections (>= 4.3) - restriction: || (&& (>= dnxcore50) (>= portable-net45+win8+wp8+wpa81)) (&& (>= netstandard1.6) (< netcoreapp1.1) (< monotouch) (< xamarintvos) (< xamarinwatchos) (< xamarinios) (< xamarinmac))
      System.Globalization (>= 4.3) - restriction: || (&& (>= dnxcore50) (>= portable-net45+win8+wp8+wpa81)) (&& (>= netstandard1.6) (< netcoreapp1.1) (< monotouch) (< xamarintvos) (< xamarinwatchos) (< xamarinios) (< xamarinmac))
      System.Resources.ResourceManager (>= 4.3) - restriction: || (&& (>= dnxcore50) (>= portable-net45+win8+wp8+wpa81)) (&& (>= netstandard1.6) (< netcoreapp1.1) (< monotouch) (< xamarintvos) (< xamarinwatchos) (< xamarinios) (< xamarinmac))
      System.Runtime (>= 4.3) - restriction: || (&& (< net45) (>= netstandard1.0) (< netstandard1.3) (< monoandroid) (< win8) (< wp8) (< wpa81)) (&& (< net45) (>= netstandard1.3) (< netstandard1.6) (< monoandroid) (< win8) (< wpa81)) (&& (>= dnxcore50) (>= portable-net45+win8+wp8+wpa81)) (&& (>= netstandard1.6) (< monotouch) (< xamarintvos) (< xamarinwatchos) (< xamarinios) (< xamarinmac)) (>= netcoreapp1.1)
      System.Runtime.Extensions (>= 4.3) - restriction: || (&& (>= dnxcore50) (>= portable-net45+win8+wp8+wpa81)) (&& (>= netstandard1.6) (< netcoreapp1.1) (< monotouch) (< xamarintvos) (< xamarinwatchos) (< xamarinios) (< xamarinmac))
      System.Threading (>= 4.3) - restriction: || (&& (>= dnxcore50) (>= portable-net45+win8+wp8+wpa81)) (&& (>= netstandard1.6) (< netcoreapp1.1) (< monotouch) (< xamarintvos) (< xamarinwatchos) (< xamarinios) (< xamarinmac))
    System.Threading (4.3) - restriction: || (&& (< net45) (>= net451) (< netstandard1.3)) (&& (< net45) (>= net46) (< netstandard1.4)) (&& (< net45) (>= netstandard1.1) (< portable-net451+win81+wpa81)) (&& (< net45) (>= netstandard1.2) (< netstandard1.3) (< monoandroid) (< wpa81)) (&& (< net45) (>= netstandard1.3) (< netstandard1.4) (< monoandroid) (< wpa81)) (&& (< net45) (>= netstandard1.3) (< win8) (< portable-net451+win81+wpa81)) (&& (< net45) (>= netstandard1.4) (< netstandard1.5) (< monoandroid) (< wpa81)) (&& (< net45) (>= netstandard1.5) (< netstandard1.6) (< monoandroid)) (&& (>= net451) (>= dnxcore50)) (&& (>= net46) (>= dnxcore50)) (&& (>= net46) (< netstandard1.4) (>= netstandard1.6)) (&& (>= uap10.0) (< uap10.1)) (&& (>= uap10.0) (>= dnxcore50)) (&& (>= uap10.0) (>= netstandard1.6)) (&& (>= uap10.0) (< win8) (< wpa81)) (&& (>= dnxcore50) (>= netstandard1.1)) (&& (>= dnxcore50) (>= netstandard1.2)) (&& (>= dnxcore50) (>= netstandard1.3)) (&& (>= dnxcore50) (>= netstandard1.4)) (&& (>= dnxcore50) (>= netstandard1.5)) (&& (>= dnxcore50) (>= netstandard1.6)) (&& (>= dnxcore50) (>= wpa81)) (&& (< netstandard1.0) (>= netstandard1.1) (< monoandroid) (< win8) (>= portable-net451+win81+wpa81)) (&& (< netstandard1.0) (>= netstandard1.1) (< win8) (< portable-net451+win81+wpa81)) (&& (>= netstandard1.1) (< portable-net45+win8+wpa81)) (&& (>= netstandard1.3) (< portable-net45+win8+wpa81)) (&& (< netstandard1.3) (>= netstandard1.6) (< monoandroid)) (&& (< netstandard1.4) (>= netstandard1.6) (< monoandroid)) (&& (< netstandard1.5) (>= netstandard1.6) (< monoandroid)) (&& (>= netstandard1.6) (< netstandard2.0) (< monotouch) (< xamarintvos) (< xamarinwatchos) (< xamarinios) (< xamarinmac)) (&& (>= netstandard1.6) (< portable-net45+win8+wpa81)) (&& (>= netstandard1.6) (< portable-net451+win81+wpa81))
      System.Runtime (>= 4.3) - restriction: || (&& (< net45) (>= netstandard1.0) (< netstandard1.3) (< monoandroid) (< win8) (< wp8) (< wpa81)) (&& (< net45) (>= netstandard1.3) (< monotouch) (< xamarintvos) (< xamarinwatchos) (< xamarinios) (< xamarinmac) (< win8) (< wpa81)) (&& (>= dnxcore50) (>= portable-net45+win8+wp8+wpa81))
      System.Threading.Tasks (>= 4.3) - restriction: || (&& (< net45) (>= netstandard1.0) (< netstandard1.3) (< monoandroid) (< win8) (< wp8) (< wpa81)) (&& (< net45) (>= netstandard1.3) (< monotouch) (< xamarintvos) (< xamarinwatchos) (< xamarinios) (< xamarinmac) (< win8) (< wpa81)) (&& (>= dnxcore50) (>= portable-net45+win8+wp8+wpa81))
    System.Threading.Tasks (4.3) - restriction: || (&& (< net45) (>= net46) (< netstandard1.3)) (&& (< net45) (>= net46) (< netstandard1.4)) (&& (< net45) (>= netstandard1.1) (< portable-net451+win81+wpa81)) (&& (< net45) (>= netstandard1.2) (< netstandard1.3) (< monoandroid) (< wpa81)) (&& (< net45) (>= netstandard1.3) (< netstandard1.4) (< monoandroid) (< wpa81)) (&& (< net45) (>= netstandard1.3) (< win8) (< portable-net451+win81+wpa81)) (&& (< net45) (< netstandard1.3) (>= netstandard1.4) (< monoandroid) (< win8) (< wpa81)) (&& (< net45) (< netstandard1.3) (>= netstandard1.5) (< monoandroid)) (&& (< net45) (>= netstandard1.4) (< netstandard1.5) (< monoandroid) (< wpa81)) (&& (< net45) (< netstandard1.4) (>= netstandard1.5) (< monoandroid)) (&& (< net45) (>= netstandard1.5) (< netstandard1.6) (< monoandroid)) (&& (< net45) (>= netstandard1.5) (< portable-net451+win81+wpa81)) (&& (>= net46) (>= dnxcore50)) (&& (>= net46) (< netstandard1.4) (>= netstandard1.6)) (&& (>= uap10.0) (< uap10.1)) (&& (>= uap10.0) (>= dnxcore50)) (&& (>= uap10.0) (>= netstandard1.5)) (&& (>= uap10.0) (>= netstandard1.6)) (&& (>= uap10.0) (< win8) (< wpa81)) (&& (>= dnxcore50) (>= netstandard1.1)) (&& (>= dnxcore50) (>= netstandard1.2)) (&& (>= dnxcore50) (>= netstandard1.3)) (&& (>= dnxcore50) (>= netstandard1.4)) (&& (>= dnxcore50) (>= netstandard1.5)) (&& (>= dnxcore50) (>= netstandard1.6)) (&& (>= netstandard1.1) (< portable-net45+win8+wpa81)) (&& (>= netstandard1.3) (< portable-net45+win8+wpa81)) (&& (< netstandard1.3) (>= netstandard1.6) (< monoandroid)) (&& (< netstandard1.4) (>= netstandard1.6) (< monoandroid)) (&& (>= netstandard1.5) (< portable-net45+win8+wpa81)) (&& (< netstandard1.5) (>= netstandard1.6) (< monoandroid)) (&& (>= netstandard1.6) (< netstandard2.0) (< monotouch) (< xamarintvos) (< xamarinwatchos) (< xamarinios) (< xamarinmac)) (&& (>= netstandard1.6) (< portable-net451+win81+wpa81))
      Microsoft.NETCore.Platforms (>= 1.1) - restriction: || (&& (< net45) (>= netstandard1.0) (< netstandard1.3) (< monoandroid) (< win8) (< wp8) (< wpa81)) (&& (< net45) (>= netstandard1.3) (< monotouch) (< xamarintvos) (< xamarinwatchos) (< xamarinios) (< xamarinmac) (< win8) (< wpa81)) (&& (>= dnxcore50) (>= portable-net45+win8+wp8+wpa81))
      Microsoft.NETCore.Targets (>= 1.1) - restriction: || (&& (< net45) (>= netstandard1.0) (< netstandard1.3) (< monoandroid) (< win8) (< wp8) (< wpa81)) (&& (< net45) (>= netstandard1.3) (< monotouch) (< xamarintvos) (< xamarinwatchos) (< xamarinios) (< xamarinmac) (< win8) (< wpa81)) (&& (>= dnxcore50) (>= portable-net45+win8+wp8+wpa81))
      System.Runtime (>= 4.3) - restriction: || (&& (< net45) (>= netstandard1.0) (< netstandard1.3) (< monoandroid) (< win8) (< wp8) (< wpa81)) (&& (< net45) (>= netstandard1.3) (< monotouch) (< xamarintvos) (< xamarinwatchos) (< xamarinios) (< xamarinmac) (< win8) (< wpa81)) (&& (>= dnxcore50) (>= portable-net45+win8+wp8+wpa81))
    System.Threading.Tasks.Extensions (4.4) - restriction: || (&& (< net45) (>= net46) (< netstandard1.4)) (&& (< net45) (>= netstandard1.3) (< netstandard1.4) (< monoandroid) (< win8) (< wpa81)) (&& (< net45) (>= netstandard1.3) (< win8) (< portable-net451+win81+wpa81)) (&& (< net45) (>= netstandard1.4) (< netstandard1.5) (< monoandroid) (< win8) (< wpa81)) (&& (< net45) (>= netstandard1.5) (< netstandard1.6) (< monoandroid)) (&& (>= net46) (>= dnxcore50)) (&& (>= uap10.0) (>= dnxcore50)) (&& (>= uap10.0) (< win8) (< wpa81)) (&& (>= dnxcore50) (>= netstandard1.1)) (&& (>= dnxcore50) (>= netstandard1.2)) (&& (>= dnxcore50) (>= netstandard1.3)) (&& (>= dnxcore50) (>= netstandard1.4)) (&& (>= dnxcore50) (>= netstandard1.5)) (&& (>= dnxcore50) (>= netstandard1.6)) (&& (>= netstandard1.3) (< portable-net45+win8+wpa81)) (&& (>= netstandard1.6) (< netstandard2.0) (< monotouch) (< xamarintvos) (< xamarinwatchos) (< xamarinios) (< xamarinmac))
      System.Collections (>= 4.3) - restriction: && (>= netstandard1.0) (< netstandard2.0) (< xamarinmac)
      System.Runtime (>= 4.3) - restriction: && (>= netstandard1.0) (< netstandard2.0) (< xamarinmac)
      System.Threading.Tasks (>= 4.3) - restriction: && (>= netstandard1.0) (< netstandard2.0) (< xamarinmac)
    System.Threading.Timer (4.3) - restriction: || (&& (< net45) (>= netstandard1.2) (< netstandard1.3) (< monoandroid) (< wpa81)) (&& (< net45) (>= netstandard1.3) (< netstandard1.4) (< monoandroid) (< wpa81)) (&& (< net45) (>= netstandard1.4) (< netstandard1.5) (< monoandroid) (< wpa81)) (&& (< net45) (>= netstandard1.5) (< netstandard1.6) (< monoandroid)) (&& (>= uap10.0) (< uap10.1)) (&& (>= netstandard1.6) (< netstandard2.0) (< monotouch) (< xamarintvos) (< xamarinwatchos) (< xamarinios) (< xamarinmac))
      Microsoft.NETCore.Platforms (>= 1.1) - restriction: || (&& (< net451) (>= netstandard1.2) (< monotouch) (< xamarintvos) (< xamarinwatchos) (< xamarinios) (< xamarinmac) (< win81) (< wpa81)) (&& (>= dnxcore50) (>= portable-net45+win8+wp8+wpa81))
      Microsoft.NETCore.Targets (>= 1.1) - restriction: || (&& (< net451) (>= netstandard1.2) (< monotouch) (< xamarintvos) (< xamarinwatchos) (< xamarinios) (< xamarinmac) (< win81) (< wpa81)) (&& (>= dnxcore50) (>= portable-net45+win8+wp8+wpa81))
      System.Runtime (>= 4.3) - restriction: || (&& (< net451) (>= netstandard1.2) (< monotouch) (< xamarintvos) (< xamarinwatchos) (< xamarinios) (< xamarinmac) (< win81) (< wpa81)) (&& (>= dnxcore50) (>= portable-net45+win8+wp8+wpa81))
    System.Xml.ReaderWriter (4.3) - restriction: || (&& (< net45) (>= net46) (< netstandard1.4)) (&& (< net45) (>= netstandard1.1) (< portable-net451+win81+wpa81)) (&& (< net45) (>= netstandard1.2) (< netstandard1.3) (< monoandroid) (< wpa81)) (&& (< net45) (>= netstandard1.3) (< netstandard1.4) (< monoandroid) (< wpa81)) (&& (< net45) (>= netstandard1.3) (< win8) (< portable-net451+win81+wpa81)) (&& (< net45) (< netstandard1.3) (>= netstandard1.4) (< monoandroid) (< win8) (< wpa81)) (&& (< net45) (< netstandard1.3) (>= netstandard1.5) (< monoandroid)) (&& (< net45) (>= netstandard1.4) (< netstandard1.5) (< monoandroid) (< wpa81)) (&& (< net45) (>= netstandard1.5) (< netstandard1.6) (< monoandroid)) (&& (>= uap10.0) (< uap10.1)) (&& (>= uap10.0) (>= dnxcore50)) (&& (>= uap10.0) (< win8) (< wpa81)) (&& (>= dnxcore50) (>= netstandard1.1)) (&& (>= dnxcore50) (>= netstandard1.2)) (&& (>= dnxcore50) (>= netstandard1.3)) (&& (>= dnxcore50) (>= netstandard1.4)) (&& (>= dnxcore50) (>= netstandard1.5)) (&& (>= dnxcore50) (>= netstandard1.6)) (&& (>= netstandard1.1) (< portable-net45+win8+wpa81)) (&& (>= netstandard1.3) (< portable-net45+win8+wpa81)) (&& (< netstandard1.3) (>= netstandard1.6) (< monoandroid)) (&& (>= netstandard1.6) (< netstandard2.0) (< monotouch) (< xamarintvos) (< xamarinwatchos) (< xamarinios) (< xamarinmac))
      System.Collections (>= 4.3) - restriction: || (&& (< net45) (>= netstandard1.3) (< monotouch) (< xamarintvos) (< xamarinwatchos) (< xamarinios) (< xamarinmac) (< win8) (< wpa81)) (&& (>= dnxcore50) (>= portable-net45+win8+wp8+wpa81))
      System.Diagnostics.Debug (>= 4.3) - restriction: || (&& (< net45) (>= netstandard1.3) (< monotouch) (< xamarintvos) (< xamarinwatchos) (< xamarinios) (< xamarinmac) (< win8) (< wpa81)) (&& (>= dnxcore50) (>= portable-net45+win8+wp8+wpa81))
      System.Globalization (>= 4.3) - restriction: || (&& (< net45) (>= netstandard1.3) (< monotouch) (< xamarintvos) (< xamarinwatchos) (< xamarinios) (< xamarinmac) (< win8) (< wpa81)) (&& (>= dnxcore50) (>= portable-net45+win8+wp8+wpa81))
      System.IO (>= 4.3) - restriction: || (&& (< net45) (>= netstandard1.0) (< netstandard1.3) (< monoandroid) (< win8) (< wp8) (< wpa81)) (&& (< net45) (>= netstandard1.3) (< monotouch) (< xamarintvos) (< xamarinwatchos) (< xamarinios) (< xamarinmac) (< win8) (< wpa81)) (&& (>= dnxcore50) (>= portable-net45+win8+wp8+wpa81))
      System.IO.FileSystem (>= 4.3) - restriction: || (&& (< net45) (>= netstandard1.3) (< monotouch) (< xamarintvos) (< xamarinwatchos) (< xamarinios) (< xamarinmac) (< win8) (< wpa81)) (&& (>= dnxcore50) (>= portable-net45+win8+wp8+wpa81))
      System.IO.FileSystem.Primitives (>= 4.3) - restriction: || (&& (< net45) (>= netstandard1.3) (< monotouch) (< xamarintvos) (< xamarinwatchos) (< xamarinios) (< xamarinmac) (< win8) (< wpa81)) (&& (>= dnxcore50) (>= portable-net45+win8+wp8+wpa81))
      System.Resources.ResourceManager (>= 4.3) - restriction: || (&& (< net45) (>= netstandard1.3) (< monotouch) (< xamarintvos) (< xamarinwatchos) (< xamarinios) (< xamarinmac) (< win8) (< wpa81)) (&& (>= dnxcore50) (>= portable-net45+win8+wp8+wpa81))
      System.Runtime (>= 4.3) - restriction: || (&& (< net45) (>= netstandard1.0) (< netstandard1.3) (< monoandroid) (< win8) (< wp8) (< wpa81)) (&& (< net45) (>= netstandard1.3) (< monotouch) (< xamarintvos) (< xamarinwatchos) (< xamarinios) (< xamarinmac) (< win8) (< wpa81)) (&& (>= dnxcore50) (>= portable-net45+win8+wp8+wpa81))
      System.Runtime.Extensions (>= 4.3) - restriction: || (&& (< net45) (>= netstandard1.3) (< monotouch) (< xamarintvos) (< xamarinwatchos) (< xamarinios) (< xamarinmac) (< win8) (< wpa81)) (&& (>= dnxcore50) (>= portable-net45+win8+wp8+wpa81))
      System.Runtime.InteropServices (>= 4.3) - restriction: || (&& (< net45) (>= netstandard1.3) (< monotouch) (< xamarintvos) (< xamarinwatchos) (< xamarinios) (< xamarinmac) (< win8) (< wpa81)) (&& (>= dnxcore50) (>= portable-net45+win8+wp8+wpa81))
      System.Text.Encoding (>= 4.3) - restriction: || (&& (< net45) (>= netstandard1.0) (< netstandard1.3) (< monoandroid) (< win8) (< wp8) (< wpa81)) (&& (< net45) (>= netstandard1.3) (< monotouch) (< xamarintvos) (< xamarinwatchos) (< xamarinios) (< xamarinmac) (< win8) (< wpa81)) (&& (>= dnxcore50) (>= portable-net45+win8+wp8+wpa81))
      System.Text.Encoding.Extensions (>= 4.3) - restriction: || (&& (< net45) (>= netstandard1.3) (< monotouch) (< xamarintvos) (< xamarinwatchos) (< xamarinios) (< xamarinmac) (< win8) (< wpa81)) (&& (>= dnxcore50) (>= portable-net45+win8+wp8+wpa81))
      System.Text.RegularExpressions (>= 4.3) - restriction: || (&& (< net45) (>= netstandard1.3) (< monotouch) (< xamarintvos) (< xamarinwatchos) (< xamarinios) (< xamarinmac) (< win8) (< wpa81)) (&& (>= dnxcore50) (>= portable-net45+win8+wp8+wpa81))
      System.Threading.Tasks (>= 4.3) - restriction: || (&& (< net45) (>= netstandard1.0) (< netstandard1.3) (< monoandroid) (< win8) (< wp8) (< wpa81)) (&& (< net45) (>= netstandard1.3) (< monotouch) (< xamarintvos) (< xamarinwatchos) (< xamarinios) (< xamarinmac) (< win8) (< wpa81)) (&& (>= dnxcore50) (>= portable-net45+win8+wp8+wpa81))
      System.Threading.Tasks.Extensions (>= 4.3) - restriction: || (&& (< net45) (>= netstandard1.3) (< monotouch) (< xamarintvos) (< xamarinwatchos) (< xamarinios) (< xamarinmac) (< win8) (< wpa81)) (&& (>= dnxcore50) (>= portable-net45+win8+wp8+wpa81))
    System.Xml.XDocument (4.3) - restriction: || (&& (< net45) (>= netstandard1.1) (< portable-net451+win81+wpa81)) (&& (< net45) (>= netstandard1.2) (< netstandard1.3) (< monoandroid) (< wpa81)) (&& (< net45) (>= netstandard1.3) (< netstandard1.4) (< monoandroid) (< wpa81)) (&& (< net45) (>= netstandard1.4) (< netstandard1.5) (< monoandroid) (< wpa81)) (&& (< net45) (>= netstandard1.5) (< netstandard1.6) (< monoandroid)) (&& (>= uap10.0) (< uap10.1)) (&& (>= netstandard1.1) (< portable-net45+win8+wpa81)) (&& (>= netstandard1.6) (< netstandard2.0) (< monotouch) (< xamarintvos) (< xamarinwatchos) (< xamarinios) (< xamarinmac))
      System.Collections (>= 4.3) - restriction: || (&& (< net45) (>= netstandard1.3) (< monotouch) (< xamarintvos) (< xamarinwatchos) (< xamarinios) (< xamarinmac) (< win8) (< wpa81)) (&& (>= dnxcore50) (>= portable-net45+win8+wp8+wpa81))
      System.Diagnostics.Debug (>= 4.3) - restriction: || (&& (< net45) (>= netstandard1.3) (< monotouch) (< xamarintvos) (< xamarinwatchos) (< xamarinios) (< xamarinmac) (< win8) (< wpa81)) (&& (>= dnxcore50) (>= portable-net45+win8+wp8+wpa81))
      System.Diagnostics.Tools (>= 4.3) - restriction: || (&& (< net45) (>= netstandard1.3) (< monotouch) (< xamarintvos) (< xamarinwatchos) (< xamarinios) (< xamarinmac) (< win8) (< wpa81)) (&& (>= dnxcore50) (>= portable-net45+win8+wp8+wpa81))
      System.Globalization (>= 4.3) - restriction: || (&& (< net45) (>= netstandard1.3) (< monotouch) (< xamarintvos) (< xamarinwatchos) (< xamarinios) (< xamarinmac) (< win8) (< wpa81)) (&& (>= dnxcore50) (>= portable-net45+win8+wp8+wpa81))
      System.IO (>= 4.3) - restriction: || (&& (< net45) (>= netstandard1.0) (< netstandard1.3) (< monoandroid) (< win8) (< wp8) (< wpa81)) (&& (< net45) (>= netstandard1.3) (< monotouch) (< xamarintvos) (< xamarinwatchos) (< xamarinios) (< xamarinmac) (< win8) (< wpa81)) (&& (>= dnxcore50) (>= portable-net45+win8+wp8+wpa81))
      System.Reflection (>= 4.3) - restriction: || (&& (< net45) (>= netstandard1.3) (< monotouch) (< xamarintvos) (< xamarinwatchos) (< xamarinios) (< xamarinmac) (< win8) (< wpa81)) (&& (>= dnxcore50) (>= portable-net45+win8+wp8+wpa81))
      System.Resources.ResourceManager (>= 4.3) - restriction: || (&& (< net45) (>= netstandard1.3) (< monotouch) (< xamarintvos) (< xamarinwatchos) (< xamarinios) (< xamarinmac) (< win8) (< wpa81)) (&& (>= dnxcore50) (>= portable-net45+win8+wp8+wpa81))
      System.Runtime (>= 4.3) - restriction: || (&& (< net45) (>= netstandard1.0) (< netstandard1.3) (< monoandroid) (< win8) (< wp8) (< wpa81)) (&& (< net45) (>= netstandard1.3) (< monotouch) (< xamarintvos) (< xamarinwatchos) (< xamarinios) (< xamarinmac) (< win8) (< wpa81)) (&& (>= dnxcore50) (>= portable-net45+win8+wp8+wpa81))
      System.Runtime.Extensions (>= 4.3) - restriction: || (&& (< net45) (>= netstandard1.3) (< monotouch) (< xamarintvos) (< xamarinwatchos) (< xamarinios) (< xamarinmac) (< win8) (< wpa81)) (&& (>= dnxcore50) (>= portable-net45+win8+wp8+wpa81))
      System.Text.Encoding (>= 4.3) - restriction: || (&& (< net45) (>= netstandard1.3) (< monotouch) (< xamarintvos) (< xamarinwatchos) (< xamarinios) (< xamarinmac) (< win8) (< wpa81)) (&& (>= dnxcore50) (>= portable-net45+win8+wp8+wpa81))
      System.Threading (>= 4.3) - restriction: || (&& (< net45) (>= netstandard1.3) (< monotouch) (< xamarintvos) (< xamarinwatchos) (< xamarinios) (< xamarinmac) (< win8) (< wpa81)) (&& (>= dnxcore50) (>= portable-net45+win8+wp8+wpa81))
      System.Xml.ReaderWriter (>= 4.3) - restriction: || (&& (< net45) (>= netstandard1.0) (< netstandard1.3) (< monoandroid) (< win8) (< wp8) (< wpa81)) (&& (< net45) (>= netstandard1.3) (< monotouch) (< xamarintvos) (< xamarinwatchos) (< xamarinios) (< xamarinmac) (< win8) (< wpa81)) (&& (>= dnxcore50) (>= portable-net45+win8+wp8+wpa81))
    WPtoolkit (4.2013.8.16) - restriction: >= wp8
    Xamarin.Android.Support.Animated.Vector.Drawable (23.3) - restriction: >= monoandroid
      Xamarin.Android.Support.v4 (23.3)
      Xamarin.Android.Support.Vector.Drawable (23.3)
    Xamarin.Android.Support.Design (23.3) - restriction: >= monoandroid
      Xamarin.Android.Support.v4 (23.3)
      Xamarin.Android.Support.v7.AppCompat (23.3)
      Xamarin.Android.Support.v7.RecyclerView (23.3)
    Xamarin.Android.Support.v4 (23.3) - restriction: >= monoandroid
    Xamarin.Android.Support.v7.AppCompat (23.3) - restriction: >= monoandroid
      Xamarin.Android.Support.Animated.Vector.Drawable (23.3)
      Xamarin.Android.Support.v4 (23.3)
      Xamarin.Android.Support.Vector.Drawable (23.3)
    Xamarin.Android.Support.v7.CardView (23.3) - restriction: >= monoandroid
    Xamarin.Android.Support.v7.MediaRouter (23.3) - restriction: >= monoandroid
      Xamarin.Android.Support.v4 (23.3)
      Xamarin.Android.Support.v7.AppCompat (23.3)
    Xamarin.Android.Support.v7.RecyclerView (23.3) - restriction: >= monoandroid
      Xamarin.Android.Support.v4 (23.3)
    Xamarin.Android.Support.Vector.Drawable (23.3) - restriction: >= monoandroid
      Xamarin.Android.Support.v4 (23.3)
    Xamarin.Forms (2.3.4.267)
      WPtoolkit (>= 4.2013.8.16) - restriction: >= wp8
      Xamarin.Android.Support.Design (>= 23.3) - restriction: >= monoandroid7.0
      Xamarin.Android.Support.Design (23.3) - restriction: && (>= monoandroid) (< monoandroid7.0)
      Xamarin.Android.Support.v4 (>= 23.3) - restriction: >= monoandroid7.0
      Xamarin.Android.Support.v4 (23.3) - restriction: && (>= monoandroid) (< monoandroid7.0)
      Xamarin.Android.Support.v7.AppCompat (>= 23.3) - restriction: >= monoandroid7.0
      Xamarin.Android.Support.v7.AppCompat (23.3) - restriction: && (>= monoandroid) (< monoandroid7.0)
      Xamarin.Android.Support.v7.CardView (>= 23.3) - restriction: >= monoandroid7.0
      Xamarin.Android.Support.v7.CardView (23.3) - restriction: && (>= monoandroid) (< monoandroid7.0)
      Xamarin.Android.Support.v7.MediaRouter (>= 23.3) - restriction: >= monoandroid7.0
      Xamarin.Android.Support.v7.MediaRouter (23.3) - restriction: && (>= monoandroid) (< monoandroid7.0)
GITHUB
  remote: fsharp/FAKE
    modules/Octokit/Octokit.fsx (291f58cc70aba6dd871cf18e66d2d88357e4f208)
      Octokit (>= 0.20)
GROUP Test
NUGET
  remote: https://www.nuget.org/api/v2
    NUnit (2.6.4)
    NUnit.Runners (2.6.4)
